{
  "aor": 0.00037111570247933885,
  "aqi": 0.008087397479338844,
  "bids_meta": {
    "AcquisitionMatrixPE": 64,
    "AcquisitionNumber": 1,
    "AcquisitionTime": "12:50:34.925000",
    "BandwidthPerPixelPhaseEncode": 60.096,
    "BodyPartExamined": "BRAIN",
    "CogAtlasID": "https://cognitiveatlas.org/task/id/trm_4c898f8f297ac/",
    "CoilString": "HeadNeck_MRPET",
    "ConversionSoftware": "dcm2niix",
    "ConversionSoftwareVersion": "v1.0.20190410  GCC6.3.0",
    "DerivedVendorReportedEchoSpacing": 0.000520001,
    "DeviceSerialNumber": "51066",
    "EchoTime": 0.03,
    "EchoTrainLength": 31,
    "EffectiveEchoSpacing": 0.000260001,
    "FlipAngle": 90,
    "ImageOrientationPatientDICOM": [
      1,
      0,
      0,
      0,
      0.995056,
      -0.0993197
    ],
    "ImageType": [
      "ORIGINAL",
      "PRIMARY",
      "M",
      "ND",
      "MOSAIC"
    ],
    "ImagingFrequency": 123.24,
    "InPlanePhaseEncodingDirectionDICOM": "COL",
    "InstitutionAddress": "Blackburn_Road_770_Clayton_Victoria_AU_3168",
    "InstitutionName": "MONASH_BIOMEDICAL_IMAGING",
    "MRAcquisitionType": "2D",
    "MagneticFieldStrength": 3,
    "Manufacturer": "Siemens",
    "ManufacturersModelName": "Biograph_mMR",
    "Modality": "MR",
    "ParallelReductionFactorInPlane": 2,
    "PartialFourier": 0.96875,
    "PatientPosition": "HFS",
    "PercentPhaseFOV": 100,
    "PhaseEncodingDirection": "j-",
    "PixelBandwidth": 2300,
    "ProcedureStepDescription": "MR-PET_Scan",
    "ProtocolName": "Head_Full_checker_ep2D_task_bold",
    "ReceiveCoilActiveElements": "HEA;HEP",
    "ReconMatrixPE": 64,
    "RepetitionTime": 2.45,
    "ScanOptions": "FS",
    "ScanningSequence": "EP",
    "SequenceVariant": "SK",
    "SeriesDescription": "Head_Full_checker_ep2D_task_bold",
    "SeriesNumber": 13,
    "SliceThickness": 3,
    "SliceTiming": [
      0.001215,
      0.001215,
      0.001215,
      0.001215,
      0.001215,
      0.001215,
      0.001215,
      0.001215,
      0.001215,
      0.001215,
      0.001215,
      0.001215,
      0.001215,
      0.001215,
      0.001215,
      0.001215,
      0.001215,
      0.001215,
      0.001215,
      0.001215,
      0.001215,
      0.001215,
      0.001215,
      0.001215,
      0.001215,
      0.001215,
      0.001215,
      0.001215,
      0.001215,
      0.001215,
      0.001215,
      0.001215,
      0.001215,
      0.001215,
      0.001215,
      0.001215,
      0.001215,
      0.001215,
      0.001215,
      0.001215,
      0.001215,
      0.001215,
      0.001215,
      0.001215
    ],
    "SoftwareVersions": "syngo_MR_E11",
    "SpacingBetweenSlices": 3,
    "StationName": "MRC51066",
    "TaskName": "fullchecker",
    "TotalReadoutTime": 0.01638,
    "dataset": "ds003382",
    "modality": "bold",
    "run_id": 1,
    "subject_id": "16",
    "task_id": "fullchecker"
  },
  "dummy_trs": 0,
  "dvars_nstd": 33.92183884809127,
  "dvars_std": 1.063313917344398,
  "dvars_vstd": 1.0063860424066386,
  "efc": 0.5760446020990451,
  "fber": 636.1205444335938,
  "fd_mean": 0.06804231993581904,
  "fd_num": 2,
  "fd_perc": 0.8264462809917356,
  "fwhm_avg": 2.1226267933891685,
  "fwhm_x": 1.995253894736842,
  "fwhm_y": 2.2380463157894734,
  "fwhm_z": 2.13458016964119,
  "gcor": 0.00731173,
  "gsr_x": 0.002400223631411791,
  "gsr_y": 0.035752683877944946,
  "provenance": {
    "md5sum": "1fbed833e824354e906f5408f1f0a41b",
    "settings": {
      "fd_thres": 0.2,
      "testing": false
    },
    "software": "mriqc",
    "version": "23.0.1",
    "webapi_port": null,
    "webapi_url": "https://mriqc.nimh.nih.gov/api/v1"
  },
  "size_t": 242,
  "size_x": 64,
  "size_y": 64,
  "size_z": 44,
  "snr": 5.036004894108738,
  "spacing_tr": 2.450000047683716,
  "spacing_x": 2.96875,
  "spacing_y": 2.96875,
  "spacing_z": 2.999999761581421,
  "summary_bg_k": 23.45066123191119,
  "summary_bg_mad": 7.259846831738293,
  "summary_bg_mean": 46.97829055786133,
  "summary_bg_median": 28.388427734375,
  "summary_bg_n": 99495.0,
  "summary_bg_p05": 21.93801498413086,
  "summary_bg_p95": 143.03263854980406,
  "summary_bg_stdv": 58.20134735107422,
  "summary_fg_k": 1.1055026900595841,
  "summary_fg_mad": 130.41080960675842,
  "summary_fg_mean": 741.538330078125,
  "summary_fg_median": 725.6466674804688,
  "summary_fg_n": 41148.0,
  "summary_fg_p05": 541.7689880371094,
  "summary_fg_p95": 1004.6594543457031,
  "summary_fg_stdv": 144.08998107910156,
  "tsnr": 43.25615447375458
}