{
  "aor": 0.0013100826446280993,
  "aqi": 0.011405182851239667,
  "bids_meta": {
    "AcquisitionMatrixPE": 64,
    "AcquisitionNumber": 1,
    "AcquisitionTime": "13:53:11.092500",
    "BandwidthPerPixelPhaseEncode": 60.096,
    "BodyPartExamined": "BRAIN",
    "CogAtlasID": "https://cognitiveatlas.org/task/id/trm_4c898f8f297ac/",
    "CoilString": "HeadNeck_MRPET",
    "ConversionSoftware": "dcm2niix",
    "ConversionSoftwareVersion": "v1.0.20190410  GCC6.3.0",
    "DerivedVendorReportedEchoSpacing": 0.000520001,
    "DeviceSerialNumber": "51066",
    "EchoTime": 0.03,
    "EchoTrainLength": 31,
    "EffectiveEchoSpacing": 0.000260001,
    "FlipAngle": 90,
    "ImageOrientationPatientDICOM": [
      1,
      0,
      0,
      0,
      0.998342,
      -0.057564
    ],
    "ImageType": [
      "ORIGINAL",
      "PRIMARY",
      "M",
      "ND",
      "MOSAIC"
    ],
    "ImagingFrequency": 123.24,
    "InPlanePhaseEncodingDirectionDICOM": "COL",
    "InstitutionAddress": "Blackburn_Road_770_Clayton_Victoria_AU_3168",
    "InstitutionName": "MONASH_BIOMEDICAL_IMAGING",
    "MRAcquisitionType": "2D",
    "MagneticFieldStrength": 3,
    "Manufacturer": "Siemens",
    "ManufacturersModelName": "Biograph_mMR",
    "Modality": "MR",
    "ParallelReductionFactorInPlane": 2,
    "PartialFourier": 0.96875,
    "PatientPosition": "HFS",
    "PercentPhaseFOV": 100,
    "PhaseEncodingDirection": "j-",
    "PixelBandwidth": 2300,
    "ProcedureStepDescription": "MR-PET_Scan",
    "ProtocolName": "Head_Full_checker_ep2D_task_bold",
    "ReceiveCoilActiveElements": "HEA;HEP",
    "ReconMatrixPE": 64,
    "RepetitionTime": 2.45,
    "ScanOptions": "FS",
    "ScanningSequence": "EP",
    "SequenceVariant": "SK",
    "SeriesDescription": "Head_Full_checker_ep2D_task_bold",
    "SeriesNumber": 25,
    "SliceThickness": 3,
    "SliceTiming": [
      0.001215,
      0.001215,
      0.001215,
      0.001215,
      0.001215,
      0.001215,
      0.001215,
      0.001215,
      0.001215,
      0.001215,
      0.001215,
      0.001215,
      0.001215,
      0.001215,
      0.001215,
      0.001215,
      0.001215,
      0.001215,
      0.001215,
      0.001215,
      0.001215,
      0.001215,
      0.001215,
      0.001215,
      0.001215,
      0.001215,
      0.001215,
      0.001215,
      0.001215,
      0.001215,
      0.001215,
      0.001215,
      0.001215,
      0.001215,
      0.001215,
      0.001215,
      0.001215,
      0.001215,
      0.001215,
      0.001215,
      0.001215,
      0.001215,
      0.001215,
      0.001215
    ],
    "SoftwareVersions": "syngo_MR_E11",
    "SpacingBetweenSlices": 3,
    "StationName": "MRC51066",
    "TaskName": "fullchecker",
    "TotalReadoutTime": 0.01638,
    "dataset": "ds003382",
    "modality": "bold",
    "run_id": 2,
    "subject_id": "16",
    "task_id": "fullchecker"
  },
  "dummy_trs": 0,
  "dvars_nstd": 34.75795776705393,
  "dvars_std": 1.0648697626141075,
  "dvars_vstd": 1.019474068962655,
  "efc": 0.5765545412684338,
  "fber": 635.5702514648438,
  "fd_mean": 0.16646219557306868,
  "fd_num": 57,
  "fd_perc": 23.553719008264462,
  "fwhm_avg": 2.118837837876232,
  "fwhm_x": 1.994031157894737,
  "fwhm_y": 2.2450090224006267,
  "fwhm_z": 2.1174733333333333,
  "gcor": 0.0209403,
  "gsr_x": 0.0014145650202408433,
  "gsr_y": 0.03566829115152359,
  "provenance": {
    "md5sum": "cfa0c1810eb07eca8a57901bfec7105a",
    "settings": {
      "fd_thres": 0.2,
      "testing": false
    },
    "software": "mriqc",
    "version": "23.0.1",
    "webapi_port": null,
    "webapi_url": "https://mriqc.nimh.nih.gov/api/v1"
  },
  "size_t": 242,
  "size_x": 64,
  "size_y": 64,
  "size_z": 44,
  "snr": 5.1167635141763075,
  "spacing_tr": 2.450000047683716,
  "spacing_x": 2.96875,
  "spacing_y": 2.968749761581421,
  "spacing_z": 3.0,
  "summary_bg_k": 20.896425253207465,
  "summary_bg_mad": 7.425264120277615,
  "summary_bg_mean": 48.30589294433594,
  "summary_bg_median": 28.5289249420166,
  "summary_bg_n": 99708.0,
  "summary_bg_p05": 22.16942024230957,
  "summary_bg_p95": 151.700820159912,
  "summary_bg_stdv": 59.03700256347656,
  "summary_fg_k": 0.9358732452979863,
  "summary_fg_mad": 131.1979895810492,
  "summary_fg_mean": 744.93359375,
  "summary_fg_median": 730.6900634765625,
  "summary_fg_n": 40789.0,
  "summary_fg_p05": 545.6421142578125,
  "summary_fg_p95": 1005.4098754882812,
  "summary_fg_stdv": 142.80142211914062,
  "tsnr": 38.70029189775232
}