{
  "aor": 0.0003838736263736264,
  "aqi": 0.008970130521978023,
  "bids_meta": {
    "AcquisitionMatrixPE": 64,
    "AcquisitionNumber": 1,
    "AcquisitionTime": "13:00:57.537500",
    "BandwidthPerPixelPhaseEncode": 60.096,
    "BodyPartExamined": "BRAIN",
    "CogAtlasID": "https://cognitiveatlas.org/task/id/trm_54e69c642d89b/",
    "CoilString": "HeadNeck_MRPET",
    "ConversionSoftware": "dcm2niix",
    "ConversionSoftwareVersion": "v1.0.20190410  GCC6.3.0",
    "DerivedVendorReportedEchoSpacing": 0.000520001,
    "DeviceSerialNumber": "51066",
    "EchoTime": 0.03,
    "EchoTrainLength": 31,
    "EffectiveEchoSpacing": 0.000260001,
    "FlipAngle": 90,
    "ImageOrientationPatientDICOM": [
      1,
      0,
      0,
      0,
      0.995056,
      -0.0993197
    ],
    "ImageType": [
      "ORIGINAL",
      "PRIMARY",
      "M",
      "ND",
      "MOSAIC"
    ],
    "ImagingFrequency": 123.24,
    "InPlanePhaseEncodingDirectionDICOM": "COL",
    "InstitutionAddress": "Blackburn_Road_770_Clayton_Victoria_AU_3168",
    "InstitutionName": "MONASH_BIOMEDICAL_IMAGING",
    "MRAcquisitionType": "2D",
    "MagneticFieldStrength": 3,
    "Manufacturer": "Siemens",
    "ManufacturersModelName": "Biograph_mMR",
    "Modality": "MR",
    "ParallelReductionFactorInPlane": 2,
    "PartialFourier": 0.96875,
    "PatientPosition": "HFS",
    "PercentPhaseFOV": 100,
    "PhaseEncodingDirection": "j-",
    "PixelBandwidth": 2300,
    "ProcedureStepDescription": "MR-PET_Scan",
    "ProtocolName": "Head_Resting_1_ep2D_task_bold",
    "ReceiveCoilActiveElements": "HEA;HEP",
    "ReconMatrixPE": 64,
    "RepetitionTime": 2.45,
    "ScanOptions": "FS",
    "ScanningSequence": "EP",
    "SequenceVariant": "SK",
    "SeriesDescription": "Head_Resting_1_ep2D_task_bold",
    "SeriesNumber": 15,
    "SliceThickness": 3,
    "SliceTiming": [
      0.001215,
      0.001215,
      0.001215,
      0.001215,
      0.001215,
      0.001215,
      0.001215,
      0.001215,
      0.001215,
      0.001215,
      0.001215,
      0.001215,
      0.001215,
      0.001215,
      0.001215,
      0.001215,
      0.001215,
      0.001215,
      0.001215,
      0.001215,
      0.001215,
      0.001215,
      0.001215,
      0.001215,
      0.001215,
      0.001215,
      0.001215,
      0.001215,
      0.001215,
      0.001215,
      0.001215,
      0.001215,
      0.001215,
      0.001215,
      0.001215,
      0.001215,
      0.001215,
      0.001215,
      0.001215,
      0.001215,
      0.001215,
      0.001215,
      0.001215,
      0.001215
    ],
    "SoftwareVersions": "syngo_MR_E11",
    "SpacingBetweenSlices": 3,
    "StationName": "MRC51066",
    "TaskName": "rest",
    "TotalReadoutTime": 0.01638,
    "dataset": "ds003382",
    "modality": "bold",
    "run_id": 1,
    "subject_id": "16",
    "task_id": "rest"
  },
  "dummy_trs": 0,
  "dvars_nstd": 33.97451700250691,
  "dvars_std": 1.0573682304407725,
  "dvars_vstd": 1.000732588236915,
  "efc": 0.5765329195815386,
  "fber": 643.5153198242188,
  "fd_mean": 0.0792761793407377,
  "fd_num": 14,
  "fd_perc": 3.8461538461538463,
  "fwhm_avg": 2.136194173527762,
  "fwhm_x": 2.0072084210526318,
  "fwhm_y": 2.265977263157895,
  "fwhm_z": 2.1353968363727596,
  "gcor": 0.0114314,
  "gsr_x": 0.0010260265553370118,
  "gsr_y": 0.040305230766534805,
  "provenance": {
    "md5sum": "5a7ed173ef47ce174a37e2c7f232a223",
    "settings": {
      "fd_thres": 0.2,
      "testing": false
    },
    "software": "mriqc",
    "version": "23.0.1",
    "webapi_port": null,
    "webapi_url": "https://mriqc.nimh.nih.gov/api/v1"
  },
  "size_t": 364,
  "size_x": 64,
  "size_y": 64,
  "size_z": 44,
  "snr": 5.084144319477816,
  "spacing_tr": 2.450000047683716,
  "spacing_x": 2.96875,
  "spacing_y": 2.96875,
  "spacing_z": 2.999999761581421,
  "summary_bg_k": 33.1219205795229,
  "summary_bg_mad": 7.034216360675932,
  "summary_bg_mean": 47.848609924316406,
  "summary_bg_median": 28.14011001586914,
  "summary_bg_n": 99505.0,
  "summary_bg_p05": 21.934066772460938,
  "summary_bg_p95": 149.42912292480457,
  "summary_bg_stdv": 63.41033935546875,
  "summary_fg_k": 1.0690758449633435,
  "summary_fg_mad": 129.47517937981513,
  "summary_fg_mean": 741.3790283203125,
  "summary_fg_median": 726.5824584960938,
  "summary_fg_n": 41054.0,
  "summary_fg_p05": 542.0545196533203,
  "summary_fg_p95": 1003.3990631103514,
  "summary_fg_stdv": 142.9097137451172,
  "tsnr": 42.52716528531164
}