{
  "aor": 0.0017533884297520662,
  "aqi": 0.008770936446280993,
  "bids_meta": {
    "AcquisitionMatrixPE": 64,
    "AcquisitionNumber": 1,
    "AcquisitionTime": "13:16:20.540000",
    "BandwidthPerPixelPhaseEncode": 60.096,
    "BodyPartExamined": "BRAIN",
    "CogAtlasID": "https://cognitiveatlas.org/task/id/trm_4c898f8f297ac/",
    "CoilString": "HeadNeck_MRPET",
    "ConversionSoftware": "dcm2niix",
    "ConversionSoftwareVersion": "v1.0.20190410  GCC6.3.0",
    "DerivedVendorReportedEchoSpacing": 0.000520001,
    "DeviceSerialNumber": "51066",
    "EchoTime": 0.03,
    "EchoTrainLength": 31,
    "EffectiveEchoSpacing": 0.000260001,
    "FlipAngle": 90,
    "ImageOrientationPatientDICOM": [
      1,
      0,
      0,
      0,
      0.998135,
      -0.0610485
    ],
    "ImageType": [
      "ORIGINAL",
      "PRIMARY",
      "M",
      "ND",
      "MOSAIC"
    ],
    "ImagingFrequency": 123.24,
    "InPlanePhaseEncodingDirectionDICOM": "COL",
    "InstitutionAddress": "Blackburn_Road_770_Clayton_Victoria_AU_3168",
    "InstitutionName": "MONASH_BIOMEDICAL_IMAGING",
    "MRAcquisitionType": "2D",
    "MagneticFieldStrength": 3,
    "Manufacturer": "Siemens",
    "ManufacturersModelName": "Biograph_mMR",
    "Modality": "MR",
    "ParallelReductionFactorInPlane": 2,
    "PartialFourier": 0.96875,
    "PatientPosition": "HFS",
    "PercentPhaseFOV": 100,
    "PhaseEncodingDirection": "j-",
    "PixelBandwidth": 2300,
    "ProcedureStepDescription": "MR-PET_Scan",
    "ProtocolName": "Head_Half_checker_board_2_ep2D_task_bold",
    "ReceiveCoilActiveElements": "HEA;HEP",
    "ReconMatrixPE": 64,
    "RepetitionTime": 2.45,
    "ScanOptions": "FS",
    "ScanningSequence": "EP",
    "SequenceVariant": "SK",
    "SeriesDescription": "Head_Half_checker_board_2_ep2D_task_bold",
    "SeriesNumber": 17,
    "SliceThickness": 3,
    "SliceTiming": [
      0.001215,
      0.001215,
      0.001215,
      0.001215,
      0.001215,
      0.001215,
      0.001215,
      0.001215,
      0.001215,
      0.001215,
      0.001215,
      0.001215,
      0.001215,
      0.001215,
      0.001215,
      0.001215,
      0.001215,
      0.001215,
      0.001215,
      0.001215,
      0.001215,
      0.001215,
      0.001215,
      0.001215,
      0.001215,
      0.001215,
      0.001215,
      0.001215,
      0.001215,
      0.001215,
      0.001215,
      0.001215,
      0.001215,
      0.001215,
      0.001215,
      0.001215,
      0.001215,
      0.001215,
      0.001215,
      0.001215,
      0.001215,
      0.001215,
      0.001215,
      0.001215
    ],
    "SoftwareVersions": "syngo_MR_E11",
    "SpacingBetweenSlices": 3,
    "StationName": "MRC51066",
    "TaskName": "halfchecker",
    "TotalReadoutTime": 0.01638,
    "dataset": "ds003382",
    "modality": "bold",
    "run_id": 1,
    "subject_id": "16",
    "task_id": "halfchecker"
  },
  "dummy_trs": 0,
  "dvars_nstd": 33.241781664249984,
  "dvars_std": 1.07412046075,
  "dvars_vstd": 1.0204632541666665,
  "efc": 0.5764146893463844,
  "fber": 642.2417602539062,
  "fd_mean": 0.08178146380398796,
  "fd_num": 5,
  "fd_perc": 4.132231404958677,
  "fwhm_avg": 2.119899707602339,
  "fwhm_x": 1.993024,
  "fwhm_y": 2.2481717894736843,
  "fwhm_z": 2.1185033333333334,
  "gcor": 0.0156994,
  "gsr_x": 0.0016069270204752684,
  "gsr_y": 0.035896457731723785,
  "provenance": {
    "md5sum": "86766c29d1260f74f09a2072a480d276",
    "settings": {
      "fd_thres": 0.2,
      "testing": false
    },
    "software": "mriqc",
    "version": "23.0.1",
    "webapi_port": null,
    "webapi_url": "https://mriqc.nimh.nih.gov/api/v1"
  },
  "size_t": 121,
  "size_x": 64,
  "size_y": 64,
  "size_z": 44,
  "snr": 5.0644092975790675,
  "spacing_tr": 2.450000047683716,
  "spacing_x": 2.96875,
  "spacing_y": 2.96875,
  "spacing_z": 3.0,
  "summary_bg_k": 21.810812824289354,
  "summary_bg_mad": 7.462023203526429,
  "summary_bg_mean": 47.79961395263672,
  "summary_bg_median": 28.231403350830078,
  "summary_bg_n": 99512.0,
  "summary_bg_p05": 21.46280860900879,
  "summary_bg_p95": 150.56941757202145,
  "summary_bg_stdv": 59.35396194458008,
  "summary_fg_k": 1.023679998717025,
  "summary_fg_mad": 130.199422962323,
  "summary_fg_mean": 744.0802001953125,
  "summary_fg_median": 728.5908813476562,
  "summary_fg_n": 41010.0,
  "summary_fg_p05": 543.710693359375,
  "summary_fg_p95": 1007.7921051025388,
  "summary_fg_stdv": 143.86317443847656,
  "tsnr": 42.84597224649042
}