{
  "aor": 0.0013362500000000002,
  "aqi": 0.00841869625,
  "bids_meta": {
    "AcquisitionMatrixPE": 64,
    "AcquisitionNumber": 1,
    "AcquisitionTime": "13:27:10.970000",
    "BandwidthPerPixelPhaseEncode": 60.096,
    "BodyPartExamined": "BRAIN",
    "CogAtlasID": "https://cognitiveatlas.org/task/id/trm_4c898f8f297ac/",
    "CoilString": "HeadNeck_MRPET",
    "ConversionSoftware": "dcm2niix",
    "ConversionSoftwareVersion": "v1.0.20190410  GCC6.3.0",
    "DerivedVendorReportedEchoSpacing": 0.000520001,
    "DeviceSerialNumber": "51066",
    "EchoTime": 0.03,
    "EchoTrainLength": 31,
    "EffectiveEchoSpacing": 0.000260001,
    "FlipAngle": 90,
    "ImageOrientationPatientDICOM": [
      1,
      0,
      0,
      0,
      0.998806,
      -0.0488498
    ],
    "ImageType": [
      "ORIGINAL",
      "PRIMARY",
      "M",
      "ND",
      "MOSAIC"
    ],
    "ImagingFrequency": 123.24,
    "InPlanePhaseEncodingDirectionDICOM": "COL",
    "InstitutionAddress": "Blackburn_Road_770_Clayton_Victoria_AU_3168",
    "InstitutionName": "MONASH_BIOMEDICAL_IMAGING",
    "MRAcquisitionType": "2D",
    "MagneticFieldStrength": 3,
    "Manufacturer": "Siemens",
    "ManufacturersModelName": "Biograph_mMR",
    "Modality": "MR",
    "ParallelReductionFactorInPlane": 2,
    "PartialFourier": 0.96875,
    "PatientPosition": "HFS",
    "PercentPhaseFOV": 100,
    "PhaseEncodingDirection": "j-",
    "PixelBandwidth": 2300,
    "ProcedureStepDescription": "MR-PET_Scan",
    "ProtocolName": "Head_Half_checker_board_2_ep2D_task_bold",
    "ReceiveCoilActiveElements": "HEA;HEP",
    "ReconMatrixPE": 64,
    "RepetitionTime": 2.45,
    "ScanOptions": "FS",
    "ScanningSequence": "EP",
    "SequenceVariant": "SK",
    "SeriesDescription": "Head_Half_checker_board_2_ep2D_task_bold",
    "SeriesNumber": 21,
    "SliceThickness": 3,
    "SliceTiming": [
      0.001215,
      0.001215,
      0.001215,
      0.001215,
      0.001215,
      0.001215,
      0.001215,
      0.001215,
      0.001215,
      0.001215,
      0.001215,
      0.001215,
      0.001215,
      0.001215,
      0.001215,
      0.001215,
      0.001215,
      0.001215,
      0.001215,
      0.001215,
      0.001215,
      0.001215,
      0.001215,
      0.001215,
      0.001215,
      0.001215,
      0.001215,
      0.001215,
      0.001215,
      0.001215,
      0.001215,
      0.001215,
      0.001215,
      0.001215,
      0.001215,
      0.001215,
      0.001215,
      0.001215,
      0.001215,
      0.001215,
      0.001215,
      0.001215,
      0.001215,
      0.001215
    ],
    "SoftwareVersions": "syngo_MR_E11",
    "SpacingBetweenSlices": 3,
    "StationName": "MRC51066",
    "TaskName": "halfchecker",
    "TotalReadoutTime": 0.01638,
    "dataset": "ds003382",
    "modality": "bold",
    "run_id": 2,
    "subject_id": "16",
    "task_id": "halfchecker"
  },
  "dummy_trs": 1,
  "dvars_nstd": 33.64331676571428,
  "dvars_std": 1.056963546134454,
  "dvars_vstd": 1.008575439159664,
  "efc": 0.5764538459837506,
  "fber": 635.4484252929688,
  "fd_mean": 0.11102022963976416,
  "fd_num": 14,
  "fd_perc": 11.666666666666666,
  "fwhm_avg": 2.135981157894737,
  "fwhm_x": 2.011203368421053,
  "fwhm_y": 2.258570105263158,
  "fwhm_z": 2.13817,
  "gcor": 0.0199692,
  "gsr_x": 0.0020443624816834927,
  "gsr_y": 0.035896748304367065,
  "provenance": {
    "md5sum": "5bdcf3947c86140d917b5c17db644d00",
    "settings": {
      "fd_thres": 0.2,
      "testing": false
    },
    "software": "mriqc",
    "version": "23.0.1",
    "webapi_port": null,
    "webapi_url": "https://mriqc.nimh.nih.gov/api/v1"
  },
  "size_t": 120,
  "size_x": 64,
  "size_y": 64,
  "size_z": 44,
  "snr": 5.053041592759347,
  "spacing_tr": 2.450000047683716,
  "spacing_x": 2.96875,
  "spacing_y": 2.96875,
  "spacing_z": 3.0,
  "summary_bg_k": 21.881422905980386,
  "summary_bg_mad": 7.548917049981507,
  "summary_bg_mean": 47.79704666137695,
  "summary_bg_median": 28.491668701171875,
  "summary_bg_n": 99633.0,
  "summary_bg_p05": 21.84166717529297,
  "summary_bg_p95": 149.08166809081996,
  "summary_bg_stdv": 58.75383377075195,
  "summary_fg_k": 1.0345525862064937,
  "summary_fg_mad": 131.66745615268047,
  "summary_fg_mean": 743.6082153320312,
  "summary_fg_median": 728.5833740234375,
  "summary_fg_n": 40987.0,
  "summary_fg_p05": 543.4000244140625,
  "summary_fg_p95": 1007.8200744628906,
  "summary_fg_stdv": 144.18533325195312,
  "tsnr": 43.091290094307624
}