{
  "aor": 0.0016705785123966946,
  "aqi": 0.01974050082644628,
  "bids_meta": {
    "AcquisitionMatrixPE": 64,
    "AcquisitionNumber": 1,
    "AcquisitionTime": "11:43:42.040000",
    "BandwidthPerPixelPhaseEncode": 56.818,
    "CogAtlasID": "https://cognitiveatlas.org/task/id/trm_54e69c642d89b/",
    "CoilString": "NN",
    "ConversionSoftware": "dcm2niix",
    "ConversionSoftwareVersion": "v1.0.20190410  GCC6.3.0",
    "DerivedVendorReportedEchoSpacing": 0.000550002,
    "DeviceSerialNumber": "51066",
    "EchoTime": 0.03,
    "EffectiveEchoSpacing": 0.000275001,
    "FlipAngle": 90,
    "ImageOrientationPatientDICOM": [
      0.999543,
      0.0040689,
      0.0299672,
      1.42124e-08,
      0.990908,
      -0.134544
    ],
    "ImageType": [
      "ORIGINAL",
      "PRIMARY",
      "M",
      "ND",
      "NORM",
      "MOSAIC"
    ],
    "ImagingFrequency": 123.24,
    "InPlanePhaseEncodingDirectionDICOM": "COL",
    "InstitutionAddress": "Blackburn_Road_770_Clayton_Victoria_AU_3168",
    "InstitutionName": "Monash_Biomedical_Imaging",
    "MRAcquisitionType": "2D",
    "MagneticFieldStrength": 3,
    "Manufacturer": "Siemens",
    "ManufacturersModelName": "Biograph_mMR",
    "Modality": "MR",
    "ParallelReductionFactorInPlane": 2,
    "PatientPosition": "HFS",
    "PercentPhaseFOV": 100,
    "PhaseEncodingDirection": "j-",
    "PixelBandwidth": 2367,
    "ProcedureStepDescription": "MR-PET_Scan",
    "ProtocolName": "Rest_ep2d_task_bold",
    "ReceiveCoilActiveElements": "T:HEA;HEP",
    "ReconMatrixPE": 64,
    "RepetitionTime": 2.45,
    "ScanOptions": "FS",
    "ScanningSequence": "EP",
    "SequenceVariant": "SK",
    "SeriesDescription": "Rest_ep2d_task_bold",
    "SeriesNumber": 23,
    "SliceThickness": 3,
    "SliceTiming": [
      0.00123,
      0.00123,
      0.00123,
      0.00123,
      0.00123,
      0.00123,
      0.00123,
      0.00123,
      0.00123,
      0.00123,
      0.00123,
      0.00123,
      0.00123,
      0.00123,
      0.00123,
      0.00123,
      0.00123,
      0.00123,
      0.00123,
      0.00123,
      0.00123,
      0.00123,
      0.00123,
      0.00123,
      0.00123,
      0.00123,
      0.00123,
      0.00123,
      0.00123,
      0.00123,
      0.00123,
      0.00123,
      0.00123,
      0.00123,
      0.00123,
      0.00123,
      0.00123,
      0.00123,
      0.00123,
      0.00123,
      0.00123,
      0.00123,
      0.00123,
      0.00123
    ],
    "SoftwareVersions": "syngo_MR_B20P",
    "SpacingBetweenSlices": 3,
    "StationName": "MRC51066",
    "TaskName": "rest",
    "TotalReadoutTime": 0.0173251,
    "dataset": "ds003382",
    "modality": "bold",
    "run_id": 2,
    "subject_id": "02",
    "task_id": "rest"
  },
  "dummy_trs": 0,
  "dvars_nstd": 44.93852162366664,
  "dvars_std": 1.1401364191666665,
  "dvars_vstd": 1.0119687711666663,
  "efc": 0.5634910506877213,
  "fber": 815.7726440429688,
  "fd_mean": 0.4693546639350649,
  "fd_num": 99,
  "fd_perc": 81.81818181818181,
  "fwhm_avg": 1.662752783625731,
  "fwhm_x": 1.566656,
  "fwhm_y": 1.7906256842105264,
  "fwhm_z": 1.6309766666666665,
  "gcor": 0.0156841,
  "gsr_x": -0.01335968542844057,
  "gsr_y": 0.022815337404608727,
  "provenance": {
    "md5sum": "a1f0e40a6f311146cbf6e13447fbbcc3",
    "settings": {
      "fd_thres": 0.2,
      "testing": false
    },
    "software": "mriqc",
    "version": "23.0.1",
    "webapi_port": null,
    "webapi_url": "https://mriqc.nimh.nih.gov/api/v1"
  },
  "size_t": 121,
  "size_x": 64,
  "size_y": 64,
  "size_z": 44,
  "snr": 6.667849767491386,
  "spacing_tr": 2.450000047683716,
  "spacing_x": 2.96875,
  "spacing_y": 2.96875,
  "spacing_z": 3.0,
  "summary_bg_k": 22.744295436312022,
  "summary_bg_mad": 12.044613164288887,
  "summary_bg_mean": 44.32072830200195,
  "summary_bg_median": 24.1652889251709,
  "summary_bg_n": 104269.0,
  "summary_bg_p05": 12.256197929382324,
  "summary_bg_p95": 154.82644042968678,
  "summary_bg_stdv": 65.74774169921875,
  "summary_fg_k": 4.647777444073425,
  "summary_fg_mad": 79.46011295605393,
  "summary_fg_mean": 706.502197265625,
  "summary_fg_median": 698.7520141601562,
  "summary_fg_n": 38152.0,
  "summary_fg_p05": 571.3689758300782,
  "summary_fg_p95": 876.0635894775389,
  "summary_fg_stdv": 104.79283142089844,
  "tsnr": 41.51234044902958
}