{
  "aor": 0.0037988429752066114,
  "aqi": 0.02075580495867768,
  "bids_meta": {
    "AcquisitionMatrixPE": 64,
    "AcquisitionNumber": 1,
    "AcquisitionTime": "11:49:11.505000",
    "BandwidthPerPixelPhaseEncode": 56.818,
    "CogAtlasID": "https://cognitiveatlas.org/task/id/trm_4c898f8f297ac/",
    "CoilString": "NN",
    "ConversionSoftware": "dcm2niix",
    "ConversionSoftwareVersion": "v1.0.20190410  GCC6.3.0",
    "DerivedVendorReportedEchoSpacing": 0.000550002,
    "DeviceSerialNumber": "51066",
    "EchoTime": 0.03,
    "EffectiveEchoSpacing": 0.000275001,
    "FlipAngle": 90,
    "ImageOrientationPatientDICOM": [
      0.999543,
      0.0040689,
      0.0299672,
      1.42124e-08,
      0.990908,
      -0.134544
    ],
    "ImageType": [
      "ORIGINAL",
      "PRIMARY",
      "M",
      "ND",
      "NORM",
      "MOSAIC"
    ],
    "ImagingFrequency": 123.24,
    "InPlanePhaseEncodingDirectionDICOM": "COL",
    "InstitutionAddress": "Blackburn_Road_770_Clayton_Victoria_AU_3168",
    "InstitutionName": "Monash_Biomedical_Imaging",
    "MRAcquisitionType": "2D",
    "MagneticFieldStrength": 3,
    "Manufacturer": "Siemens",
    "ManufacturersModelName": "Biograph_mMR",
    "Modality": "MR",
    "ParallelReductionFactorInPlane": 2,
    "PatientPosition": "HFS",
    "PercentPhaseFOV": 100,
    "PhaseEncodingDirection": "j-",
    "PixelBandwidth": 2367,
    "ProcedureStepDescription": "MR-PET_Scan",
    "ProtocolName": "Half_checker_ep2d_task_bold",
    "ReceiveCoilActiveElements": "T:HEA;HEP",
    "ReconMatrixPE": 64,
    "RepetitionTime": 2.45,
    "ScanOptions": "FS",
    "ScanningSequence": "EP",
    "SequenceVariant": "SK",
    "SeriesDescription": "Half_checker_ep2d_task_bold",
    "SeriesNumber": 24,
    "SliceThickness": 3,
    "SliceTiming": [
      0.00123,
      0.00123,
      0.00123,
      0.00123,
      0.00123,
      0.00123,
      0.00123,
      0.00123,
      0.00123,
      0.00123,
      0.00123,
      0.00123,
      0.00123,
      0.00123,
      0.00123,
      0.00123,
      0.00123,
      0.00123,
      0.00123,
      0.00123,
      0.00123,
      0.00123,
      0.00123,
      0.00123,
      0.00123,
      0.00123,
      0.00123,
      0.00123,
      0.00123,
      0.00123,
      0.00123,
      0.00123,
      0.00123,
      0.00123,
      0.00123,
      0.00123,
      0.00123,
      0.00123,
      0.00123,
      0.00123,
      0.00123,
      0.00123,
      0.00123,
      0.00123
    ],
    "SoftwareVersions": "syngo_MR_B20P",
    "SpacingBetweenSlices": 3,
    "StationName": "MRC51066",
    "TaskName": "halfchecker",
    "TotalReadoutTime": 0.0173251,
    "dataset": "ds003382",
    "modality": "bold",
    "run_id": 2,
    "subject_id": "02",
    "task_id": "halfchecker"
  },
  "dummy_trs": 0,
  "dvars_nstd": 41.93267698333333,
  "dvars_std": 1.1254601514999998,
  "dvars_vstd": 1.0226563833333335,
  "efc": 0.5626559783716587,
  "fber": 827.9794311523438,
  "fd_mean": 0.32866442744415175,
  "fd_num": 72,
  "fd_perc": 59.50413223140496,
  "fwhm_avg": 1.6730199649122808,
  "fwhm_x": 1.5768387368421053,
  "fwhm_y": 1.803951157894737,
  "fwhm_z": 1.6382700000000001,
  "gcor": 0.015842,
  "gsr_x": -0.012391196563839912,
  "gsr_y": 0.018121303990483284,
  "provenance": {
    "md5sum": "9463aadcef6feb0193f288d39422b033",
    "settings": {
      "fd_thres": 0.2,
      "testing": false
    },
    "software": "mriqc",
    "version": "23.0.1",
    "webapi_port": null,
    "webapi_url": "https://mriqc.nimh.nih.gov/api/v1"
  },
  "size_t": 121,
  "size_x": 64,
  "size_y": 64,
  "size_z": 44,
  "snr": 6.6975028046473115,
  "spacing_tr": 2.450000047683716,
  "spacing_x": 2.96875,
  "spacing_y": 2.96875,
  "spacing_z": 3.0,
  "summary_bg_k": 21.783418144759366,
  "summary_bg_mad": 12.10587406127794,
  "summary_bg_mean": 43.74579620361328,
  "summary_bg_median": 24.033056259155273,
  "summary_bg_n": 104289.0,
  "summary_bg_p05": 11.983470916748047,
  "summary_bg_p95": 151.1702423095699,
  "summary_bg_stdv": 63.86820983886719,
  "summary_fg_k": 4.470195165187333,
  "summary_fg_mad": 80.02378051092889,
  "summary_fg_mean": 707.3182373046875,
  "summary_fg_median": 699.4710693359375,
  "summary_fg_n": 38208.0,
  "summary_fg_p05": 569.7082427978515,
  "summary_fg_p95": 878.9999389648438,
  "summary_fg_stdv": 104.43622589111328,
  "tsnr": 39.77053900365718
}