{
  "aor": 0.002966680497925312,
  "aqi": 0.022557829460580915,
  "bids_meta": {
    "AcquisitionMatrixPE": 64,
    "AcquisitionNumber": 1,
    "AcquisitionTime": "11:08:25.475000",
    "BandwidthPerPixelPhaseEncode": 56.818,
    "CogAtlasID": "https://cognitiveatlas.org/task/id/trm_4c898f8f297ac/",
    "CoilString": "NN",
    "ConversionSoftware": "dcm2niix",
    "ConversionSoftwareVersion": "v1.0.20190410  GCC6.3.0",
    "DerivedVendorReportedEchoSpacing": 0.000550002,
    "DeviceSerialNumber": "51066",
    "EchoTime": 0.03,
    "EffectiveEchoSpacing": 0.000275001,
    "FlipAngle": 90,
    "ImageOrientationPatientDICOM": [
      0.999543,
      0.0040689,
      0.0299672,
      1.42124e-08,
      0.990908,
      -0.134544
    ],
    "ImageType": [
      "ORIGINAL",
      "PRIMARY",
      "M",
      "ND",
      "NORM",
      "MOSAIC"
    ],
    "ImagingFrequency": 123.24,
    "InPlanePhaseEncodingDirectionDICOM": "COL",
    "InstitutionAddress": "Blackburn_Road_770_Clayton_Victoria_AU_3168",
    "InstitutionName": "Monash_Biomedical_Imaging",
    "MRAcquisitionType": "2D",
    "MagneticFieldStrength": 3,
    "Manufacturer": "Siemens",
    "ManufacturersModelName": "Biograph_mMR",
    "Modality": "MR",
    "ParallelReductionFactorInPlane": 2,
    "PatientPosition": "HFS",
    "PercentPhaseFOV": 100,
    "PhaseEncodingDirection": "j-",
    "PixelBandwidth": 2367,
    "ProcedureStepDescription": "MR-PET_Scan",
    "ProtocolName": "Full_checker_ep2d_task_bold",
    "ReceiveCoilActiveElements": "T:HEA;HEP",
    "ReconMatrixPE": 64,
    "RepetitionTime": 2.45,
    "ScanOptions": "FS",
    "ScanningSequence": "EP",
    "SequenceVariant": "SK",
    "SeriesDescription": "Full_checker_ep2d_task_bold",
    "SeriesNumber": 20,
    "SliceThickness": 3,
    "SliceTiming": [
      0.00123,
      0.00123,
      0.00123,
      0.00123,
      0.00123,
      0.00123,
      0.00123,
      0.00123,
      0.00123,
      0.00123,
      0.00123,
      0.00123,
      0.00123,
      0.00123,
      0.00123,
      0.00123,
      0.00123,
      0.00123,
      0.00123,
      0.00123,
      0.00123,
      0.00123,
      0.00123,
      0.00123,
      0.00123,
      0.00123,
      0.00123,
      0.00123,
      0.00123,
      0.00123,
      0.00123,
      0.00123,
      0.00123,
      0.00123,
      0.00123,
      0.00123,
      0.00123,
      0.00123,
      0.00123,
      0.00123,
      0.00123,
      0.00123,
      0.00123,
      0.00123
    ],
    "SoftwareVersions": "syngo_MR_B20P",
    "SpacingBetweenSlices": 3,
    "StationName": "MRC51066",
    "TaskName": "fullchecker",
    "TotalReadoutTime": 0.0173251,
    "dataset": "ds003382",
    "modality": "bold",
    "run_id": 1,
    "subject_id": "02",
    "task_id": "fullchecker"
  },
  "dummy_trs": 1,
  "dvars_nstd": 46.55111655395832,
  "dvars_std": 1.1617637796249995,
  "dvars_vstd": 1.0148451480833338,
  "efc": 0.5627793407874385,
  "fber": 835.084228515625,
  "fd_mean": 0.3862964203248006,
  "fd_num": 172,
  "fd_perc": 71.36929460580913,
  "fwhm_avg": 1.6563079064327486,
  "fwhm_x": 1.5597170526315791,
  "fwhm_y": 1.78016,
  "fwhm_z": 1.6290466666666665,
  "gcor": 0.0317568,
  "gsr_x": -0.011011265218257904,
  "gsr_y": 0.019933974370360374,
  "provenance": {
    "md5sum": "ac8bb6d419be128f18c89e7a08582538",
    "settings": {
      "fd_thres": 0.2,
      "testing": false
    },
    "software": "mriqc",
    "version": "23.0.1",
    "webapi_port": null,
    "webapi_url": "https://mriqc.nimh.nih.gov/api/v1"
  },
  "size_t": 241,
  "size_x": 64,
  "size_y": 64,
  "size_z": 44,
  "snr": 6.713796797527765,
  "spacing_tr": 2.450000047683716,
  "spacing_x": 2.96875,
  "spacing_y": 2.96875,
  "spacing_z": 3.0,
  "summary_bg_k": 21.806054726904957,
  "summary_bg_mad": 12.193020292391832,
  "summary_bg_mean": 43.701271057128906,
  "summary_bg_median": 23.987552642822266,
  "summary_bg_n": 104134.0,
  "summary_bg_p05": 12.062241554260254,
  "summary_bg_p95": 150.59212341308586,
  "summary_bg_stdv": 64.52627563476562,
  "summary_fg_k": 4.427252947110979,
  "summary_fg_mad": 79.99292312832938,
  "summary_fg_mean": 710.26806640625,
  "summary_fg_median": 703.7490234375,
  "summary_fg_n": 38232.0,
  "summary_fg_p05": 572.5153564453125,
  "summary_fg_p95": 880.3730590820312,
  "summary_fg_stdv": 104.8199462890625,
  "tsnr": 38.34605038817972
}