{
  "aor": 0.0010020328542094457,
  "aqi": 0.022243632648870634,
  "bids_meta": {
    "AcquisitionMatrixPE": 64,
    "AcquisitionNumber": 1,
    "AcquisitionTime": "11:54:44.767500",
    "BandwidthPerPixelPhaseEncode": 56.818,
    "CogAtlasID": "https://cognitiveatlas.org/task/id/trm_54e69c642d89b/",
    "CoilString": "NN",
    "ConversionSoftware": "dcm2niix",
    "ConversionSoftwareVersion": "v1.0.20190410  GCC6.3.0",
    "DerivedVendorReportedEchoSpacing": 0.000550002,
    "DeviceSerialNumber": "51066",
    "EchoTime": 0.03,
    "EffectiveEchoSpacing": 0.000275001,
    "FlipAngle": 90,
    "ImageOrientationPatientDICOM": [
      0.999543,
      0.0040689,
      0.0299672,
      1.42124e-08,
      0.990908,
      -0.134544
    ],
    "ImageType": [
      "ORIGINAL",
      "PRIMARY",
      "M",
      "ND",
      "NORM",
      "MOSAIC"
    ],
    "ImagingFrequency": 123.24,
    "InPlanePhaseEncodingDirectionDICOM": "COL",
    "InstitutionAddress": "Blackburn_Road_770_Clayton_Victoria_AU_3168",
    "InstitutionName": "Monash_Biomedical_Imaging",
    "MRAcquisitionType": "2D",
    "MagneticFieldStrength": 3,
    "Manufacturer": "Siemens",
    "ManufacturersModelName": "Biograph_mMR",
    "Modality": "MR",
    "ParallelReductionFactorInPlane": 2,
    "PatientPosition": "HFS",
    "PercentPhaseFOV": 100,
    "PhaseEncodingDirection": "j-",
    "PixelBandwidth": 2367,
    "ProcedureStepDescription": "MR-PET_Scan",
    "ProtocolName": "Rest_ep2d_task_bold",
    "ReceiveCoilActiveElements": "T:HEA;HEP",
    "ReconMatrixPE": 64,
    "RepetitionTime": 2.45,
    "ScanOptions": "FS",
    "ScanningSequence": "EP",
    "SequenceVariant": "SK",
    "SeriesDescription": "Rest_ep2d_task_bold",
    "SeriesNumber": 25,
    "SliceThickness": 3,
    "SliceTiming": [
      0.00123,
      0.00123,
      0.00123,
      0.00123,
      0.00123,
      0.00123,
      0.00123,
      0.00123,
      0.00123,
      0.00123,
      0.00123,
      0.00123,
      0.00123,
      0.00123,
      0.00123,
      0.00123,
      0.00123,
      0.00123,
      0.00123,
      0.00123,
      0.00123,
      0.00123,
      0.00123,
      0.00123,
      0.00123,
      0.00123,
      0.00123,
      0.00123,
      0.00123,
      0.00123,
      0.00123,
      0.00123,
      0.00123,
      0.00123,
      0.00123,
      0.00123,
      0.00123,
      0.00123,
      0.00123,
      0.00123,
      0.00123,
      0.00123,
      0.00123,
      0.00123
    ],
    "SoftwareVersions": "syngo_MR_B20P",
    "SpacingBetweenSlices": 3,
    "StationName": "MRC51066",
    "TaskName": "rest",
    "TotalReadoutTime": 0.0173251,
    "dataset": "ds003382",
    "modality": "bold",
    "run_id": 3,
    "subject_id": "02",
    "task_id": "rest"
  },
  "dummy_trs": 0,
  "dvars_nstd": 43.26528758761312,
  "dvars_std": 1.1303291916049392,
  "dvars_vstd": 0.9969397550205767,
  "efc": 0.5637694714866635,
  "fber": 825.3201904296875,
  "fd_mean": 0.36732423985588314,
  "fd_num": 345,
  "fd_perc": 70.84188911704312,
  "fwhm_avg": 1.6816813450292398,
  "fwhm_x": 1.5898442105263157,
  "fwhm_y": 1.8079831578947367,
  "fwhm_z": 1.6472166666666668,
  "gcor": 0.0429666,
  "gsr_x": -0.013465710915625095,
  "gsr_y": 0.02173188328742981,
  "provenance": {
    "md5sum": "4588ec64c76487a31d1c52efbaed9535",
    "settings": {
      "fd_thres": 0.2,
      "testing": false
    },
    "software": "mriqc",
    "version": "23.0.1",
    "webapi_port": null,
    "webapi_url": "https://mriqc.nimh.nih.gov/api/v1"
  },
  "size_t": 487,
  "size_x": 64,
  "size_y": 64,
  "size_z": 44,
  "snr": 6.687127245641612,
  "spacing_tr": 2.450000047683716,
  "spacing_x": 2.96875,
  "spacing_y": 2.96875,
  "spacing_z": 3.0,
  "summary_bg_k": 22.677362349722003,
  "summary_bg_mad": 12.430114117075235,
  "summary_bg_mean": 44.72135925292969,
  "summary_bg_median": 24.25872802734375,
  "summary_bg_n": 104244.0,
  "summary_bg_p05": 12.112936973571777,
  "summary_bg_p95": 156.62310485839814,
  "summary_bg_stdv": 66.19280242919922,
  "summary_fg_k": 4.251181035940289,
  "summary_fg_mad": 81.80183538101048,
  "summary_fg_mean": 712.1421508789062,
  "summary_fg_median": 704.4990234375,
  "summary_fg_n": 38251.0,
  "summary_fg_p05": 573.2053527832031,
  "summary_fg_p95": 885.2453918457031,
  "summary_fg_stdv": 105.35014343261719,
  "tsnr": 38.40963878890034
}