{
  "aor": 0.0008417768595041323,
  "aqi": 0.015109567024793389,
  "bids_meta": {
    "AcquisitionMatrixPE": 64,
    "AcquisitionNumber": 1,
    "AcquisitionTime": "13:36:9.692500",
    "BandwidthPerPixelPhaseEncode": 60.096,
    "BodyPartExamined": "BRAIN",
    "CogAtlasID": "https://cognitiveatlas.org/task/id/trm_4c898f8f297ac/",
    "CoilString": "HeadNeck_MRPET",
    "ConversionSoftware": "dcm2niix",
    "ConversionSoftwareVersion": "v1.0.20190410  GCC6.3.0",
    "DerivedVendorReportedEchoSpacing": 0.000520001,
    "DeviceSerialNumber": "51066",
    "EchoTime": 0.03,
    "EchoTrainLength": 31,
    "EffectiveEchoSpacing": 0.000260001,
    "FlipAngle": 90,
    "ImageOrientationPatientDICOM": [
      0.997498,
      -0.0666419,
      0.0235798,
      0.0697519,
      0.98206,
      -0.175191
    ],
    "ImageType": [
      "ORIGINAL",
      "PRIMARY",
      "M",
      "ND",
      "MOSAIC"
    ],
    "ImagingFrequency": 123.24,
    "InPlanePhaseEncodingDirectionDICOM": "COL",
    "InstitutionAddress": "Blackburn_Road_770_Clayton_Victoria_AU_3168",
    "InstitutionName": "MONASH_BIOMEDICAL_IMAGING",
    "MRAcquisitionType": "2D",
    "MagneticFieldStrength": 3,
    "Manufacturer": "Siemens",
    "ManufacturersModelName": "Biograph_mMR",
    "Modality": "MR",
    "ParallelReductionFactorInPlane": 2,
    "PartialFourier": 0.96875,
    "PatientPosition": "HFS",
    "PercentPhaseFOV": 100,
    "PhaseEncodingDirection": "j-",
    "PixelBandwidth": 2300,
    "ProcedureStepDescription": "MR-PET_Scan",
    "ProtocolName": "Head_Full_checker_ep2D_task_bold",
    "ReceiveCoilActiveElements": "HEA;HEP;NEP",
    "ReconMatrixPE": 64,
    "RepetitionTime": 2.45,
    "ScanOptions": "FS",
    "ScanningSequence": "EP",
    "SequenceVariant": "SK",
    "SeriesDescription": "Head_Full_checker_ep2D_task_bold",
    "SeriesNumber": 25,
    "SliceThickness": 3,
    "SliceTiming": [
      0.001215,
      0.001215,
      0.001215,
      0.001215,
      0.001215,
      0.001215,
      0.001215,
      0.001215,
      0.001215,
      0.001215,
      0.001215,
      0.001215,
      0.001215,
      0.001215,
      0.001215,
      0.001215,
      0.001215,
      0.001215,
      0.001215,
      0.001215,
      0.001215,
      0.001215,
      0.001215,
      0.001215,
      0.001215,
      0.001215,
      0.001215,
      0.001215,
      0.001215,
      0.001215,
      0.001215,
      0.001215,
      0.001215,
      0.001215,
      0.001215,
      0.001215,
      0.001215,
      0.001215,
      0.001215,
      0.001215,
      0.001215,
      0.001215,
      0.001215,
      0.001215
    ],
    "SoftwareVersions": "syngo_MR_E11",
    "SpacingBetweenSlices": 3,
    "StationName": "MRC51066",
    "TaskName": "fullchecker",
    "TotalReadoutTime": 0.01638,
    "dataset": "ds003382",
    "modality": "bold",
    "run_id": 2,
    "subject_id": "13",
    "task_id": "fullchecker"
  },
  "dummy_trs": 0,
  "dvars_nstd": 35.93784557817427,
  "dvars_std": 1.0458804552282153,
  "dvars_vstd": 1.0006926173858919,
  "efc": 0.5699863955117881,
  "fber": 478.18768310546875,
  "fd_mean": 0.14089011338150964,
  "fd_num": 35,
  "fd_perc": 14.462809917355372,
  "fwhm_avg": 2.113407169590643,
  "fwhm_x": 1.9944218947368422,
  "fwhm_y": 2.191642947368421,
  "fwhm_z": 2.1541566666666667,
  "gcor": 0.00838344,
  "gsr_x": 0.002556299325078726,
  "gsr_y": 0.02212487906217575,
  "provenance": {
    "md5sum": "d1914f3bf982a1fd5fe91ba6be33b2d4",
    "settings": {
      "fd_thres": 0.2,
      "testing": false
    },
    "software": "mriqc",
    "version": "23.0.1",
    "webapi_port": null,
    "webapi_url": "https://mriqc.nimh.nih.gov/api/v1"
  },
  "size_t": 242,
  "size_x": 64,
  "size_y": 64,
  "size_z": 44,
  "snr": 5.215906277917584,
  "spacing_tr": 2.450000047683716,
  "spacing_x": 2.96875,
  "spacing_y": 2.96875,
  "spacing_z": 3.0,
  "summary_bg_k": 49.31315892962817,
  "summary_bg_mad": 6.585938789027976,
  "summary_bg_mean": 43.30891418457031,
  "summary_bg_median": 28.96280860900879,
  "summary_bg_n": 103997.0,
  "summary_bg_p05": 22.445453262329103,
  "summary_bg_p95": 114.4214859008789,
  "summary_bg_stdv": 46.91994857788086,
  "summary_fg_k": 1.0556457936076171,
  "summary_fg_mad": 110.46608154450585,
  "summary_fg_mean": 649.1286010742188,
  "summary_fg_median": 639.5082397460938,
  "summary_fg_n": 38013.0,
  "summary_fg_p05": 470.6991455078125,
  "summary_fg_p95": 867.6272094726564,
  "summary_fg_stdv": 122.60569763183594,
  "tsnr": 35.7211697450839
}