{
  "aor": 0.0045636363636363635,
  "aqi": 0.01387194611570248,
  "bids_meta": {
    "AcquisitionMatrixPE": 64,
    "AcquisitionNumber": 1,
    "AcquisitionTime": "13:05:2.785000",
    "BandwidthPerPixelPhaseEncode": 60.096,
    "BodyPartExamined": "BRAIN",
    "CogAtlasID": "https://cognitiveatlas.org/task/id/trm_54e69c642d89b/",
    "CoilString": "HeadNeck_MRPET",
    "ConversionSoftware": "dcm2niix",
    "ConversionSoftwareVersion": "v1.0.20190410  GCC6.3.0",
    "DerivedVendorReportedEchoSpacing": 0.000520001,
    "DeviceSerialNumber": "51066",
    "EchoTime": 0.03,
    "EchoTrainLength": 31,
    "EffectiveEchoSpacing": 0.000260001,
    "FlipAngle": 90,
    "ImageOrientationPatientDICOM": [
      0.997498,
      -0.0666419,
      0.0235798,
      0.0697519,
      0.98206,
      -0.175191
    ],
    "ImageType": [
      "ORIGINAL",
      "PRIMARY",
      "M",
      "ND",
      "MOSAIC"
    ],
    "ImagingFrequency": 123.24,
    "InPlanePhaseEncodingDirectionDICOM": "COL",
    "InstitutionAddress": "Blackburn_Road_770_Clayton_Victoria_AU_3168",
    "InstitutionName": "MONASH_BIOMEDICAL_IMAGING",
    "MRAcquisitionType": "2D",
    "MagneticFieldStrength": 3,
    "Manufacturer": "Siemens",
    "ManufacturersModelName": "Biograph_mMR",
    "Modality": "MR",
    "ParallelReductionFactorInPlane": 2,
    "PartialFourier": 0.96875,
    "PatientPosition": "HFS",
    "PercentPhaseFOV": 100,
    "PhaseEncodingDirection": "j-",
    "PixelBandwidth": 2300,
    "ProcedureStepDescription": "MR-PET_Scan",
    "ProtocolName": "Head_Resting_2_ep2D_task_bold",
    "ReceiveCoilActiveElements": "HEA;HEP;NEP",
    "ReconMatrixPE": 64,
    "RepetitionTime": 2.45,
    "ScanOptions": "FS",
    "ScanningSequence": "EP",
    "SequenceVariant": "SK",
    "SeriesDescription": "Head_Resting_2_ep2D_task_bold",
    "SeriesNumber": 19,
    "SliceThickness": 3,
    "SliceTiming": [
      0.001215,
      0.001215,
      0.001215,
      0.001215,
      0.001215,
      0.001215,
      0.001215,
      0.001215,
      0.001215,
      0.001215,
      0.001215,
      0.001215,
      0.001215,
      0.001215,
      0.001215,
      0.001215,
      0.001215,
      0.001215,
      0.001215,
      0.001215,
      0.001215,
      0.001215,
      0.001215,
      0.001215,
      0.001215,
      0.001215,
      0.001215,
      0.001215,
      0.001215,
      0.001215,
      0.001215,
      0.001215,
      0.001215,
      0.001215,
      0.001215,
      0.001215,
      0.001215,
      0.001215,
      0.001215,
      0.001215,
      0.001215,
      0.001215,
      0.001215,
      0.001215
    ],
    "SoftwareVersions": "syngo_MR_E11",
    "SpacingBetweenSlices": 3,
    "StationName": "MRC51066",
    "TaskName": "rest",
    "TotalReadoutTime": 0.01638,
    "dataset": "ds003382",
    "modality": "bold",
    "run_id": 2,
    "subject_id": "13",
    "task_id": "rest"
  },
  "dummy_trs": 0,
  "dvars_nstd": 34.44016337349998,
  "dvars_std": 1.0478206062499997,
  "dvars_vstd": 1.0361437004999998,
  "efc": 0.5690265826944073,
  "fber": 482.29705810546875,
  "fd_mean": 0.11843777584882882,
  "fd_num": 8,
  "fd_perc": 6.6115702479338845,
  "fwhm_avg": 2.0877923859649123,
  "fwhm_x": 1.9903898947368421,
  "fwhm_y": 2.1661372631578946,
  "fwhm_z": 2.10685,
  "gcor": 0.0109157,
  "gsr_x": 0.002367917913943529,
  "gsr_y": 0.02735542133450508,
  "provenance": {
    "md5sum": "a35a0e48a138689c04eb18d03b7ca7c0",
    "settings": {
      "fd_thres": 0.2,
      "testing": false
    },
    "software": "mriqc",
    "version": "23.0.1",
    "webapi_port": null,
    "webapi_url": "https://mriqc.nimh.nih.gov/api/v1"
  },
  "size_t": 121,
  "size_x": 64,
  "size_y": 64,
  "size_z": 44,
  "snr": 5.218507686045071,
  "spacing_tr": 2.450000047683716,
  "spacing_x": 2.96875,
  "spacing_y": 2.96875,
  "spacing_z": 3.0,
  "summary_bg_k": 64.70581732871267,
  "summary_bg_mad": 6.248984767672817,
  "summary_bg_mean": 43.4227294921875,
  "summary_bg_median": 28.752065658569336,
  "summary_bg_n": 104058.0,
  "summary_bg_p05": 22.57851219177246,
  "summary_bg_p95": 112.5867691040039,
  "summary_bg_stdv": 51.09773254394531,
  "summary_fg_k": 0.9804862644719954,
  "summary_fg_mad": 111.44636900990328,
  "summary_fg_mean": 649.017822265625,
  "summary_fg_median": 639.103271484375,
  "summary_fg_n": 38064.0,
  "summary_fg_p05": 468.42395477294923,
  "summary_fg_p95": 867.5970611572262,
  "summary_fg_stdv": 122.46697998046875,
  "tsnr": 37.22466061124578
}