{
  "aor": 0.0008219096509240248,
  "aqi": 0.01891347248459959,
  "bids_meta": {
    "AcquisitionMatrixPE": 64,
    "AcquisitionNumber": 1,
    "AcquisitionTime": "15:01:0.135000",
    "BandwidthPerPixelPhaseEncode": 56.818,
    "CogAtlasID": "https://cognitiveatlas.org/task/id/trm_54e69c642d89b/",
    "CoilString": "NN",
    "ConversionSoftware": "dcm2niix",
    "ConversionSoftwareVersion": "v1.0.20190410  GCC6.3.0",
    "DerivedVendorReportedEchoSpacing": 0.000550002,
    "DeviceSerialNumber": "51066",
    "EchoTime": 0.03,
    "EffectiveEchoSpacing": 0.000275001,
    "FlipAngle": 90,
    "ImageOrientationPatientDICOM": [
      0.999996,
      0.000283216,
      -0.00278945,
      1.50571e-08,
      0.994885,
      0.101017
    ],
    "ImageType": [
      "ORIGINAL",
      "PRIMARY",
      "M",
      "ND",
      "NORM",
      "MOSAIC"
    ],
    "ImagingFrequency": 123.24,
    "InPlanePhaseEncodingDirectionDICOM": "COL",
    "InstitutionAddress": "Blackburn_Road_770_Clayton_Victoria_AU_3168",
    "InstitutionName": "Monash_Biomedical_Imaging",
    "MRAcquisitionType": "2D",
    "MagneticFieldStrength": 3,
    "Manufacturer": "Siemens",
    "ManufacturersModelName": "Biograph_mMR",
    "Modality": "MR",
    "ParallelReductionFactorInPlane": 2,
    "PatientPosition": "HFS",
    "PercentPhaseFOV": 100,
    "PhaseEncodingDirection": "j-",
    "PixelBandwidth": 2367,
    "ProcedureStepDescription": "MR-PET_Scan",
    "ProtocolName": "Rest_ep2d_task_bold",
    "ReceiveCoilActiveElements": "T:HEA;HEP",
    "ReconMatrixPE": 64,
    "RepetitionTime": 2.45,
    "ScanOptions": "FS",
    "ScanningSequence": "EP",
    "SequenceVariant": "SK",
    "SeriesDescription": "Rest_ep2d_task_bold",
    "SeriesNumber": 25,
    "SliceThickness": 3,
    "SliceTiming": [
      0.00123,
      0.00123,
      0.00123,
      0.00123,
      0.00123,
      0.00123,
      0.00123,
      0.00123,
      0.00123,
      0.00123,
      0.00123,
      0.00123,
      0.00123,
      0.00123,
      0.00123,
      0.00123,
      0.00123,
      0.00123,
      0.00123,
      0.00123,
      0.00123,
      0.00123,
      0.00123,
      0.00123,
      0.00123,
      0.00123,
      0.00123,
      0.00123,
      0.00123,
      0.00123,
      0.00123,
      0.00123,
      0.00123,
      0.00123,
      0.00123,
      0.00123,
      0.00123,
      0.00123,
      0.00123,
      0.00123,
      0.00123,
      0.00123,
      0.00123,
      0.00123
    ],
    "SoftwareVersions": "syngo_MR_B20P",
    "SpacingBetweenSlices": 3,
    "StationName": "MRC51066",
    "TaskName": "rest",
    "TotalReadoutTime": 0.0173251,
    "dataset": "ds003382",
    "modality": "bold",
    "run_id": 3,
    "subject_id": "06",
    "task_id": "rest"
  },
  "dummy_trs": 0,
  "dvars_nstd": 33.29481988273663,
  "dvars_std": 1.069602185041151,
  "dvars_vstd": 0.9829656781275715,
  "efc": 0.5644434028351184,
  "fber": 965.1882934570312,
  "fd_mean": 0.13571308038461777,
  "fd_num": 43,
  "fd_perc": 8.829568788501026,
  "fwhm_avg": 1.6811024795321636,
  "fwhm_x": 1.5383141052631577,
  "fwhm_y": 1.8476799999999998,
  "fwhm_z": 1.6573133333333334,
  "gcor": 0.0306962,
  "gsr_x": -0.0078016361221671104,
  "gsr_y": 0.03992258384823799,
  "provenance": {
    "md5sum": "675a6ac088fd01ea30ee0a58756f6c2b",
    "settings": {
      "fd_thres": 0.2,
      "testing": false
    },
    "software": "mriqc",
    "version": "23.0.1",
    "webapi_port": null,
    "webapi_url": "https://mriqc.nimh.nih.gov/api/v1"
  },
  "size_t": 487,
  "size_x": 64,
  "size_y": 64,
  "size_z": 44,
  "snr": 6.373917085479743,
  "spacing_tr": 2.450000047683716,
  "spacing_x": 2.96875,
  "spacing_y": 2.96875,
  "spacing_z": 3.0,
  "summary_bg_k": 49.99049145337591,
  "summary_bg_mad": 11.602047828056163,
  "summary_bg_mean": 40.64113235473633,
  "summary_bg_median": 22.93634605407715,
  "summary_bg_n": 101505.0,
  "summary_bg_p05": 12.01026725769043,
  "summary_bg_p95": 126.27680206298814,
  "summary_bg_stdv": 58.35182571411133,
  "summary_fg_k": 2.1178554477490437,
  "summary_fg_mad": 97.36160268867103,
  "summary_fg_mean": 730.6206665039062,
  "summary_fg_median": 716.8870849609375,
  "summary_fg_n": 40374.0,
  "summary_fg_p05": 580.4636596679687,
  "summary_fg_p95": 930.3098724365233,
  "summary_fg_stdv": 112.47058868408203,
  "tsnr": 40.02086182544008
}