{
  "aor": 0.0011306611570247936,
  "aqi": 0.012282989669421485,
  "bids_meta": {
    "AcquisitionMatrixPE": 64,
    "AcquisitionNumber": 1,
    "AcquisitionTime": "14:50:1.145000",
    "BandwidthPerPixelPhaseEncode": 56.818,
    "CogAtlasID": "https://cognitiveatlas.org/task/id/trm_54e69c642d89b/",
    "CoilString": "NN",
    "ConversionSoftware": "dcm2niix",
    "ConversionSoftwareVersion": "v1.0.20190410  GCC6.3.0",
    "DerivedVendorReportedEchoSpacing": 0.000550002,
    "DeviceSerialNumber": "51066",
    "EchoTime": 0.03,
    "EffectiveEchoSpacing": 0.000275001,
    "FlipAngle": 90,
    "ImageOrientationPatientDICOM": [
      0.999996,
      0.000283216,
      -0.00278945,
      1.50571e-08,
      0.994885,
      0.101017
    ],
    "ImageType": [
      "ORIGINAL",
      "PRIMARY",
      "M",
      "ND",
      "NORM",
      "MOSAIC"
    ],
    "ImagingFrequency": 123.24,
    "InPlanePhaseEncodingDirectionDICOM": "COL",
    "InstitutionAddress": "Blackburn_Road_770_Clayton_Victoria_AU_3168",
    "InstitutionName": "Monash_Biomedical_Imaging",
    "MRAcquisitionType": "2D",
    "MagneticFieldStrength": 3,
    "Manufacturer": "Siemens",
    "ManufacturersModelName": "Biograph_mMR",
    "Modality": "MR",
    "ParallelReductionFactorInPlane": 2,
    "PatientPosition": "HFS",
    "PercentPhaseFOV": 100,
    "PhaseEncodingDirection": "j-",
    "PixelBandwidth": 2367,
    "ProcedureStepDescription": "MR-PET_Scan",
    "ProtocolName": "Rest_ep2d_task_bold",
    "ReceiveCoilActiveElements": "T:HEA;HEP",
    "ReconMatrixPE": 64,
    "RepetitionTime": 2.45,
    "ScanOptions": "FS",
    "ScanningSequence": "EP",
    "SequenceVariant": "SK",
    "SeriesDescription": "Rest_ep2d_task_bold",
    "SeriesNumber": 23,
    "SliceThickness": 3,
    "SliceTiming": [
      0.00123,
      0.00123,
      0.00123,
      0.00123,
      0.00123,
      0.00123,
      0.00123,
      0.00123,
      0.00123,
      0.00123,
      0.00123,
      0.00123,
      0.00123,
      0.00123,
      0.00123,
      0.00123,
      0.00123,
      0.00123,
      0.00123,
      0.00123,
      0.00123,
      0.00123,
      0.00123,
      0.00123,
      0.00123,
      0.00123,
      0.00123,
      0.00123,
      0.00123,
      0.00123,
      0.00123,
      0.00123,
      0.00123,
      0.00123,
      0.00123,
      0.00123,
      0.00123,
      0.00123,
      0.00123,
      0.00123,
      0.00123,
      0.00123,
      0.00123,
      0.00123
    ],
    "SoftwareVersions": "syngo_MR_B20P",
    "SpacingBetweenSlices": 3,
    "StationName": "MRC51066",
    "TaskName": "rest",
    "TotalReadoutTime": 0.0173251,
    "dataset": "ds003382",
    "modality": "bold",
    "run_id": 2,
    "subject_id": "06",
    "task_id": "rest"
  },
  "dummy_trs": 0,
  "dvars_nstd": 32.67018260966666,
  "dvars_std": 1.104382702,
  "dvars_vstd": 1.0106589085833328,
  "efc": 0.5631060421004147,
  "fber": 985.1304931640625,
  "fd_mean": 0.10082850859122566,
  "fd_num": 5,
  "fd_perc": 4.132231404958677,
  "fwhm_avg": 1.6716954269005848,
  "fwhm_x": 1.5284884210526315,
  "fwhm_y": 1.8397945263157895,
  "fwhm_z": 1.6468033333333334,
  "gcor": 0.00567712,
  "gsr_x": -0.006858726032078266,
  "gsr_y": 0.0391981303691864,
  "provenance": {
    "md5sum": "ae486ceac52093aa7e2247c2daae663d",
    "settings": {
      "fd_thres": 0.2,
      "testing": false
    },
    "software": "mriqc",
    "version": "23.0.1",
    "webapi_port": null,
    "webapi_url": "https://mriqc.nimh.nih.gov/api/v1"
  },
  "size_t": 121,
  "size_x": 64,
  "size_y": 64,
  "size_z": 44,
  "snr": 6.357154361474114,
  "spacing_tr": 2.450000047683716,
  "spacing_x": 2.96875,
  "spacing_y": 2.96875,
  "spacing_z": 3.0,
  "summary_bg_k": 53.13171539643263,
  "summary_bg_mad": 11.591252551473168,
  "summary_bg_mean": 39.51130676269531,
  "summary_bg_median": 22.421485900878906,
  "summary_bg_n": 101403.0,
  "summary_bg_p05": 11.809916496276855,
  "summary_bg_p95": 123.36363220214844,
  "summary_bg_stdv": 57.06318283081055,
  "summary_fg_k": 2.212423453623132,
  "summary_fg_mad": 96.93891989065835,
  "summary_fg_mean": 726.6110229492188,
  "summary_fg_median": 713.4793090820312,
  "summary_fg_n": 40442.0,
  "summary_fg_p05": 577.2561645507812,
  "summary_fg_p95": 924.2871795654296,
  "summary_fg_stdv": 112.23110961914062,
  "tsnr": 47.01516856160015
}