{
  "aor": 0.0016820085470085472,
  "aqi": 0.015059794401709401,
  "bids_meta": {
    "AcquisitionMatrixPE": 64,
    "AcquisitionNumber": 1,
    "AcquisitionTime": "15:21:23.710000",
    "BandwidthPerPixelPhaseEncode": 56.818,
    "CogAtlasID": "https://cognitiveatlas.org/task/id/trm_4c898f8f297ac/",
    "CoilString": "NN",
    "ConversionSoftware": "dcm2niix",
    "ConversionSoftwareVersion": "v1.0.20190410  GCC6.3.0",
    "DerivedVendorReportedEchoSpacing": 0.000550002,
    "DeviceSerialNumber": "51066",
    "EchoTime": 0.03,
    "EffectiveEchoSpacing": 0.000275001,
    "FlipAngle": 90,
    "ImageOrientationPatientDICOM": [
      0.999996,
      0.000283216,
      -0.00278945,
      1.50571e-08,
      0.994885,
      0.101017
    ],
    "ImageType": [
      "ORIGINAL",
      "PRIMARY",
      "M",
      "ND",
      "NORM",
      "MOSAIC"
    ],
    "ImagingFrequency": 123.24,
    "InPlanePhaseEncodingDirectionDICOM": "COL",
    "InstitutionAddress": "Blackburn_Road_770_Clayton_Victoria_AU_3168",
    "InstitutionName": "Monash_Biomedical_Imaging",
    "MRAcquisitionType": "2D",
    "MagneticFieldStrength": 3,
    "Manufacturer": "Siemens",
    "ManufacturersModelName": "Biograph_mMR",
    "Modality": "MR",
    "ParallelReductionFactorInPlane": 2,
    "PatientPosition": "HFS",
    "PercentPhaseFOV": 100,
    "PhaseEncodingDirection": "j-",
    "PixelBandwidth": 2367,
    "ProcedureStepDescription": "MR-PET_Scan",
    "ProtocolName": "Full_checker_ep2d_task_bold",
    "ReceiveCoilActiveElements": "T:HEA;HEP",
    "ReconMatrixPE": 64,
    "RepetitionTime": 2.45,
    "ScanOptions": "FS",
    "ScanningSequence": "EP",
    "SequenceVariant": "SK",
    "SeriesDescription": "Full_checker_ep2d_task_bold",
    "SeriesNumber": 26,
    "SliceThickness": 3,
    "SliceTiming": [
      0.0012275,
      0.0012275,
      0.0012275,
      0.0012275,
      0.0012275,
      0.0012275,
      0.0012275,
      0.0012275,
      0.0012275,
      0.0012275,
      0.0012275,
      0.0012275,
      0.0012275,
      0.0012275,
      0.0012275,
      0.0012275,
      0.0012275,
      0.0012275,
      0.0012275,
      0.0012275,
      0.0012275,
      0.0012275,
      0.0012275,
      0.0012275,
      0.0012275,
      0.0012275,
      0.0012275,
      0.0012275,
      0.0012275,
      0.0012275,
      0.0012275,
      0.0012275,
      0.0012275,
      0.0012275,
      0.0012275,
      0.0012275,
      0.0012275,
      0.0012275,
      0.0012275,
      0.0012275,
      0.0012275,
      0.0012275,
      0.0012275,
      0.0012275
    ],
    "SoftwareVersions": "syngo_MR_B20P",
    "SpacingBetweenSlices": 3,
    "StationName": "MRC51066",
    "TaskName": "fullchecker",
    "TotalReadoutTime": 0.0173251,
    "dataset": "ds003382",
    "modality": "bold",
    "run_id": 2,
    "subject_id": "06",
    "task_id": "fullchecker"
  },
  "dummy_trs": 0,
  "dvars_nstd": 33.25156851974249,
  "dvars_std": 1.1135645293133043,
  "dvars_vstd": 1.0207591709012875,
  "efc": 0.5629075027425071,
  "fber": 966.1367797851562,
  "fd_mean": 0.11495013613390513,
  "fd_num": 19,
  "fd_perc": 8.11965811965812,
  "fwhm_avg": 1.676237485380117,
  "fwhm_x": 1.5297212631578947,
  "fwhm_y": 1.8484345263157895,
  "fwhm_z": 1.6505566666666667,
  "gcor": 0.00891224,
  "gsr_x": -0.00453420402482152,
  "gsr_y": 0.035865869373083115,
  "provenance": {
    "md5sum": "9ad07f56461cc97423a1b60c9af527ca",
    "settings": {
      "fd_thres": 0.2,
      "testing": false
    },
    "software": "mriqc",
    "version": "23.0.1",
    "webapi_port": null,
    "webapi_url": "https://mriqc.nimh.nih.gov/api/v1"
  },
  "size_t": 234,
  "size_x": 64,
  "size_y": 64,
  "size_z": 44,
  "snr": 6.355200202957458,
  "spacing_tr": 2.450000047683716,
  "spacing_x": 2.96875,
  "spacing_y": 2.96875,
  "spacing_z": 3.0,
  "summary_bg_k": 22.84284811487207,
  "summary_bg_mad": 11.410967897738013,
  "summary_bg_mean": 38.97566604614258,
  "summary_bg_median": 22.72222328186035,
  "summary_bg_n": 101531.0,
  "summary_bg_p05": 11.965812683105469,
  "summary_bg_p95": 122.20727157592773,
  "summary_bg_stdv": 51.09790802001953,
  "summary_fg_k": 1.9643636341177775,
  "summary_fg_mad": 97.54136277821334,
  "summary_fg_mean": 727.9495239257812,
  "summary_fg_median": 714.5299682617188,
  "summary_fg_n": 40398.0,
  "summary_fg_p05": 576.9021606445312,
  "summary_fg_p95": 925.8970336914062,
  "summary_fg_stdv": 112.43093872070312,
  "tsnr": 43.34312459034845
}