{
  "aor": 0.0005190909090909092,
  "aqi": 0.014643005123966941,
  "bids_meta": {
    "AcquisitionMatrixPE": 64,
    "AcquisitionNumber": 1,
    "AcquisitionTime": "12:33:50.502500",
    "BandwidthPerPixelPhaseEncode": 60.096,
    "BodyPartExamined": "BRAIN",
    "CogAtlasID": "https://cognitiveatlas.org/task/id/trm_4c898f8f297ac/",
    "CoilString": "HeadNeck_MRPET",
    "ConversionSoftware": "dcm2niix",
    "ConversionSoftwareVersion": "v1.0.20190410  GCC6.3.0",
    "DerivedVendorReportedEchoSpacing": 0.000520001,
    "DeviceSerialNumber": "51066",
    "EchoTime": 0.03,
    "EchoTrainLength": 31,
    "EffectiveEchoSpacing": 0.000260001,
    "FlipAngle": 90,
    "ImageOrientationPatientDICOM": [
      0.997498,
      -0.0666419,
      0.0235798,
      0.0697519,
      0.98206,
      -0.175191
    ],
    "ImageType": [
      "ORIGINAL",
      "PRIMARY",
      "M",
      "ND",
      "MOSAIC"
    ],
    "ImagingFrequency": 123.24,
    "InPlanePhaseEncodingDirectionDICOM": "COL",
    "InstitutionAddress": "Blackburn_Road_770_Clayton_Victoria_AU_3168",
    "InstitutionName": "MONASH_BIOMEDICAL_IMAGING",
    "MRAcquisitionType": "2D",
    "MagneticFieldStrength": 3,
    "Manufacturer": "Siemens",
    "ManufacturersModelName": "Biograph_mMR",
    "Modality": "MR",
    "ParallelReductionFactorInPlane": 2,
    "PartialFourier": 0.96875,
    "PatientPosition": "HFS",
    "PercentPhaseFOV": 100,
    "PhaseEncodingDirection": "j-",
    "PixelBandwidth": 2300,
    "ProcedureStepDescription": "MR-PET_Scan",
    "ProtocolName": "Head_Full_checker_ep2D_task_bold",
    "ReceiveCoilActiveElements": "HEA;HEP;NEP",
    "ReconMatrixPE": 64,
    "RepetitionTime": 2.45,
    "ScanOptions": "FS",
    "ScanningSequence": "EP",
    "SequenceVariant": "SK",
    "SeriesDescription": "Head_Full_checker_ep2D_task_bold",
    "SeriesNumber": 13,
    "SliceThickness": 3,
    "SliceTiming": [
      0.0012125,
      0.0012125,
      0.0012125,
      0.0012125,
      0.0012125,
      0.0012125,
      0.0012125,
      0.0012125,
      0.0012125,
      0.0012125,
      0.0012125,
      0.0012125,
      0.0012125,
      0.0012125,
      0.0012125,
      0.0012125,
      0.0012125,
      0.0012125,
      0.0012125,
      0.0012125,
      0.0012125,
      0.0012125,
      0.0012125,
      0.0012125,
      0.0012125,
      0.0012125,
      0.0012125,
      0.0012125,
      0.0012125,
      0.0012125,
      0.0012125,
      0.0012125,
      0.0012125,
      0.0012125,
      0.0012125,
      0.0012125,
      0.0012125,
      0.0012125,
      0.0012125,
      0.0012125,
      0.0012125,
      0.0012125,
      0.0012125,
      0.0012125
    ],
    "SoftwareVersions": "syngo_MR_E11",
    "SpacingBetweenSlices": 3,
    "StationName": "MRC51066",
    "TaskName": "fullchecker",
    "TotalReadoutTime": 0.01638,
    "dataset": "ds003382",
    "modality": "bold",
    "run_id": 1,
    "subject_id": "13",
    "task_id": "fullchecker"
  },
  "dummy_trs": 0,
  "dvars_nstd": 35.20656824688797,
  "dvars_std": 1.0165093843568456,
  "dvars_vstd": 0.984762955477178,
  "efc": 0.5688451030850611,
  "fber": 474.5203857421875,
  "fd_mean": 0.12159187236612087,
  "fd_num": 21,
  "fd_perc": 8.677685950413224,
  "fwhm_avg": 2.121771122807018,
  "fwhm_x": 2.0090374736842107,
  "fwhm_y": 2.1989658947368422,
  "fwhm_z": 2.1573100000000003,
  "gcor": 0.00482432,
  "gsr_x": 0.003975880332291126,
  "gsr_y": 0.024250617250800133,
  "provenance": {
    "md5sum": "fb4681454fc07cbf5a6a6e08568eb48a",
    "settings": {
      "fd_thres": 0.2,
      "testing": false
    },
    "software": "mriqc",
    "version": "23.0.1",
    "webapi_port": null,
    "webapi_url": "https://mriqc.nimh.nih.gov/api/v1"
  },
  "size_t": 242,
  "size_x": 64,
  "size_y": 64,
  "size_z": 44,
  "snr": 5.238134045701643,
  "spacing_tr": 2.450000047683716,
  "spacing_x": 2.96875,
  "spacing_y": 2.96875,
  "spacing_z": 3.0,
  "summary_bg_k": 48.191491843165764,
  "summary_bg_mad": 6.3286280341255905,
  "summary_bg_mean": 42.01707077026367,
  "summary_bg_median": 28.780990600585938,
  "summary_bg_n": 104129.0,
  "summary_bg_p05": 22.561983108520508,
  "summary_bg_p95": 107.81982879638657,
  "summary_bg_stdv": 43.60609817504883,
  "summary_fg_k": 1.083064012199376,
  "summary_fg_mad": 109.58085472550371,
  "summary_fg_mean": 642.3462524414062,
  "summary_fg_median": 633.0103149414062,
  "summary_fg_n": 38044.0,
  "summary_fg_p05": 466.2539031982422,
  "summary_fg_p95": 857.3735046386719,
  "summary_fg_stdv": 120.84494018554688,
  "tsnr": 35.96785966842435
}