{
  "aor": 0.0011238842975206612,
  "aqi": 0.010722400578512396,
  "bids_meta": {
    "AcquisitionMatrixPE": 64,
    "AcquisitionNumber": 1,
    "AcquisitionTime": "12:59:41.047500",
    "BandwidthPerPixelPhaseEncode": 60.096,
    "BodyPartExamined": "BRAIN",
    "CogAtlasID": "https://cognitiveatlas.org/task/id/trm_4c898f8f297ac/",
    "CoilString": "HeadNeck_MRPET",
    "ConversionSoftware": "dcm2niix",
    "ConversionSoftwareVersion": "v1.0.20190410  GCC6.3.0",
    "DerivedVendorReportedEchoSpacing": 0.000520001,
    "DeviceSerialNumber": "51066",
    "EchoTime": 0.03,
    "EchoTrainLength": 31,
    "EffectiveEchoSpacing": 0.000260001,
    "FlipAngle": 90,
    "ImageOrientationPatientDICOM": [
      0.997498,
      -0.0666419,
      0.0235798,
      0.0697519,
      0.98206,
      -0.175191
    ],
    "ImageType": [
      "ORIGINAL",
      "PRIMARY",
      "M",
      "ND",
      "MOSAIC"
    ],
    "ImagingFrequency": 123.24,
    "InPlanePhaseEncodingDirectionDICOM": "COL",
    "InstitutionAddress": "Blackburn_Road_770_Clayton_Victoria_AU_3168",
    "InstitutionName": "MONASH_BIOMEDICAL_IMAGING",
    "MRAcquisitionType": "2D",
    "MagneticFieldStrength": 3,
    "Manufacturer": "Siemens",
    "ManufacturersModelName": "Biograph_mMR",
    "Modality": "MR",
    "ParallelReductionFactorInPlane": 2,
    "PartialFourier": 0.96875,
    "PatientPosition": "HFS",
    "PercentPhaseFOV": 100,
    "PhaseEncodingDirection": "j-",
    "PixelBandwidth": 2300,
    "ProcedureStepDescription": "MR-PET_Scan",
    "ProtocolName": "Head_Half_checker_board_2_ep2D_task_bold",
    "ReceiveCoilActiveElements": "HEA;HEP;NEP",
    "ReconMatrixPE": 64,
    "RepetitionTime": 2.45,
    "ScanOptions": "FS",
    "ScanningSequence": "EP",
    "SequenceVariant": "SK",
    "SeriesDescription": "Head_Half_checker_board_2_ep2D_task_bold",
    "SeriesNumber": 17,
    "SliceThickness": 3,
    "SliceTiming": [
      0.0012125,
      0.0012125,
      0.0012125,
      0.0012125,
      0.0012125,
      0.0012125,
      0.0012125,
      0.0012125,
      0.0012125,
      0.0012125,
      0.0012125,
      0.0012125,
      0.0012125,
      0.0012125,
      0.0012125,
      0.0012125,
      0.0012125,
      0.0012125,
      0.0012125,
      0.0012125,
      0.0012125,
      0.0012125,
      0.0012125,
      0.0012125,
      0.0012125,
      0.0012125,
      0.0012125,
      0.0012125,
      0.0012125,
      0.0012125,
      0.0012125,
      0.0012125,
      0.0012125,
      0.0012125,
      0.0012125,
      0.0012125,
      0.0012125,
      0.0012125,
      0.0012125,
      0.0012125,
      0.0012125,
      0.0012125,
      0.0012125,
      0.0012125
    ],
    "SoftwareVersions": "syngo_MR_E11",
    "SpacingBetweenSlices": 3,
    "StationName": "MRC51066",
    "TaskName": "halfchecker",
    "TotalReadoutTime": 0.01638,
    "dataset": "ds003382",
    "modality": "bold",
    "run_id": 1,
    "subject_id": "13",
    "task_id": "halfchecker"
  },
  "dummy_trs": 0,
  "dvars_nstd": 34.977278359749995,
  "dvars_std": 1.051382257,
  "dvars_vstd": 1.0111844988333334,
  "efc": 0.5693520009622272,
  "fber": 475.95758056640625,
  "fd_mean": 0.10942415580485058,
  "fd_num": 6,
  "fd_perc": 4.958677685950414,
  "fwhm_avg": 2.089705321637427,
  "fwhm_x": 1.9822517894736842,
  "fwhm_y": 2.1674408421052633,
  "fwhm_z": 2.119423333333333,
  "gcor": 0.0079081,
  "gsr_x": 0.003675023326650262,
  "gsr_y": 0.022880181670188904,
  "provenance": {
    "md5sum": "75d2839a8f428944723fc317d224a27d",
    "settings": {
      "fd_thres": 0.2,
      "testing": false
    },
    "software": "mriqc",
    "version": "23.0.1",
    "webapi_port": null,
    "webapi_url": "https://mriqc.nimh.nih.gov/api/v1"
  },
  "size_t": 121,
  "size_x": 64,
  "size_y": 64,
  "size_z": 44,
  "snr": 5.223145263499376,
  "spacing_tr": 2.450000047683716,
  "spacing_x": 2.96875,
  "spacing_y": 2.96875,
  "spacing_z": 3.0,
  "summary_bg_k": 49.48147654930641,
  "summary_bg_mad": 6.003927040520036,
  "summary_bg_mean": 42.584468841552734,
  "summary_bg_median": 28.892560958862305,
  "summary_bg_n": 104032.0,
  "summary_bg_p05": 23.14049530029297,
  "summary_bg_p95": 110.27272033691406,
  "summary_bg_stdv": 45.31322479248047,
  "summary_fg_k": 1.0821949657356855,
  "summary_fg_mad": 110.53960536668211,
  "summary_fg_mean": 645.5904541015625,
  "summary_fg_median": 636.8511962890625,
  "summary_fg_n": 38112.0,
  "summary_fg_p05": 467.5454406738281,
  "summary_fg_p95": 862.1735229492188,
  "summary_fg_stdv": 121.92707824707031,
  "tsnr": 39.79739776509814
}