{
  "aor": 0.0010483471074380166,
  "aqi": 0.010505500082644626,
  "bids_meta": {
    "AcquisitionMatrixPE": 64,
    "AcquisitionNumber": 1,
    "AcquisitionTime": "13:10:22.525000",
    "BandwidthPerPixelPhaseEncode": 60.096,
    "BodyPartExamined": "BRAIN",
    "CogAtlasID": "https://cognitiveatlas.org/task/id/trm_4c898f8f297ac/",
    "CoilString": "HeadNeck_MRPET",
    "ConversionSoftware": "dcm2niix",
    "ConversionSoftwareVersion": "v1.0.20190410  GCC6.3.0",
    "DerivedVendorReportedEchoSpacing": 0.000520001,
    "DeviceSerialNumber": "51066",
    "EchoTime": 0.03,
    "EchoTrainLength": 31,
    "EffectiveEchoSpacing": 0.000260001,
    "FlipAngle": 90,
    "ImageOrientationPatientDICOM": [
      0.997498,
      -0.0666419,
      0.0235798,
      0.0697519,
      0.98206,
      -0.175191
    ],
    "ImageType": [
      "ORIGINAL",
      "PRIMARY",
      "M",
      "ND",
      "MOSAIC"
    ],
    "ImagingFrequency": 123.24,
    "InPlanePhaseEncodingDirectionDICOM": "COL",
    "InstitutionAddress": "Blackburn_Road_770_Clayton_Victoria_AU_3168",
    "InstitutionName": "MONASH_BIOMEDICAL_IMAGING",
    "MRAcquisitionType": "2D",
    "MagneticFieldStrength": 3,
    "Manufacturer": "Siemens",
    "ManufacturersModelName": "Biograph_mMR",
    "Modality": "MR",
    "ParallelReductionFactorInPlane": 2,
    "PartialFourier": 0.96875,
    "PatientPosition": "HFS",
    "PercentPhaseFOV": 100,
    "PhaseEncodingDirection": "j-",
    "PixelBandwidth": 2300,
    "ProcedureStepDescription": "MR-PET_Scan",
    "ProtocolName": "Head_Half_checker_board_2_ep2D_task_bold",
    "ReceiveCoilActiveElements": "HEA;HEP;NEP",
    "ReconMatrixPE": 64,
    "RepetitionTime": 2.45,
    "ScanOptions": "FS",
    "ScanningSequence": "EP",
    "SequenceVariant": "SK",
    "SeriesDescription": "Head_Half_checker_board_2_ep2D_task_bold",
    "SeriesNumber": 21,
    "SliceThickness": 3,
    "SliceTiming": [
      0.001215,
      0.001215,
      0.001215,
      0.001215,
      0.001215,
      0.001215,
      0.001215,
      0.001215,
      0.001215,
      0.001215,
      0.001215,
      0.001215,
      0.001215,
      0.001215,
      0.001215,
      0.001215,
      0.001215,
      0.001215,
      0.001215,
      0.001215,
      0.001215,
      0.001215,
      0.001215,
      0.001215,
      0.001215,
      0.001215,
      0.001215,
      0.001215,
      0.001215,
      0.001215,
      0.001215,
      0.001215,
      0.001215,
      0.001215,
      0.001215,
      0.001215,
      0.001215,
      0.001215,
      0.001215,
      0.001215,
      0.001215,
      0.001215,
      0.001215,
      0.001215
    ],
    "SoftwareVersions": "syngo_MR_E11",
    "SpacingBetweenSlices": 3,
    "StationName": "MRC51066",
    "TaskName": "halfchecker",
    "TotalReadoutTime": 0.01638,
    "dataset": "ds003382",
    "modality": "bold",
    "run_id": 2,
    "subject_id": "13",
    "task_id": "halfchecker"
  },
  "dummy_trs": 0,
  "dvars_nstd": 35.410602951,
  "dvars_std": 1.0560887699166668,
  "dvars_vstd": 1.013295862333333,
  "efc": 0.5700469837552855,
  "fber": 474.199462890625,
  "fd_mean": 0.11324831239377123,
  "fd_num": 8,
  "fd_perc": 6.6115702479338845,
  "fwhm_avg": 2.110080023391813,
  "fwhm_x": 2.001205894736842,
  "fwhm_y": 2.184400842105263,
  "fwhm_z": 2.1446333333333336,
  "gcor": 0.0137607,
  "gsr_x": 0.0022292055655270815,
  "gsr_y": 0.022882862016558647,
  "provenance": {
    "md5sum": "9cb3182f321950e84e20ec91c14062e0",
    "settings": {
      "fd_thres": 0.2,
      "testing": false
    },
    "software": "mriqc",
    "version": "23.0.1",
    "webapi_port": null,
    "webapi_url": "https://mriqc.nimh.nih.gov/api/v1"
  },
  "size_t": 121,
  "size_x": 64,
  "size_y": 64,
  "size_z": 44,
  "snr": 5.230296518306293,
  "spacing_tr": 2.450000047683716,
  "spacing_x": 2.96875,
  "spacing_y": 2.96875,
  "spacing_z": 3.0,
  "summary_bg_k": 48.942104593518096,
  "summary_bg_mad": 5.550567841623975,
  "summary_bg_mean": 43.10764694213867,
  "summary_bg_median": 29.024791717529297,
  "summary_bg_n": 104022.0,
  "summary_bg_p05": 23.909090042114258,
  "summary_bg_p95": 112.01487236022939,
  "summary_bg_stdv": 46.19343185424805,
  "summary_fg_k": 1.0162690825168532,
  "summary_fg_mad": 110.12918407993699,
  "summary_fg_mean": 649.4707641601562,
  "summary_fg_median": 640.0,
  "summary_fg_n": 37983.0,
  "summary_fg_p05": 470.9289031982422,
  "summary_fg_p95": 868.791717529297,
  "summary_fg_stdv": 122.36238861083984,
  "tsnr": 39.91646691178903
}