{
  "aor": 0.000680495867768595,
  "aqi": 0.015603367768595043,
  "bids_meta": {
    "AcquisitionMatrixPE": 64,
    "AcquisitionNumber": 1,
    "AcquisitionTime": "11:21:33.062500",
    "BandwidthPerPixelPhaseEncode": 56.818,
    "CogAtlasID": "https://cognitiveatlas.org/task/id/trm_4c898f8f297ac/",
    "CoilString": "NN",
    "ConversionSoftware": "dcm2niix",
    "ConversionSoftwareVersion": "v1.0.20190410  GCC6.3.0",
    "DerivedVendorReportedEchoSpacing": 0.000550002,
    "DeviceSerialNumber": "51066",
    "EchoTime": 0.03,
    "EffectiveEchoSpacing": 0.000275001,
    "FlipAngle": 90,
    "ImageOrientationPatientDICOM": [
      0.998667,
      0.0193966,
      -0.0478296,
      -0.0261511,
      0.989099,
      -0.144911
    ],
    "ImageType": [
      "ORIGINAL",
      "PRIMARY",
      "M",
      "ND",
      "NORM",
      "MOSAIC"
    ],
    "ImagingFrequency": 123.24,
    "InPlanePhaseEncodingDirectionDICOM": "COL",
    "InstitutionAddress": "Blackburn_Road_770_Clayton_Victoria_AU_3168",
    "InstitutionName": "Monash_Biomedical_Imaging",
    "MRAcquisitionType": "2D",
    "MagneticFieldStrength": 3,
    "Manufacturer": "Siemens",
    "ManufacturersModelName": "Biograph_mMR",
    "Modality": "MR",
    "ParallelReductionFactorInPlane": 2,
    "PatientPosition": "HFS",
    "PercentPhaseFOV": 100,
    "PhaseEncodingDirection": "j-",
    "PixelBandwidth": 2367,
    "ProcedureStepDescription": "MR-PET_Scan",
    "ProtocolName": "Half_checker_ep2d_task_bold",
    "ReceiveCoilActiveElements": "T:HEA;HEP;NEP",
    "ReconMatrixPE": 64,
    "RepetitionTime": 2.45,
    "ScanOptions": "FS",
    "ScanningSequence": "EP",
    "SequenceVariant": "SK",
    "SeriesDescription": "Half_checker_ep2d_task_bold",
    "SeriesNumber": 32,
    "SliceThickness": 3,
    "SliceTiming": [
      0.00123,
      0.00123,
      0.00123,
      0.00123,
      0.00123,
      0.00123,
      0.00123,
      0.00123,
      0.00123,
      0.00123,
      0.00123,
      0.00123,
      0.00123,
      0.00123,
      0.00123,
      0.00123,
      0.00123,
      0.00123,
      0.00123,
      0.00123,
      0.00123,
      0.00123,
      0.00123,
      0.00123,
      0.00123,
      0.00123,
      0.00123,
      0.00123,
      0.00123,
      0.00123,
      0.00123,
      0.00123,
      0.00123,
      0.00123,
      0.00123,
      0.00123,
      0.00123,
      0.00123,
      0.00123,
      0.00123,
      0.00123,
      0.00123,
      0.00123,
      0.00123
    ],
    "SoftwareVersions": "syngo_MR_B20P",
    "SpacingBetweenSlices": 3,
    "StationName": "MRC51066",
    "TaskName": "halfchecker",
    "TotalReadoutTime": 0.0173251,
    "dataset": "ds003382",
    "modality": "bold",
    "run_id": 2,
    "subject_id": "08",
    "task_id": "halfchecker"
  },
  "dummy_trs": 0,
  "dvars_nstd": 44.793832906166664,
  "dvars_std": 1.2419617940000003,
  "dvars_vstd": 1.001248072,
  "efc": 0.5625662127309006,
  "fber": 696.1949462890625,
  "fd_mean": 0.10996201843846605,
  "fd_num": 1,
  "fd_perc": 0.8264462809917356,
  "fwhm_avg": 1.6199539883040934,
  "fwhm_x": 1.5189793684210526,
  "fwhm_y": 1.7468092631578946,
  "fwhm_z": 1.5940733333333332,
  "gcor": 0.00749154,
  "gsr_x": -0.009744677692651749,
  "gsr_y": 0.035738009959459305,
  "provenance": {
    "md5sum": "a94275108840fe99fb0a87d8f01dff3a",
    "settings": {
      "fd_thres": 0.2,
      "testing": false
    },
    "software": "mriqc",
    "version": "23.0.1",
    "webapi_port": null,
    "webapi_url": "https://mriqc.nimh.nih.gov/api/v1"
  },
  "size_t": 121,
  "size_x": 64,
  "size_y": 64,
  "size_z": 44,
  "snr": 6.063275444314225,
  "spacing_tr": 2.450000047683716,
  "spacing_x": 2.96875,
  "spacing_y": 2.96875,
  "spacing_z": 3.0,
  "summary_bg_k": 63.02710127455278,
  "summary_bg_mad": 11.346196238240045,
  "summary_bg_mean": 38.03309631347656,
  "summary_bg_median": 24.55371856689453,
  "summary_bg_n": 103162.0,
  "summary_bg_p05": 12.867768287658691,
  "summary_bg_p95": 105.51239013671875,
  "summary_bg_stdv": 50.17466354370117,
  "summary_fg_k": 2.3920424953810215,
  "summary_fg_mad": 95.63390598110155,
  "summary_fg_mean": 662.7662353515625,
  "summary_fg_median": 653.77685546875,
  "summary_fg_n": 39090.0,
  "summary_fg_p05": 512.7962463378906,
  "summary_fg_p95": 843.2954315185546,
  "summary_fg_stdv": 107.82431030273438,
  "tsnr": 40.17299833253492
}