{
  "aor": 0.002397685950413223,
  "aqi": 0.025595706611570245,
  "bids_meta": {
    "AcquisitionMatrixPE": 64,
    "AcquisitionNumber": 1,
    "AcquisitionTime": "12:15:11.810000",
    "BandwidthPerPixelPhaseEncode": 56.818,
    "CogAtlasID": "https://cognitiveatlas.org/task/id/trm_4c898f8f297ac/",
    "CoilString": "NN",
    "ConversionSoftware": "dcm2niix",
    "ConversionSoftwareVersion": "v1.0.20190410  GCC6.3.0",
    "DerivedVendorReportedEchoSpacing": 0.000550002,
    "DeviceSerialNumber": "51066",
    "EchoTime": 0.03,
    "EffectiveEchoSpacing": 0.000275001,
    "FlipAngle": 90,
    "ImageOrientationPatientDICOM": [
      0.999543,
      0.0040689,
      0.0299672,
      1.42124e-08,
      0.990908,
      -0.134544
    ],
    "ImageType": [
      "ORIGINAL",
      "PRIMARY",
      "M",
      "ND",
      "NORM",
      "MOSAIC"
    ],
    "ImagingFrequency": 123.24,
    "InPlanePhaseEncodingDirectionDICOM": "COL",
    "InstitutionAddress": "Blackburn_Road_770_Clayton_Victoria_AU_3168",
    "InstitutionName": "Monash_Biomedical_Imaging",
    "MRAcquisitionType": "2D",
    "MagneticFieldStrength": 3,
    "Manufacturer": "Siemens",
    "ManufacturersModelName": "Biograph_mMR",
    "Modality": "MR",
    "ParallelReductionFactorInPlane": 2,
    "PatientPosition": "HFS",
    "PercentPhaseFOV": 100,
    "PhaseEncodingDirection": "j-",
    "PixelBandwidth": 2367,
    "ProcedureStepDescription": "MR-PET_Scan",
    "ProtocolName": "Full_checker_ep2d_task_bold",
    "ReceiveCoilActiveElements": "T:HEA;HEP",
    "ReconMatrixPE": 64,
    "RepetitionTime": 2.45,
    "ScanOptions": "FS",
    "ScanningSequence": "EP",
    "SequenceVariant": "SK",
    "SeriesDescription": "Full_checker_ep2d_task_bold",
    "SeriesNumber": 26,
    "SliceThickness": 3,
    "SliceTiming": [
      0.00123,
      0.00123,
      0.00123,
      0.00123,
      0.00123,
      0.00123,
      0.00123,
      0.00123,
      0.00123,
      0.00123,
      0.00123,
      0.00123,
      0.00123,
      0.00123,
      0.00123,
      0.00123,
      0.00123,
      0.00123,
      0.00123,
      0.00123,
      0.00123,
      0.00123,
      0.00123,
      0.00123,
      0.00123,
      0.00123,
      0.00123,
      0.00123,
      0.00123,
      0.00123,
      0.00123,
      0.00123,
      0.00123,
      0.00123,
      0.00123,
      0.00123,
      0.00123,
      0.00123,
      0.00123,
      0.00123,
      0.00123,
      0.00123,
      0.00123,
      0.00123
    ],
    "SoftwareVersions": "syngo_MR_B20P",
    "SpacingBetweenSlices": 3,
    "StationName": "MRC51066",
    "TaskName": "fullchecker",
    "TotalReadoutTime": 0.0173251,
    "dataset": "ds003382",
    "modality": "bold",
    "run_id": 2,
    "subject_id": "02",
    "task_id": "fullchecker"
  },
  "dummy_trs": 0,
  "dvars_nstd": 41.9875896893776,
  "dvars_std": 1.1422926216182572,
  "dvars_vstd": 1.0046113538174275,
  "efc": 0.5634354045440856,
  "fber": 833.1196899414062,
  "fd_mean": 0.3182693976318943,
  "fd_num": 154,
  "fd_perc": 63.63636363636363,
  "fwhm_avg": 1.6974819883040935,
  "fwhm_x": 1.6017077894736842,
  "fwhm_y": 1.8231848421052632,
  "fwhm_z": 1.6675533333333332,
  "gcor": 0.024712,
  "gsr_x": -0.012886574491858482,
  "gsr_y": 0.018793780356645584,
  "provenance": {
    "md5sum": "5ee750a01220e9f796845f2c9b6887c7",
    "settings": {
      "fd_thres": 0.2,
      "testing": false
    },
    "software": "mriqc",
    "version": "23.0.1",
    "webapi_port": null,
    "webapi_url": "https://mriqc.nimh.nih.gov/api/v1"
  },
  "size_t": 242,
  "size_x": 64,
  "size_y": 64,
  "size_z": 44,
  "snr": 6.835569463513298,
  "spacing_tr": 2.450000047683716,
  "spacing_x": 2.96875,
  "spacing_y": 2.96875,
  "spacing_z": 3.0,
  "summary_bg_k": 20.433722312456155,
  "summary_bg_mad": 12.369314157894442,
  "summary_bg_mean": 44.2828254699707,
  "summary_bg_median": 24.363636016845703,
  "summary_bg_n": 104251.0,
  "summary_bg_p05": 12.11156940460205,
  "summary_bg_p95": 154.51858520507812,
  "summary_bg_stdv": 63.46924591064453,
  "summary_fg_k": 3.898867413180054,
  "summary_fg_mad": 82.0057112842266,
  "summary_fg_mean": 717.2012939453125,
  "summary_fg_median": 708.522705078125,
  "summary_fg_n": 38322.0,
  "summary_fg_p05": 580.6043060302734,
  "summary_fg_p95": 889.1075866699216,
  "summary_fg_stdv": 103.6509780883789,
  "tsnr": 36.861500933300704
}