{
  "aor": 0.001929917355371901,
  "aqi": 0.018101306611570247,
  "bids_meta": {
    "AcquisitionMatrixPE": 64,
    "AcquisitionNumber": 1,
    "AcquisitionTime": "11:38:1.255000",
    "BandwidthPerPixelPhaseEncode": 56.818,
    "CogAtlasID": "https://cognitiveatlas.org/task/id/trm_4c898f8f297ac/",
    "CoilString": "NN",
    "ConversionSoftware": "dcm2niix",
    "ConversionSoftwareVersion": "v1.0.20190410  GCC6.3.0",
    "DerivedVendorReportedEchoSpacing": 0.000550002,
    "DeviceSerialNumber": "51066",
    "EchoTime": 0.03,
    "EffectiveEchoSpacing": 0.000275001,
    "FlipAngle": 90,
    "ImageOrientationPatientDICOM": [
      0.999543,
      0.0040689,
      0.0299672,
      1.42124e-08,
      0.990908,
      -0.134544
    ],
    "ImageType": [
      "ORIGINAL",
      "PRIMARY",
      "M",
      "ND",
      "NORM",
      "MOSAIC"
    ],
    "ImagingFrequency": 123.24,
    "InPlanePhaseEncodingDirectionDICOM": "COL",
    "InstitutionAddress": "Blackburn_Road_770_Clayton_Victoria_AU_3168",
    "InstitutionName": "Monash_Biomedical_Imaging",
    "MRAcquisitionType": "2D",
    "MagneticFieldStrength": 3,
    "Manufacturer": "Siemens",
    "ManufacturersModelName": "Biograph_mMR",
    "Modality": "MR",
    "ParallelReductionFactorInPlane": 2,
    "PatientPosition": "HFS",
    "PercentPhaseFOV": 100,
    "PhaseEncodingDirection": "j-",
    "PixelBandwidth": 2367,
    "ProcedureStepDescription": "MR-PET_Scan",
    "ProtocolName": "Half_checker_ep2d_task_bold",
    "ReceiveCoilActiveElements": "T:HEA;HEP",
    "ReconMatrixPE": 64,
    "RepetitionTime": 2.45,
    "ScanOptions": "FS",
    "ScanningSequence": "EP",
    "SequenceVariant": "SK",
    "SeriesDescription": "Half_checker_ep2d_task_bold",
    "SeriesNumber": 22,
    "SliceThickness": 3,
    "SliceTiming": [
      0.00123,
      0.00123,
      0.00123,
      0.00123,
      0.00123,
      0.00123,
      0.00123,
      0.00123,
      0.00123,
      0.00123,
      0.00123,
      0.00123,
      0.00123,
      0.00123,
      0.00123,
      0.00123,
      0.00123,
      0.00123,
      0.00123,
      0.00123,
      0.00123,
      0.00123,
      0.00123,
      0.00123,
      0.00123,
      0.00123,
      0.00123,
      0.00123,
      0.00123,
      0.00123,
      0.00123,
      0.00123,
      0.00123,
      0.00123,
      0.00123,
      0.00123,
      0.00123,
      0.00123,
      0.00123,
      0.00123,
      0.00123,
      0.00123,
      0.00123,
      0.00123
    ],
    "SoftwareVersions": "syngo_MR_B20P",
    "SpacingBetweenSlices": 3,
    "StationName": "MRC51066",
    "TaskName": "halfchecker",
    "TotalReadoutTime": 0.0173251,
    "dataset": "ds003382",
    "modality": "bold",
    "run_id": 1,
    "subject_id": "02",
    "task_id": "halfchecker"
  },
  "dummy_trs": 0,
  "dvars_nstd": 47.16681861916666,
  "dvars_std": 1.176832345000001,
  "dvars_vstd": 1.0191987710833337,
  "efc": 0.5629774049434363,
  "fber": 812.7933349609375,
  "fd_mean": 0.42776206034721853,
  "fd_num": 97,
  "fd_perc": 80.16528925619835,
  "fwhm_avg": 1.657369192982456,
  "fwhm_x": 1.5617953684210528,
  "fwhm_y": 1.7829322105263157,
  "fwhm_z": 1.6273799999999998,
  "gcor": 0.0100944,
  "gsr_x": -0.012074694037437439,
  "gsr_y": 0.01800970733165741,
  "provenance": {
    "md5sum": "044c5fb6e93c74abc101bfaa1b6985d9",
    "settings": {
      "fd_thres": 0.2,
      "testing": false
    },
    "software": "mriqc",
    "version": "23.0.1",
    "webapi_port": null,
    "webapi_url": "https://mriqc.nimh.nih.gov/api/v1"
  },
  "size_t": 121,
  "size_x": 64,
  "size_y": 64,
  "size_z": 44,
  "snr": 6.682914715161565,
  "spacing_tr": 2.450000047683716,
  "spacing_x": 2.96875,
  "spacing_y": 2.96875,
  "spacing_z": 3.0,
  "summary_bg_k": 21.450203530491372,
  "summary_bg_mad": 12.17939081385591,
  "summary_bg_mean": 43.99885177612305,
  "summary_bg_median": 24.190082550048828,
  "summary_bg_n": 104338.0,
  "summary_bg_p05": 12.041321754455566,
  "summary_bg_p95": 154.19751739501925,
  "summary_bg_stdv": 64.73882293701172,
  "summary_fg_k": 4.637643815439639,
  "summary_fg_mad": 79.80316379897108,
  "summary_fg_mean": 706.1432495117188,
  "summary_fg_median": 698.8016357421875,
  "summary_fg_n": 38109.0,
  "summary_fg_p05": 568.4462524414063,
  "summary_fg_p95": 875.264404296875,
  "summary_fg_stdv": 104.56402587890625,
  "tsnr": 42.894508016703185
}