{
  "aor": 0.0006443801652892563,
  "aqi": 0.011888041322314049,
  "bids_meta": {
    "AcquisitionMatrixPE": 64,
    "AcquisitionNumber": 1,
    "AcquisitionTime": "10:45:40.060000",
    "BandwidthPerPixelPhaseEncode": 60.096,
    "BodyPartExamined": "BRAIN",
    "CogAtlasID": "https://cognitiveatlas.org/task/id/trm_4c898f8f297ac/",
    "CoilString": "HeadNeck_MRPET",
    "ConversionSoftware": "dcm2niix",
    "ConversionSoftwareVersion": "v1.0.20190410  GCC6.3.0",
    "DerivedVendorReportedEchoSpacing": 0.000520001,
    "DeviceSerialNumber": "51066",
    "EchoTime": 0.03,
    "EchoTrainLength": 31,
    "EffectiveEchoSpacing": 0.000260001,
    "FlipAngle": 90,
    "ImageOrientationPatientDICOM": [
      1,
      0,
      0,
      0,
      1,
      0
    ],
    "ImageType": [
      "ORIGINAL",
      "PRIMARY",
      "M",
      "ND",
      "MOSAIC"
    ],
    "ImagingFrequency": 123.239,
    "InPlanePhaseEncodingDirectionDICOM": "COL",
    "InstitutionAddress": "Blackburn_Road_770_Clayton_Victoria_AU_3168",
    "InstitutionName": "MONASH_BIOMEDICAL_IMAGING",
    "MRAcquisitionType": "2D",
    "MagneticFieldStrength": 3,
    "Manufacturer": "Siemens",
    "ManufacturersModelName": "Biograph_mMR",
    "Modality": "MR",
    "ParallelReductionFactorInPlane": 2,
    "PartialFourier": 0.96875,
    "PatientPosition": "HFS",
    "PercentPhaseFOV": 100,
    "PhaseEncodingDirection": "j-",
    "PixelBandwidth": 2300,
    "ProcedureStepDescription": "MR-PET_Scan",
    "ProtocolName": "Head_Half_checker_board_2_ep2D_task_bold",
    "ReceiveCoilActiveElements": "HEA;HEP",
    "ReconMatrixPE": 64,
    "RepetitionTime": 2.45,
    "ScanOptions": "FS",
    "ScanningSequence": "EP",
    "SequenceVariant": "SK",
    "SeriesDescription": "Head_Half_checker_board_2_ep2D_task_bold",
    "SeriesNumber": 19,
    "SliceThickness": 3,
    "SliceTiming": [
      0.001215,
      0.001215,
      0.001215,
      0.001215,
      0.001215,
      0.001215,
      0.001215,
      0.001215,
      0.001215,
      0.001215,
      0.001215,
      0.001215,
      0.001215,
      0.001215,
      0.001215,
      0.001215,
      0.001215,
      0.001215,
      0.001215,
      0.001215,
      0.001215,
      0.001215,
      0.001215,
      0.001215,
      0.001215,
      0.001215,
      0.001215,
      0.001215,
      0.001215,
      0.001215,
      0.001215,
      0.001215,
      0.001215,
      0.001215,
      0.001215,
      0.001215,
      0.001215,
      0.001215,
      0.001215,
      0.001215,
      0.001215,
      0.001215,
      0.001215,
      0.001215
    ],
    "SoftwareVersions": "syngo_MR_E11",
    "SpacingBetweenSlices": 3,
    "StationName": "MRC51066",
    "TaskName": "halfchecker",
    "TotalReadoutTime": 0.01638,
    "dataset": "ds003382",
    "modality": "bold",
    "run_id": 1,
    "subject_id": "14",
    "task_id": "halfchecker"
  },
  "dummy_trs": 0,
  "dvars_nstd": 33.836884672916675,
  "dvars_std": 0.9973394144166667,
  "dvars_vstd": 0.9764401628333331,
  "efc": 0.5542870549778884,
  "fber": 606.7706909179688,
  "fd_mean": 0.12085557999971999,
  "fd_num": 9,
  "fd_perc": 7.43801652892562,
  "fwhm_avg": 2.132265380116959,
  "fwhm_x": 2.0327915789473683,
  "fwhm_y": 2.1844378947368424,
  "fwhm_z": 2.1795666666666667,
  "gcor": 0.0148539,
  "gsr_x": 0.011949887499213219,
  "gsr_y": 0.01928064227104187,
  "provenance": {
    "md5sum": "20cbba36f080f38d8a8063211b164d2d",
    "settings": {
      "fd_thres": 0.2,
      "testing": false
    },
    "software": "mriqc",
    "version": "23.0.1",
    "webapi_port": null,
    "webapi_url": "https://mriqc.nimh.nih.gov/api/v1"
  },
  "size_t": 121,
  "size_x": 64,
  "size_y": 64,
  "size_z": 44,
  "snr": 5.133366759492995,
  "spacing_tr": 2.450000047683716,
  "spacing_x": 2.96875,
  "spacing_y": 2.96875,
  "spacing_z": 3.0,
  "summary_bg_k": 29.21913149909612,
  "summary_bg_mad": 6.359259189579945,
  "summary_bg_mean": 45.037086486816406,
  "summary_bg_median": 27.314048767089844,
  "summary_bg_n": 106871.0,
  "summary_bg_p05": 21.330577850341797,
  "summary_bg_p95": 134.61156463623047,
  "summary_bg_stdv": 55.14451599121094,
  "summary_fg_k": 0.41037473442358774,
  "summary_fg_mad": 126.86053652694032,
  "summary_fg_mean": 691.5386352539062,
  "summary_fg_median": 678.8057861328125,
  "summary_fg_n": 35946.0,
  "summary_fg_p05": 502.09708404541016,
  "summary_fg_p95": 930.7272338867188,
  "summary_fg_stdv": 132.23219299316406,
  "tsnr": 38.123016837053
}