{
  "aor": 0.0003361666666666667,
  "aqi": 0.009170658541666665,
  "bids_meta": {
    "AcquisitionMatrixPE": 64,
    "AcquisitionNumber": 1,
    "AcquisitionTime": "11:22:21.827500",
    "BandwidthPerPixelPhaseEncode": 60.096,
    "BodyPartExamined": "BRAIN",
    "CogAtlasID": "https://cognitiveatlas.org/task/id/trm_4c898f8f297ac/",
    "CoilString": "HeadNeck_MRPET",
    "ConversionSoftware": "dcm2niix",
    "ConversionSoftwareVersion": "v1.0.20190410  GCC6.3.0",
    "DerivedVendorReportedEchoSpacing": 0.000520001,
    "DeviceSerialNumber": "51066",
    "EchoTime": 0.03,
    "EchoTrainLength": 31,
    "EffectiveEchoSpacing": 0.000260001,
    "FlipAngle": 90,
    "ImageOrientationPatientDICOM": [
      1,
      0,
      0,
      0,
      1,
      0
    ],
    "ImageType": [
      "ORIGINAL",
      "PRIMARY",
      "M",
      "ND",
      "MOSAIC"
    ],
    "ImagingFrequency": 123.24,
    "InPlanePhaseEncodingDirectionDICOM": "COL",
    "InstitutionAddress": "Blackburn_Road_770_Clayton_Victoria_AU_3168",
    "InstitutionName": "MONASH_BIOMEDICAL_IMAGING",
    "MRAcquisitionType": "2D",
    "MagneticFieldStrength": 3,
    "Manufacturer": "Siemens",
    "ManufacturersModelName": "Biograph_mMR",
    "Modality": "MR",
    "ParallelReductionFactorInPlane": 2,
    "PartialFourier": 0.96875,
    "PatientPosition": "HFS",
    "PercentPhaseFOV": 100,
    "PhaseEncodingDirection": "j-",
    "PixelBandwidth": 2300,
    "ProcedureStepDescription": "MR-PET_Scan",
    "ProtocolName": "Head_Full_checker_ep2D_task_bold",
    "ReceiveCoilActiveElements": "HEA;HEP",
    "ReconMatrixPE": 64,
    "RepetitionTime": 2.45,
    "ScanOptions": "FS",
    "ScanningSequence": "EP",
    "SequenceVariant": "SK",
    "SeriesDescription": "Head_Full_checker_ep2D_task_bold",
    "SeriesNumber": 27,
    "SliceThickness": 3,
    "SliceTiming": [
      0.001215,
      0.001215,
      0.001215,
      0.001215,
      0.001215,
      0.001215,
      0.001215,
      0.001215,
      0.001215,
      0.001215,
      0.001215,
      0.001215,
      0.001215,
      0.001215,
      0.001215,
      0.001215,
      0.001215,
      0.001215,
      0.001215,
      0.001215,
      0.001215,
      0.001215,
      0.001215,
      0.001215,
      0.001215,
      0.001215,
      0.001215,
      0.001215,
      0.001215,
      0.001215,
      0.001215,
      0.001215,
      0.001215,
      0.001215,
      0.001215,
      0.001215,
      0.001215,
      0.001215,
      0.001215,
      0.001215,
      0.001215,
      0.001215,
      0.001215,
      0.001215
    ],
    "SoftwareVersions": "syngo_MR_E11",
    "SpacingBetweenSlices": 3,
    "StationName": "MRC51066",
    "TaskName": "fullchecker",
    "TotalReadoutTime": 0.01638,
    "dataset": "ds003382",
    "modality": "bold",
    "run_id": 2,
    "subject_id": "14",
    "task_id": "fullchecker"
  },
  "dummy_trs": 2,
  "dvars_nstd": 33.918489791087865,
  "dvars_std": 1.0298879733891215,
  "dvars_vstd": 0.9893445236820084,
  "efc": 0.5537984998944401,
  "fber": 604.147216796875,
  "fd_mean": 0.079996558365761,
  "fd_num": 7,
  "fd_perc": 2.9166666666666665,
  "fwhm_avg": 2.144265426900585,
  "fwhm_x": 2.0281296842105263,
  "fwhm_y": 2.2070332631578946,
  "fwhm_z": 2.1976333333333335,
  "gcor": 0.00761923,
  "gsr_x": 0.013719826005399227,
  "gsr_y": 0.021586546674370766,
  "provenance": {
    "md5sum": "a785fd2aaa0777a2b24762efef0fd696",
    "settings": {
      "fd_thres": 0.2,
      "testing": false
    },
    "software": "mriqc",
    "version": "23.0.1",
    "webapi_port": null,
    "webapi_url": "https://mriqc.nimh.nih.gov/api/v1"
  },
  "size_t": 240,
  "size_x": 64,
  "size_y": 64,
  "size_z": 44,
  "snr": 5.063611745403995,
  "spacing_tr": 2.450000047683716,
  "spacing_x": 2.96875,
  "spacing_y": 2.96875,
  "spacing_z": 3.0,
  "summary_bg_k": 31.611319011218143,
  "summary_bg_mad": 5.683306619045265,
  "summary_bg_mean": 44.440670013427734,
  "summary_bg_median": 27.129167556762695,
  "summary_bg_n": 106997.0,
  "summary_bg_p05": 22.000001907348633,
  "summary_bg_p95": 129.84667358398437,
  "summary_bg_stdv": 54.78902053833008,
  "summary_fg_k": 0.40613376236775034,
  "summary_fg_mad": 127.21037418421221,
  "summary_fg_mean": 687.538818359375,
  "summary_fg_median": 673.6187744140625,
  "summary_fg_n": 35950.0,
  "summary_fg_p05": 497.3802291870117,
  "summary_fg_p95": 930.2406677246092,
  "summary_fg_stdv": 133.02943420410156,
  "tsnr": 41.10910377278924
}