{
  "aor": 0.00028329670329670326,
  "aqi": 0.011887141263736262,
  "bids_meta": {
    "AcquisitionMatrixPE": 64,
    "AcquisitionNumber": 1,
    "AcquisitionTime": "10:30:14.757500",
    "BandwidthPerPixelPhaseEncode": 60.096,
    "BodyPartExamined": "BRAIN",
    "CogAtlasID": "https://cognitiveatlas.org/task/id/trm_54e69c642d89b/",
    "CoilString": "HeadNeck_MRPET",
    "ConversionSoftware": "dcm2niix",
    "ConversionSoftwareVersion": "v1.0.20190410  GCC6.3.0",
    "DerivedVendorReportedEchoSpacing": 0.000520001,
    "DeviceSerialNumber": "51066",
    "EchoTime": 0.03,
    "EchoTrainLength": 31,
    "EffectiveEchoSpacing": 0.000260001,
    "FlipAngle": 90,
    "ImageOrientationPatientDICOM": [
      1,
      0,
      0,
      0,
      1,
      0
    ],
    "ImageType": [
      "ORIGINAL",
      "PRIMARY",
      "M",
      "ND",
      "MOSAIC"
    ],
    "ImagingFrequency": 123.239,
    "InPlanePhaseEncodingDirectionDICOM": "COL",
    "InstitutionAddress": "Blackburn_Road_770_Clayton_Victoria_AU_3168",
    "InstitutionName": "MONASH_BIOMEDICAL_IMAGING",
    "MRAcquisitionType": "2D",
    "MagneticFieldStrength": 3,
    "Manufacturer": "Siemens",
    "ManufacturersModelName": "Biograph_mMR",
    "Modality": "MR",
    "ParallelReductionFactorInPlane": 2,
    "PartialFourier": 0.96875,
    "PatientPosition": "HFS",
    "PercentPhaseFOV": 100,
    "PhaseEncodingDirection": "j-",
    "PixelBandwidth": 2300,
    "ProcedureStepDescription": "MR-PET_Scan",
    "ProtocolName": "Head_Resting_1_ep2D_task_bold",
    "ReceiveCoilActiveElements": "HEA;HEP",
    "ReconMatrixPE": 64,
    "RepetitionTime": 2.45,
    "ScanOptions": "FS",
    "ScanningSequence": "EP",
    "SequenceVariant": "SK",
    "SeriesDescription": "Head_Resting_1_ep2D_task_bold",
    "SeriesNumber": 17,
    "SliceThickness": 3,
    "SliceTiming": [
      0.001215,
      0.001215,
      0.001215,
      0.001215,
      0.001215,
      0.001215,
      0.001215,
      0.001215,
      0.001215,
      0.001215,
      0.001215,
      0.001215,
      0.001215,
      0.001215,
      0.001215,
      0.001215,
      0.001215,
      0.001215,
      0.001215,
      0.001215,
      0.001215,
      0.001215,
      0.001215,
      0.001215,
      0.001215,
      0.001215,
      0.001215,
      0.001215,
      0.001215,
      0.001215,
      0.001215,
      0.001215,
      0.001215,
      0.001215,
      0.001215,
      0.001215,
      0.001215,
      0.001215,
      0.001215,
      0.001215,
      0.001215,
      0.001215,
      0.001215,
      0.001215
    ],
    "SoftwareVersions": "syngo_MR_E11",
    "SpacingBetweenSlices": 3,
    "StationName": "MRC51066",
    "TaskName": "rest",
    "TotalReadoutTime": 0.01638,
    "dataset": "ds003382",
    "modality": "bold",
    "run_id": 1,
    "subject_id": "14",
    "task_id": "rest"
  },
  "dummy_trs": 0,
  "dvars_nstd": 43.04044013617079,
  "dvars_std": 1.0642029130303021,
  "dvars_vstd": 0.9948276417355373,
  "efc": 0.5547559842224629,
  "fber": 604.7986450195312,
  "fd_mean": 0.2778199418273199,
  "fd_num": 234,
  "fd_perc": 64.28571428571429,
  "fwhm_avg": 2.1481723976608187,
  "fwhm_x": 2.04224,
  "fwhm_y": 2.2099705263157894,
  "fwhm_z": 2.1923066666666666,
  "gcor": 0.0223019,
  "gsr_x": 0.009396163746714592,
  "gsr_y": 0.02400795929133892,
  "provenance": {
    "md5sum": "b3b9e9bf031a52777d3592b7fe5f922a",
    "settings": {
      "fd_thres": 0.2,
      "testing": false
    },
    "software": "mriqc",
    "version": "23.0.1",
    "webapi_port": null,
    "webapi_url": "https://mriqc.nimh.nih.gov/api/v1"
  },
  "size_t": 364,
  "size_x": 64,
  "size_y": 64,
  "size_z": 44,
  "snr": 5.113560102150769,
  "spacing_tr": 2.450000047683716,
  "spacing_x": 2.96875,
  "spacing_y": 2.96875,
  "spacing_z": 3.0,
  "summary_bg_k": 42.73245008595488,
  "summary_bg_mad": 6.134061377932698,
  "summary_bg_mean": 45.67662811279297,
  "summary_bg_median": 27.29945182800293,
  "summary_bg_n": 106759.0,
  "summary_bg_p05": 21.684066772460938,
  "summary_bg_p95": 136.510986328125,
  "summary_bg_stdv": 60.56357192993164,
  "summary_fg_k": 0.400591324782575,
  "summary_fg_mad": 127.33674466749731,
  "summary_fg_mean": 690.7775268554688,
  "summary_fg_median": 678.3681640625,
  "summary_fg_n": 35983.0,
  "summary_fg_p05": 500.2857360839844,
  "summary_fg_p95": 929.9052429199219,
  "summary_fg_stdv": 132.65879821777344,
  "tsnr": 37.6198220688384
}