{
  "aor": 0.0003484710743801653,
  "aqi": 0.009330314876033058,
  "bids_meta": {
    "AcquisitionMatrixPE": 64,
    "AcquisitionNumber": 1,
    "AcquisitionTime": "10:18:43.660000",
    "BandwidthPerPixelPhaseEncode": 60.096,
    "BodyPartExamined": "BRAIN",
    "CogAtlasID": "https://cognitiveatlas.org/task/id/trm_4c898f8f297ac/",
    "CoilString": "HeadNeck_MRPET",
    "ConversionSoftware": "dcm2niix",
    "ConversionSoftwareVersion": "v1.0.20190410  GCC6.3.0",
    "DerivedVendorReportedEchoSpacing": 0.000520001,
    "DeviceSerialNumber": "51066",
    "EchoTime": 0.03,
    "EchoTrainLength": 31,
    "EffectiveEchoSpacing": 0.000260001,
    "FlipAngle": 90,
    "ImageOrientationPatientDICOM": [
      1,
      0,
      0,
      0,
      1,
      0
    ],
    "ImageType": [
      "ORIGINAL",
      "PRIMARY",
      "M",
      "ND",
      "MOSAIC"
    ],
    "ImagingFrequency": 123.239,
    "InPlanePhaseEncodingDirectionDICOM": "COL",
    "InstitutionAddress": "Blackburn_Road_770_Clayton_Victoria_AU_3168",
    "InstitutionName": "MONASH_BIOMEDICAL_IMAGING",
    "MRAcquisitionType": "2D",
    "MagneticFieldStrength": 3,
    "Manufacturer": "Siemens",
    "ManufacturersModelName": "Biograph_mMR",
    "Modality": "MR",
    "ParallelReductionFactorInPlane": 2,
    "PartialFourier": 0.96875,
    "PatientPosition": "HFS",
    "PercentPhaseFOV": 100,
    "PhaseEncodingDirection": "j-",
    "PixelBandwidth": 2300,
    "ProcedureStepDescription": "MR-PET_Scan",
    "ProtocolName": "Head_Full_checker_ep2D_task_bold",
    "ReceiveCoilActiveElements": "HEA;HEP",
    "ReconMatrixPE": 64,
    "RepetitionTime": 2.45,
    "ScanOptions": "FS",
    "ScanningSequence": "EP",
    "SequenceVariant": "SK",
    "SeriesDescription": "Head_Full_checker_ep2D_task_bold",
    "SeriesNumber": 15,
    "SliceThickness": 3,
    "SliceTiming": [
      0.001215,
      0.001215,
      0.001215,
      0.001215,
      0.001215,
      0.001215,
      0.001215,
      0.001215,
      0.001215,
      0.001215,
      0.001215,
      0.001215,
      0.001215,
      0.001215,
      0.001215,
      0.001215,
      0.001215,
      0.001215,
      0.001215,
      0.001215,
      0.001215,
      0.001215,
      0.001215,
      0.001215,
      0.001215,
      0.001215,
      0.001215,
      0.001215,
      0.001215,
      0.001215,
      0.001215,
      0.001215,
      0.001215,
      0.001215,
      0.001215,
      0.001215,
      0.001215,
      0.001215,
      0.001215,
      0.001215,
      0.001215,
      0.001215,
      0.001215,
      0.001215
    ],
    "SoftwareVersions": "syngo_MR_E11",
    "SpacingBetweenSlices": 3,
    "StationName": "MRC51066",
    "TaskName": "fullchecker",
    "TotalReadoutTime": 0.01638,
    "dataset": "ds003382",
    "modality": "bold",
    "run_id": 1,
    "subject_id": "14",
    "task_id": "fullchecker"
  },
  "dummy_trs": 0,
  "dvars_nstd": 33.18908647875516,
  "dvars_std": 1.025157002697095,
  "dvars_vstd": 0.9988455053112026,
  "efc": 0.553216757716483,
  "fber": 600.9984130859375,
  "fd_mean": 0.0856141637992923,
  "fd_num": 9,
  "fd_perc": 3.71900826446281,
  "fwhm_avg": 2.140052912280702,
  "fwhm_x": 2.0221237894736843,
  "fwhm_y": 2.1982349473684213,
  "fwhm_z": 2.1998,
  "gcor": 0.00504307,
  "gsr_x": 0.012904983945190907,
  "gsr_y": 0.021351879462599754,
  "provenance": {
    "md5sum": "796099cd173b045bb654a2956d69321c",
    "settings": {
      "fd_thres": 0.2,
      "testing": false
    },
    "software": "mriqc",
    "version": "23.0.1",
    "webapi_port": null,
    "webapi_url": "https://mriqc.nimh.nih.gov/api/v1"
  },
  "size_t": 242,
  "size_x": 64,
  "size_y": 64,
  "size_z": 44,
  "snr": 5.085909312523243,
  "spacing_tr": 2.450000047683716,
  "spacing_x": 2.96875,
  "spacing_y": 2.96875,
  "spacing_z": 3.0,
  "summary_bg_k": 31.155564314395782,
  "summary_bg_mad": 6.478726917098419,
  "summary_bg_mean": 44.60963439941406,
  "summary_bg_median": 27.555784225463867,
  "summary_bg_n": 107034.0,
  "summary_bg_p05": 21.5289249420166,
  "summary_bg_p95": 132.01073532104434,
  "summary_bg_stdv": 54.58292770385742,
  "summary_fg_k": 0.4384934341960114,
  "summary_fg_mad": 129.1885495869003,
  "summary_fg_mean": 695.3906860351562,
  "summary_fg_median": 682.4297485351562,
  "summary_fg_n": 35781.0,
  "summary_fg_p05": 503.7520446777344,
  "summary_fg_p95": 938.6156616210938,
  "summary_fg_stdv": 134.17860412597656,
  "tsnr": 40.9038975284202
}