{
  "aor": 0.0008005785123966942,
  "aqi": 0.00997029223140496,
  "bids_meta": {
    "AcquisitionMatrixPE": 64,
    "AcquisitionNumber": 1,
    "AcquisitionTime": "10:56:28.995000",
    "BandwidthPerPixelPhaseEncode": 60.096,
    "BodyPartExamined": "BRAIN",
    "CogAtlasID": "https://cognitiveatlas.org/task/id/trm_4c898f8f297ac/",
    "CoilString": "HeadNeck_MRPET",
    "ConversionSoftware": "dcm2niix",
    "ConversionSoftwareVersion": "v1.0.20190410  GCC6.3.0",
    "DerivedVendorReportedEchoSpacing": 0.000520001,
    "DeviceSerialNumber": "51066",
    "EchoTime": 0.03,
    "EchoTrainLength": 31,
    "EffectiveEchoSpacing": 0.000260001,
    "FlipAngle": 90,
    "ImageOrientationPatientDICOM": [
      1,
      0,
      0,
      0,
      1,
      0
    ],
    "ImageType": [
      "ORIGINAL",
      "PRIMARY",
      "M",
      "ND",
      "MOSAIC"
    ],
    "ImagingFrequency": 123.239,
    "InPlanePhaseEncodingDirectionDICOM": "COL",
    "InstitutionAddress": "Blackburn_Road_770_Clayton_Victoria_AU_3168",
    "InstitutionName": "MONASH_BIOMEDICAL_IMAGING",
    "MRAcquisitionType": "2D",
    "MagneticFieldStrength": 3,
    "Manufacturer": "Siemens",
    "ManufacturersModelName": "Biograph_mMR",
    "Modality": "MR",
    "ParallelReductionFactorInPlane": 2,
    "PartialFourier": 0.96875,
    "PatientPosition": "HFS",
    "PercentPhaseFOV": 100,
    "PhaseEncodingDirection": "j-",
    "PixelBandwidth": 2300,
    "ProcedureStepDescription": "MR-PET_Scan",
    "ProtocolName": "Head_Half_checker_board_2_ep2D_task_bold",
    "ReceiveCoilActiveElements": "HEA;HEP",
    "ReconMatrixPE": 64,
    "RepetitionTime": 2.45,
    "ScanOptions": "FS",
    "ScanningSequence": "EP",
    "SequenceVariant": "SK",
    "SeriesDescription": "Head_Half_checker_board_2_ep2D_task_bold",
    "SeriesNumber": 23,
    "SliceThickness": 3,
    "SliceTiming": [
      0.001215,
      0.001215,
      0.001215,
      0.001215,
      0.001215,
      0.001215,
      0.001215,
      0.001215,
      0.001215,
      0.001215,
      0.001215,
      0.001215,
      0.001215,
      0.001215,
      0.001215,
      0.001215,
      0.001215,
      0.001215,
      0.001215,
      0.001215,
      0.001215,
      0.001215,
      0.001215,
      0.001215,
      0.001215,
      0.001215,
      0.001215,
      0.001215,
      0.001215,
      0.001215,
      0.001215,
      0.001215,
      0.001215,
      0.001215,
      0.001215,
      0.001215,
      0.001215,
      0.001215,
      0.001215,
      0.001215,
      0.001215,
      0.001215,
      0.001215,
      0.001215
    ],
    "SoftwareVersions": "syngo_MR_E11",
    "SpacingBetweenSlices": 3,
    "StationName": "MRC51066",
    "TaskName": "halfchecker",
    "TotalReadoutTime": 0.01638,
    "dataset": "ds003382",
    "modality": "bold",
    "run_id": 2,
    "subject_id": "14",
    "task_id": "halfchecker"
  },
  "dummy_trs": 0,
  "dvars_nstd": 34.18273606266667,
  "dvars_std": 1.033993202083333,
  "dvars_vstd": 1.0009398928333335,
  "efc": 0.5520147820058767,
  "fber": 618.842529296875,
  "fd_mean": 0.11171863876152127,
  "fd_num": 6,
  "fd_perc": 4.958677685950414,
  "fwhm_avg": 2.1156861754385967,
  "fwhm_x": 2.0210896842105264,
  "fwhm_y": 2.173328842105263,
  "fwhm_z": 2.15264,
  "gcor": 0.0157183,
  "gsr_x": 0.014379835687577724,
  "gsr_y": 0.02183092199265957,
  "provenance": {
    "md5sum": "670115c8774a05f2b5b6d2b758287fdf",
    "settings": {
      "fd_thres": 0.2,
      "testing": false
    },
    "software": "mriqc",
    "version": "23.0.1",
    "webapi_port": null,
    "webapi_url": "https://mriqc.nimh.nih.gov/api/v1"
  },
  "size_t": 121,
  "size_x": 64,
  "size_y": 64,
  "size_z": 44,
  "snr": 5.122360919550089,
  "spacing_tr": 2.450000047683716,
  "spacing_x": 2.96875,
  "spacing_y": 2.96875,
  "spacing_z": 3.0,
  "summary_bg_k": 32.02106877395744,
  "summary_bg_mad": 6.310247078581526,
  "summary_bg_mean": 43.58731460571289,
  "summary_bg_median": 26.83470916748047,
  "summary_bg_n": 107105.0,
  "summary_bg_p05": 20.80991554260254,
  "summary_bg_p95": 126.69420623779297,
  "summary_bg_stdv": 53.824668884277344,
  "summary_fg_k": 0.41733350553609494,
  "summary_fg_mad": 126.16823621732868,
  "summary_fg_mean": 686.7156982421875,
  "summary_fg_median": 674.107421875,
  "summary_fg_n": 35921.0,
  "summary_fg_p05": 496.3222961425781,
  "summary_fg_p95": 924.9834594726562,
  "summary_fg_stdv": 131.59909057617188,
  "tsnr": 39.96287916973233
}