{
  "aor": 0.0009016528925619835,
  "aqi": 0.010202341404958676,
  "bids_meta": {
    "AcquisitionMatrixPE": 64,
    "AcquisitionNumber": 1,
    "AcquisitionTime": "14:44:27.060000",
    "BandwidthPerPixelPhaseEncode": 56.818,
    "CogAtlasID": "https://cognitiveatlas.org/task/id/trm_4c898f8f297ac/",
    "CoilString": "NN",
    "ConversionSoftware": "dcm2niix",
    "ConversionSoftwareVersion": "v1.0.20190410  GCC6.3.0",
    "DerivedVendorReportedEchoSpacing": 0.000550002,
    "DeviceSerialNumber": "51066",
    "EchoTime": 0.03,
    "EffectiveEchoSpacing": 0.000275001,
    "FlipAngle": 90,
    "ImageOrientationPatientDICOM": [
      0.999996,
      0.000283216,
      -0.00278945,
      1.50571e-08,
      0.994885,
      0.101017
    ],
    "ImageType": [
      "ORIGINAL",
      "PRIMARY",
      "M",
      "ND",
      "NORM",
      "MOSAIC"
    ],
    "ImagingFrequency": 123.24,
    "InPlanePhaseEncodingDirectionDICOM": "COL",
    "InstitutionAddress": "Blackburn_Road_770_Clayton_Victoria_AU_3168",
    "InstitutionName": "Monash_Biomedical_Imaging",
    "MRAcquisitionType": "2D",
    "MagneticFieldStrength": 3,
    "Manufacturer": "Siemens",
    "ManufacturersModelName": "Biograph_mMR",
    "Modality": "MR",
    "ParallelReductionFactorInPlane": 2,
    "PatientPosition": "HFS",
    "PercentPhaseFOV": 100,
    "PhaseEncodingDirection": "j-",
    "PixelBandwidth": 2367,
    "ProcedureStepDescription": "MR-PET_Scan",
    "ProtocolName": "Half_checker_ep2d_task_bold",
    "ReceiveCoilActiveElements": "T:HEA;HEP",
    "ReconMatrixPE": 64,
    "RepetitionTime": 2.45,
    "ScanOptions": "FS",
    "ScanningSequence": "EP",
    "SequenceVariant": "SK",
    "SeriesDescription": "Half_checker_ep2d_task_bold",
    "SeriesNumber": 22,
    "SliceThickness": 3,
    "SliceTiming": [
      0.00123,
      0.00123,
      0.00123,
      0.00123,
      0.00123,
      0.00123,
      0.00123,
      0.00123,
      0.00123,
      0.00123,
      0.00123,
      0.00123,
      0.00123,
      0.00123,
      0.00123,
      0.00123,
      0.00123,
      0.00123,
      0.00123,
      0.00123,
      0.00123,
      0.00123,
      0.00123,
      0.00123,
      0.00123,
      0.00123,
      0.00123,
      0.00123,
      0.00123,
      0.00123,
      0.00123,
      0.00123,
      0.00123,
      0.00123,
      0.00123,
      0.00123,
      0.00123,
      0.00123,
      0.00123,
      0.00123,
      0.00123,
      0.00123,
      0.00123,
      0.00123
    ],
    "SoftwareVersions": "syngo_MR_B20P",
    "SpacingBetweenSlices": 3,
    "StationName": "MRC51066",
    "TaskName": "halfchecker",
    "TotalReadoutTime": 0.0173251,
    "dataset": "ds003382",
    "modality": "bold",
    "run_id": 1,
    "subject_id": "06",
    "task_id": "halfchecker"
  },
  "dummy_trs": 0,
  "dvars_nstd": 32.995317871833315,
  "dvars_std": 1.1123386277499998,
  "dvars_vstd": 1.0159157078333336,
  "efc": 0.5610341142535676,
  "fber": 972.38037109375,
  "fd_mean": 0.08803550028742321,
  "fd_num": 1,
  "fd_perc": 0.8264462809917356,
  "fwhm_avg": 1.6553412748538012,
  "fwhm_x": 1.5146475789473686,
  "fwhm_y": 1.8252395789473685,
  "fwhm_z": 1.6261366666666666,
  "gcor": 0.00348141,
  "gsr_x": -0.0051240515895187855,
  "gsr_y": 0.032800979912281036,
  "provenance": {
    "md5sum": "10822a21c87ef15a06022ba94b6eda3f",
    "settings": {
      "fd_thres": 0.2,
      "testing": false
    },
    "software": "mriqc",
    "version": "23.0.1",
    "webapi_port": null,
    "webapi_url": "https://mriqc.nimh.nih.gov/api/v1"
  },
  "size_t": 121,
  "size_x": 64,
  "size_y": 64,
  "size_z": 44,
  "snr": 6.355875049537493,
  "spacing_tr": 2.450000047683716,
  "spacing_x": 2.96875,
  "spacing_y": 2.96875,
  "spacing_z": 3.0,
  "summary_bg_k": 22.80924693168226,
  "summary_bg_mad": 10.83157190059596,
  "summary_bg_mean": 37.67344665527344,
  "summary_bg_median": 22.51239585876465,
  "summary_bg_n": 101543.0,
  "summary_bg_p05": 12.165288925170898,
  "summary_bg_p95": 116.42065887451167,
  "summary_bg_stdv": 48.4855842590332,
  "summary_fg_k": 2.1520548131861315,
  "summary_fg_mad": 97.05529113412749,
  "summary_fg_mean": 726.654052734375,
  "summary_fg_median": 712.6156616210938,
  "summary_fg_n": 40258.0,
  "summary_fg_p05": 577.1966796875,
  "summary_fg_p95": 924.4809326171876,
  "summary_fg_stdv": 112.11781311035156,
  "tsnr": 49.673863536445424
}