{
  "aor": 0.0010072500000000001,
  "aqi": 0.010297987666666668,
  "bids_meta": {
    "AcquisitionMatrixPE": 64,
    "AcquisitionNumber": 1,
    "AcquisitionTime": "14:55:30.452500",
    "BandwidthPerPixelPhaseEncode": 56.818,
    "CogAtlasID": "https://cognitiveatlas.org/task/id/trm_4c898f8f297ac/",
    "CoilString": "NN",
    "ConversionSoftware": "dcm2niix",
    "ConversionSoftwareVersion": "v1.0.20190410  GCC6.3.0",
    "DerivedVendorReportedEchoSpacing": 0.000550002,
    "DeviceSerialNumber": "51066",
    "EchoTime": 0.03,
    "EffectiveEchoSpacing": 0.000275001,
    "FlipAngle": 90,
    "ImageOrientationPatientDICOM": [
      0.999996,
      0.000283216,
      -0.00278945,
      1.50571e-08,
      0.994885,
      0.101017
    ],
    "ImageType": [
      "ORIGINAL",
      "PRIMARY",
      "M",
      "ND",
      "NORM",
      "MOSAIC"
    ],
    "ImagingFrequency": 123.24,
    "InPlanePhaseEncodingDirectionDICOM": "COL",
    "InstitutionAddress": "Blackburn_Road_770_Clayton_Victoria_AU_3168",
    "InstitutionName": "Monash_Biomedical_Imaging",
    "MRAcquisitionType": "2D",
    "MagneticFieldStrength": 3,
    "Manufacturer": "Siemens",
    "ManufacturersModelName": "Biograph_mMR",
    "Modality": "MR",
    "ParallelReductionFactorInPlane": 2,
    "PatientPosition": "HFS",
    "PercentPhaseFOV": 100,
    "PhaseEncodingDirection": "j-",
    "PixelBandwidth": 2367,
    "ProcedureStepDescription": "MR-PET_Scan",
    "ProtocolName": "Half_checker_ep2d_task_bold",
    "ReceiveCoilActiveElements": "T:HEA;HEP",
    "ReconMatrixPE": 64,
    "RepetitionTime": 2.45,
    "ScanOptions": "FS",
    "ScanningSequence": "EP",
    "SequenceVariant": "SK",
    "SeriesDescription": "Half_checker_ep2d_task_bold",
    "SeriesNumber": 24,
    "SliceThickness": 3,
    "SliceTiming": [
      0.00123,
      0.00123,
      0.00123,
      0.00123,
      0.00123,
      0.00123,
      0.00123,
      0.00123,
      0.00123,
      0.00123,
      0.00123,
      0.00123,
      0.00123,
      0.00123,
      0.00123,
      0.00123,
      0.00123,
      0.00123,
      0.00123,
      0.00123,
      0.00123,
      0.00123,
      0.00123,
      0.00123,
      0.00123,
      0.00123,
      0.00123,
      0.00123,
      0.00123,
      0.00123,
      0.00123,
      0.00123,
      0.00123,
      0.00123,
      0.00123,
      0.00123,
      0.00123,
      0.00123,
      0.00123,
      0.00123,
      0.00123,
      0.00123,
      0.00123,
      0.00123
    ],
    "SoftwareVersions": "syngo_MR_B20P",
    "SpacingBetweenSlices": 3,
    "StationName": "MRC51066",
    "TaskName": "halfchecker",
    "TotalReadoutTime": 0.0173251,
    "dataset": "ds003382",
    "modality": "bold",
    "run_id": 2,
    "subject_id": "06",
    "task_id": "halfchecker"
  },
  "dummy_trs": 1,
  "dvars_nstd": 32.95710029932773,
  "dvars_std": 1.1085689197478994,
  "dvars_vstd": 1.0102334559663866,
  "efc": 0.5622525794704435,
  "fber": 964.4778442382812,
  "fd_mean": 0.10220694046247063,
  "fd_num": 1,
  "fd_perc": 0.8333333333333334,
  "fwhm_avg": 1.671964,
  "fwhm_x": 1.5327393684210526,
  "fwhm_y": 1.8364126315789475,
  "fwhm_z": 1.64674,
  "gcor": 0.00733009,
  "gsr_x": -0.005425554700195789,
  "gsr_y": 0.032672181725502014,
  "provenance": {
    "md5sum": "1ca04719b1f396762532ec7a0860fbeb",
    "settings": {
      "fd_thres": 0.2,
      "testing": false
    },
    "software": "mriqc",
    "version": "23.0.1",
    "webapi_port": null,
    "webapi_url": "https://mriqc.nimh.nih.gov/api/v1"
  },
  "size_t": 120,
  "size_x": 64,
  "size_y": 64,
  "size_z": 44,
  "snr": 6.365831726561107,
  "spacing_tr": 2.450000047683716,
  "spacing_x": 2.96875,
  "spacing_y": 2.96875,
  "spacing_z": 3.0,
  "summary_bg_k": 22.896336890688016,
  "summary_bg_mad": 10.921835117594231,
  "summary_bg_mean": 38.17819595336914,
  "summary_bg_median": 22.608333587646484,
  "summary_bg_n": 101451.0,
  "summary_bg_p05": 12.15000057220459,
  "summary_bg_p95": 118.4416732788086,
  "summary_bg_stdv": 49.74245071411133,
  "summary_fg_k": 2.195537396796354,
  "summary_fg_mad": 96.78920276599297,
  "summary_fg_mean": 725.7374877929688,
  "summary_fg_median": 712.2333984375,
  "summary_fg_n": 40399.0,
  "summary_fg_p05": 576.1575500488282,
  "summary_fg_p95": 922.0100280761718,
  "summary_fg_stdv": 111.88240814208984,
  "tsnr": 49.469020867487416
}