{
  "aor": 0.0006719421487603305,
  "aqi": 0.019978661983471074,
  "bids_meta": {
    "AcquisitionMatrixPE": 64,
    "AcquisitionNumber": 1,
    "AcquisitionTime": "14:17:33.565000",
    "BandwidthPerPixelPhaseEncode": 56.818,
    "CogAtlasID": "https://cognitiveatlas.org/task/id/trm_4c898f8f297ac/",
    "CoilString": "NN",
    "ConversionSoftware": "dcm2niix",
    "ConversionSoftwareVersion": "v1.0.20190410  GCC6.3.0",
    "DerivedVendorReportedEchoSpacing": 0.000550002,
    "DeviceSerialNumber": "51066",
    "EchoTime": 0.03,
    "EffectiveEchoSpacing": 0.000275001,
    "FlipAngle": 90,
    "ImageOrientationPatientDICOM": [
      0.999996,
      0.000283216,
      -0.00278945,
      1.50571e-08,
      0.994885,
      0.101017
    ],
    "ImageType": [
      "ORIGINAL",
      "PRIMARY",
      "M",
      "ND",
      "NORM",
      "MOSAIC"
    ],
    "ImagingFrequency": 123.24,
    "InPlanePhaseEncodingDirectionDICOM": "COL",
    "InstitutionAddress": "Blackburn_Road_770_Clayton_Victoria_AU_3168",
    "InstitutionName": "Monash_Biomedical_Imaging",
    "MRAcquisitionType": "2D",
    "MagneticFieldStrength": 3,
    "Manufacturer": "Siemens",
    "ManufacturersModelName": "Biograph_mMR",
    "Modality": "MR",
    "ParallelReductionFactorInPlane": 2,
    "PatientPosition": "HFS",
    "PercentPhaseFOV": 100,
    "PhaseEncodingDirection": "j-",
    "PixelBandwidth": 2367,
    "ProcedureStepDescription": "MR-PET_Scan",
    "ProtocolName": "Full_checker_ep2d_task_bold",
    "ReceiveCoilActiveElements": "T:HEA;HEP",
    "ReconMatrixPE": 64,
    "RepetitionTime": 2.45,
    "ScanOptions": "FS",
    "ScanningSequence": "EP",
    "SequenceVariant": "SK",
    "SeriesDescription": "Full_checker_ep2d_task_bold",
    "SeriesNumber": 20,
    "SliceThickness": 3,
    "SliceTiming": [
      0.00123,
      0.00123,
      0.00123,
      0.00123,
      0.00123,
      0.00123,
      0.00123,
      0.00123,
      0.00123,
      0.00123,
      0.00123,
      0.00123,
      0.00123,
      0.00123,
      0.00123,
      0.00123,
      0.00123,
      0.00123,
      0.00123,
      0.00123,
      0.00123,
      0.00123,
      0.00123,
      0.00123,
      0.00123,
      0.00123,
      0.00123,
      0.00123,
      0.00123,
      0.00123,
      0.00123,
      0.00123,
      0.00123,
      0.00123,
      0.00123,
      0.00123,
      0.00123,
      0.00123,
      0.00123,
      0.00123,
      0.00123,
      0.00123,
      0.00123,
      0.00123
    ],
    "SoftwareVersions": "syngo_MR_B20P",
    "SpacingBetweenSlices": 3,
    "StationName": "MRC51066",
    "TaskName": "fullchecker",
    "TotalReadoutTime": 0.0173251,
    "dataset": "ds003382",
    "modality": "bold",
    "run_id": 1,
    "subject_id": "06",
    "task_id": "fullchecker"
  },
  "dummy_trs": 0,
  "dvars_nstd": 33.28337224576765,
  "dvars_std": 1.0510569815767639,
  "dvars_vstd": 0.978073640207469,
  "efc": 0.5610587297124944,
  "fber": 1010.2117309570312,
  "fd_mean": 0.14471943214647878,
  "fd_num": 34,
  "fd_perc": 14.049586776859504,
  "fwhm_avg": 1.6868041403508771,
  "fwhm_x": 1.5299098947368421,
  "fwhm_y": 1.8604025263157893,
  "fwhm_z": 1.6701,
  "gcor": 0.0103542,
  "gsr_x": -0.004058639518916607,
  "gsr_y": 0.03462667390704155,
  "provenance": {
    "md5sum": "02ed7d322b58904a054a2a2dc6412141",
    "settings": {
      "fd_thres": 0.2,
      "testing": false
    },
    "software": "mriqc",
    "version": "23.0.1",
    "webapi_port": null,
    "webapi_url": "https://mriqc.nimh.nih.gov/api/v1"
  },
  "size_t": 242,
  "size_x": 64,
  "size_y": 64,
  "size_z": 44,
  "snr": 6.398812901142203,
  "spacing_tr": 2.450000047683716,
  "spacing_x": 2.96875,
  "spacing_y": 2.96875,
  "spacing_z": 3.0,
  "summary_bg_k": 24.367288357420424,
  "summary_bg_mad": 11.646392590266046,
  "summary_bg_mean": 38.049034118652344,
  "summary_bg_median": 22.388429641723633,
  "summary_bg_n": 101521.0,
  "summary_bg_p05": 11.710742950439453,
  "summary_bg_p95": 115.98760223388672,
  "summary_bg_stdv": 50.0467643737793,
  "summary_fg_k": 2.0584241076103167,
  "summary_fg_mad": 97.57602077685151,
  "summary_fg_mean": 732.1113891601562,
  "summary_fg_median": 717.8388061523438,
  "summary_fg_n": 40369.0,
  "summary_fg_p05": 582.0726928710938,
  "summary_fg_p95": 929.3900634765624,
  "summary_fg_stdv": 112.18173217773438,
  "tsnr": 39.29833973397035
}