{
  "aor": 0.0011796428571428572,
  "aqi": 0.02181210631868132,
  "bids_meta": {
    "AcquisitionMatrixPE": 64,
    "AcquisitionNumber": 1,
    "AcquisitionTime": "14:28:16.950000",
    "BandwidthPerPixelPhaseEncode": 56.818,
    "CogAtlasID": "https://cognitiveatlas.org/task/id/trm_54e69c642d89b/",
    "CoilString": "NN",
    "ConversionSoftware": "dcm2niix",
    "ConversionSoftwareVersion": "v1.0.20190410  GCC6.3.0",
    "DerivedVendorReportedEchoSpacing": 0.000550002,
    "DeviceSerialNumber": "51066",
    "EchoTime": 0.03,
    "EffectiveEchoSpacing": 0.000275001,
    "FlipAngle": 90,
    "ImageOrientationPatientDICOM": [
      0.999996,
      0.000283216,
      -0.00278945,
      1.50571e-08,
      0.994885,
      0.101017
    ],
    "ImageType": [
      "ORIGINAL",
      "PRIMARY",
      "M",
      "ND",
      "NORM",
      "MOSAIC"
    ],
    "ImagingFrequency": 123.24,
    "InPlanePhaseEncodingDirectionDICOM": "COL",
    "InstitutionAddress": "Blackburn_Road_770_Clayton_Victoria_AU_3168",
    "InstitutionName": "Monash_Biomedical_Imaging",
    "MRAcquisitionType": "2D",
    "MagneticFieldStrength": 3,
    "Manufacturer": "Siemens",
    "ManufacturersModelName": "Biograph_mMR",
    "Modality": "MR",
    "ParallelReductionFactorInPlane": 2,
    "PatientPosition": "HFS",
    "PercentPhaseFOV": 100,
    "PhaseEncodingDirection": "j-",
    "PixelBandwidth": 2367,
    "ProcedureStepDescription": "MR-PET_Scan",
    "ProtocolName": "Rest_ep2d_task_bold",
    "ReceiveCoilActiveElements": "T:HEA;HEP",
    "ReconMatrixPE": 64,
    "RepetitionTime": 2.45,
    "ScanOptions": "FS",
    "ScanningSequence": "EP",
    "SequenceVariant": "SK",
    "SeriesDescription": "Rest_ep2d_task_bold",
    "SeriesNumber": 21,
    "SliceThickness": 3,
    "SliceTiming": [
      0.00123,
      0.00123,
      0.00123,
      0.00123,
      0.00123,
      0.00123,
      0.00123,
      0.00123,
      0.00123,
      0.00123,
      0.00123,
      0.00123,
      0.00123,
      0.00123,
      0.00123,
      0.00123,
      0.00123,
      0.00123,
      0.00123,
      0.00123,
      0.00123,
      0.00123,
      0.00123,
      0.00123,
      0.00123,
      0.00123,
      0.00123,
      0.00123,
      0.00123,
      0.00123,
      0.00123,
      0.00123,
      0.00123,
      0.00123,
      0.00123,
      0.00123,
      0.00123,
      0.00123,
      0.00123,
      0.00123,
      0.00123,
      0.00123,
      0.00123,
      0.00123
    ],
    "SoftwareVersions": "syngo_MR_B20P",
    "SpacingBetweenSlices": 3,
    "StationName": "MRC51066",
    "TaskName": "rest",
    "TotalReadoutTime": 0.0173251,
    "dataset": "ds003382",
    "modality": "bold",
    "run_id": 1,
    "subject_id": "06",
    "task_id": "rest"
  },
  "dummy_trs": 0,
  "dvars_nstd": 33.08607932198343,
  "dvars_std": 1.0664112991460055,
  "dvars_vstd": 0.9826604049311298,
  "efc": 0.5628052868117127,
  "fber": 1008.6689453125,
  "fd_mean": 0.15872045137505308,
  "fd_num": 65,
  "fd_perc": 17.857142857142858,
  "fwhm_avg": 1.6872096374269006,
  "fwhm_x": 1.5477119999999998,
  "fwhm_y": 1.8611435789473685,
  "fwhm_z": 1.6527733333333332,
  "gcor": 0.0360834,
  "gsr_x": -0.0063652051612734795,
  "gsr_y": 0.040471453219652176,
  "provenance": {
    "md5sum": "7b4a623bdd77bb3ab88dcc122ff4bd0c",
    "settings": {
      "fd_thres": 0.2,
      "testing": false
    },
    "software": "mriqc",
    "version": "23.0.1",
    "webapi_port": null,
    "webapi_url": "https://mriqc.nimh.nih.gov/api/v1"
  },
  "size_t": 364,
  "size_x": 64,
  "size_y": 64,
  "size_z": 44,
  "snr": 6.313522295001446,
  "spacing_tr": 2.450000047683716,
  "spacing_x": 2.96875,
  "spacing_y": 2.96875,
  "spacing_z": 3.0,
  "summary_bg_k": 54.44450231811716,
  "summary_bg_mad": 11.828232555624162,
  "summary_bg_mean": 40.18409729003906,
  "summary_bg_median": 22.615385055541992,
  "summary_bg_n": 101572.0,
  "summary_bg_p05": 11.673077583312988,
  "summary_bg_p95": 124.80687294006343,
  "summary_bg_stdv": 57.94125747680664,
  "summary_fg_k": 2.0478128945285885,
  "summary_fg_mad": 98.78443569542596,
  "summary_fg_mean": 732.7313232421875,
  "summary_fg_median": 718.6099243164062,
  "summary_fg_n": 40313.0,
  "summary_fg_p05": 581.0455932617188,
  "summary_fg_p95": 933.0923461914062,
  "summary_fg_stdv": 113.81935119628906,
  "tsnr": 37.318588452762924
}