{
  "aor": 0.0015238016528925618,
  "aqi": 0.016583495867768597,
  "bids_meta": {
    "AcquisitionMatrixPE": 64,
    "AcquisitionNumber": 1,
    "AcquisitionTime": "11:10:23.525000",
    "BandwidthPerPixelPhaseEncode": 56.818,
    "CogAtlasID": "https://cognitiveatlas.org/task/id/trm_4c898f8f297ac/",
    "CoilString": "NN",
    "ConversionSoftware": "dcm2niix",
    "ConversionSoftwareVersion": "v1.0.20190410  GCC6.3.0",
    "DerivedVendorReportedEchoSpacing": 0.000550002,
    "DeviceSerialNumber": "51066",
    "EchoTime": 0.03,
    "EffectiveEchoSpacing": 0.000275001,
    "FlipAngle": 90,
    "ImageOrientationPatientDICOM": [
      0.998667,
      0.0193966,
      -0.0478296,
      -0.0261511,
      0.989099,
      -0.144911
    ],
    "ImageType": [
      "ORIGINAL",
      "PRIMARY",
      "M",
      "ND",
      "NORM",
      "MOSAIC"
    ],
    "ImagingFrequency": 123.24,
    "InPlanePhaseEncodingDirectionDICOM": "COL",
    "InstitutionAddress": "Blackburn_Road_770_Clayton_Victoria_AU_3168",
    "InstitutionName": "Monash_Biomedical_Imaging",
    "MRAcquisitionType": "2D",
    "MagneticFieldStrength": 3,
    "Manufacturer": "Siemens",
    "ManufacturersModelName": "Biograph_mMR",
    "Modality": "MR",
    "ParallelReductionFactorInPlane": 2,
    "PatientPosition": "HFS",
    "PercentPhaseFOV": 100,
    "PhaseEncodingDirection": "j-",
    "PixelBandwidth": 2367,
    "ProcedureStepDescription": "MR-PET_Scan",
    "ProtocolName": "Half_checker_ep2d_task_bold",
    "ReceiveCoilActiveElements": "T:HEA;HEP;NEP",
    "ReconMatrixPE": 64,
    "RepetitionTime": 2.45,
    "ScanOptions": "FS",
    "ScanningSequence": "EP",
    "SequenceVariant": "SK",
    "SeriesDescription": "Half_checker_ep2d_task_bold",
    "SeriesNumber": 30,
    "SliceThickness": 3,
    "SliceTiming": [
      0.0012275,
      0.0012275,
      0.0012275,
      0.0012275,
      0.0012275,
      0.0012275,
      0.0012275,
      0.0012275,
      0.0012275,
      0.0012275,
      0.0012275,
      0.0012275,
      0.0012275,
      0.0012275,
      0.0012275,
      0.0012275,
      0.0012275,
      0.0012275,
      0.0012275,
      0.0012275,
      0.0012275,
      0.0012275,
      0.0012275,
      0.0012275,
      0.0012275,
      0.0012275,
      0.0012275,
      0.0012275,
      0.0012275,
      0.0012275,
      0.0012275,
      0.0012275,
      0.0012275,
      0.0012275,
      0.0012275,
      0.0012275,
      0.0012275,
      0.0012275,
      0.0012275,
      0.0012275,
      0.0012275,
      0.0012275,
      0.0012275,
      0.0012275
    ],
    "SoftwareVersions": "syngo_MR_B20P",
    "SpacingBetweenSlices": 3,
    "StationName": "MRC51066",
    "TaskName": "halfchecker",
    "TotalReadoutTime": 0.0173251,
    "dataset": "ds003382",
    "modality": "bold",
    "run_id": 1,
    "subject_id": "08",
    "task_id": "halfchecker"
  },
  "dummy_trs": 0,
  "dvars_nstd": 45.65494559608332,
  "dvars_std": 1.232350728916667,
  "dvars_vstd": 1.0134971497499992,
  "efc": 0.5624911783493458,
  "fber": 708.2092895507812,
  "fd_mean": 0.13142240461422375,
  "fd_num": 8,
  "fd_perc": 6.6115702479338845,
  "fwhm_avg": 1.6123247485380119,
  "fwhm_x": 1.511993263157895,
  "fwhm_y": 1.7348143157894735,
  "fwhm_z": 1.5901666666666667,
  "gcor": 0.0143241,
  "gsr_x": -0.009517607279121876,
  "gsr_y": 0.034922003746032715,
  "provenance": {
    "md5sum": "8c3062559f62ab018c70ef9aa69e7202",
    "settings": {
      "fd_thres": 0.2,
      "testing": false
    },
    "software": "mriqc",
    "version": "23.0.1",
    "webapi_port": null,
    "webapi_url": "https://mriqc.nimh.nih.gov/api/v1"
  },
  "size_t": 121,
  "size_x": 64,
  "size_y": 64,
  "size_z": 44,
  "snr": 6.1379937419166195,
  "spacing_tr": 2.450000047683716,
  "spacing_x": 2.96875,
  "spacing_y": 2.96875,
  "spacing_z": 3.0,
  "summary_bg_k": 63.5574837538214,
  "summary_bg_mad": 11.548368368269209,
  "summary_bg_mean": 38.1065788269043,
  "summary_bg_median": 24.309917449951172,
  "summary_bg_n": 103160.0,
  "summary_bg_p05": 12.71900749206543,
  "summary_bg_p95": 105.37230796813955,
  "summary_bg_stdv": 50.6566047668457,
  "summary_fg_k": 2.0885611894695035,
  "summary_fg_mad": 95.0764370500039,
  "summary_fg_mean": 664.1397705078125,
  "summary_fg_median": 654.5371704101562,
  "summary_fg_n": 38954.0,
  "summary_fg_p05": 515.834716796875,
  "summary_fg_p95": 843.7850952148438,
  "summary_fg_stdv": 106.6356201171875,
  "tsnr": 39.0180624187924
}