{
  "aor": 0.0005883162217659139,
  "aqi": 0.017516187268993837,
  "bids_meta": {
    "AcquisitionMatrixPE": 64,
    "AcquisitionNumber": 1,
    "AcquisitionTime": "11:26:57.435000",
    "BandwidthPerPixelPhaseEncode": 56.818,
    "CogAtlasID": "https://cognitiveatlas.org/task/id/trm_54e69c642d89b/",
    "CoilString": "NN",
    "ConversionSoftware": "dcm2niix",
    "ConversionSoftwareVersion": "v1.0.20190410  GCC6.3.0",
    "DerivedVendorReportedEchoSpacing": 0.000550002,
    "DeviceSerialNumber": "51066",
    "EchoTime": 0.03,
    "EffectiveEchoSpacing": 0.000275001,
    "FlipAngle": 90,
    "ImageOrientationPatientDICOM": [
      0.998667,
      0.0193966,
      -0.0478296,
      -0.0261511,
      0.989099,
      -0.144911
    ],
    "ImageType": [
      "ORIGINAL",
      "PRIMARY",
      "M",
      "ND",
      "NORM",
      "MOSAIC"
    ],
    "ImagingFrequency": 123.24,
    "InPlanePhaseEncodingDirectionDICOM": "COL",
    "InstitutionAddress": "Blackburn_Road_770_Clayton_Victoria_AU_3168",
    "InstitutionName": "Monash_Biomedical_Imaging",
    "MRAcquisitionType": "2D",
    "MagneticFieldStrength": 3,
    "Manufacturer": "Siemens",
    "ManufacturersModelName": "Biograph_mMR",
    "Modality": "MR",
    "ParallelReductionFactorInPlane": 2,
    "PatientPosition": "HFS",
    "PercentPhaseFOV": 100,
    "PhaseEncodingDirection": "j-",
    "PixelBandwidth": 2367,
    "ProcedureStepDescription": "MR-PET_Scan",
    "ProtocolName": "Rest_ep2d_task_bold",
    "ReceiveCoilActiveElements": "T:HEA;HEP;NEP",
    "ReconMatrixPE": 64,
    "RepetitionTime": 2.45,
    "ScanOptions": "FS",
    "ScanningSequence": "EP",
    "SequenceVariant": "SK",
    "SeriesDescription": "Rest_ep2d_task_bold",
    "SeriesNumber": 33,
    "SliceThickness": 3,
    "SliceTiming": [
      0.00123,
      0.00123,
      0.00123,
      0.00123,
      0.00123,
      0.00123,
      0.00123,
      0.00123,
      0.00123,
      0.00123,
      0.00123,
      0.00123,
      0.00123,
      0.00123,
      0.00123,
      0.00123,
      0.00123,
      0.00123,
      0.00123,
      0.00123,
      0.00123,
      0.00123,
      0.00123,
      0.00123,
      0.00123,
      0.00123,
      0.00123,
      0.00123,
      0.00123,
      0.00123,
      0.00123,
      0.00123,
      0.00123,
      0.00123,
      0.00123,
      0.00123,
      0.00123,
      0.00123,
      0.00123,
      0.00123,
      0.00123,
      0.00123,
      0.00123,
      0.00123
    ],
    "SoftwareVersions": "syngo_MR_B20P",
    "SpacingBetweenSlices": 3,
    "StationName": "MRC51066",
    "TaskName": "rest",
    "TotalReadoutTime": 0.0173251,
    "dataset": "ds003382",
    "modality": "bold",
    "run_id": 3,
    "subject_id": "08",
    "task_id": "rest"
  },
  "dummy_trs": 0,
  "dvars_nstd": 44.502394585843675,
  "dvars_std": 1.2163156060082312,
  "dvars_vstd": 1.002128097839506,
  "efc": 0.5640090207693853,
  "fber": 702.7949829101562,
  "fd_mean": 0.15169103597353037,
  "fd_num": 101,
  "fd_perc": 20.739219712525667,
  "fwhm_avg": 1.6187054502923977,
  "fwhm_x": 1.513381052631579,
  "fwhm_y": 1.7483486315789474,
  "fwhm_z": 1.5943866666666666,
  "gcor": 0.0342768,
  "gsr_x": -0.01203898899257183,
  "gsr_y": 0.0428941510617733,
  "provenance": {
    "md5sum": "15d9c126bc2740763fc86990b11c1851",
    "settings": {
      "fd_thres": 0.2,
      "testing": false
    },
    "software": "mriqc",
    "version": "23.0.1",
    "webapi_port": null,
    "webapi_url": "https://mriqc.nimh.nih.gov/api/v1"
  },
  "size_t": 487,
  "size_x": 64,
  "size_y": 64,
  "size_z": 44,
  "snr": 6.106802702685257,
  "spacing_tr": 2.450000047683716,
  "spacing_x": 2.96875,
  "spacing_y": 2.96875,
  "spacing_z": 3.0,
  "summary_bg_k": 71.83278579464123,
  "summary_bg_mad": 11.614224504144277,
  "summary_bg_mean": 39.677005767822266,
  "summary_bg_median": 24.535934448242188,
  "summary_bg_n": 103084.0,
  "summary_bg_p05": 12.852156639099121,
  "summary_bg_p95": 109.63912277221671,
  "summary_bg_stdv": 58.7739143371582,
  "summary_fg_k": 2.0932115993602434,
  "summary_fg_mad": 96.09821457382324,
  "summary_fg_mean": 665.9566650390625,
  "summary_fg_median": 656.4209594726562,
  "summary_fg_n": 39115.0,
  "summary_fg_p05": 516.2030944824219,
  "summary_fg_p95": 847.47353515625,
  "summary_fg_stdv": 107.4887466430664,
  "tsnr": 37.84165726182982
}