{
  "aor": 0.0008282644628099173,
  "aqi": 0.0174266,
  "bids_meta": {
    "AcquisitionMatrixPE": 64,
    "AcquisitionNumber": 1,
    "AcquisitionTime": "11:16:5.920000",
    "BandwidthPerPixelPhaseEncode": 56.818,
    "CogAtlasID": "https://cognitiveatlas.org/task/id/trm_54e69c642d89b/",
    "CoilString": "NN",
    "ConversionSoftware": "dcm2niix",
    "ConversionSoftwareVersion": "v1.0.20190410  GCC6.3.0",
    "DerivedVendorReportedEchoSpacing": 0.000550002,
    "DeviceSerialNumber": "51066",
    "EchoTime": 0.03,
    "EffectiveEchoSpacing": 0.000275001,
    "FlipAngle": 90,
    "ImageOrientationPatientDICOM": [
      0.998667,
      0.0193966,
      -0.0478296,
      -0.0261511,
      0.989099,
      -0.144911
    ],
    "ImageType": [
      "ORIGINAL",
      "PRIMARY",
      "M",
      "ND",
      "NORM",
      "MOSAIC"
    ],
    "ImagingFrequency": 123.24,
    "InPlanePhaseEncodingDirectionDICOM": "COL",
    "InstitutionAddress": "Blackburn_Road_770_Clayton_Victoria_AU_3168",
    "InstitutionName": "Monash_Biomedical_Imaging",
    "MRAcquisitionType": "2D",
    "MagneticFieldStrength": 3,
    "Manufacturer": "Siemens",
    "ManufacturersModelName": "Biograph_mMR",
    "Modality": "MR",
    "ParallelReductionFactorInPlane": 2,
    "PatientPosition": "HFS",
    "PercentPhaseFOV": 100,
    "PhaseEncodingDirection": "j-",
    "PixelBandwidth": 2367,
    "ProcedureStepDescription": "MR-PET_Scan",
    "ProtocolName": "Rest_ep2d_task_bold",
    "ReceiveCoilActiveElements": "T:HEA;HEP;NEP",
    "ReconMatrixPE": 64,
    "RepetitionTime": 2.45,
    "ScanOptions": "FS",
    "ScanningSequence": "EP",
    "SequenceVariant": "SK",
    "SeriesDescription": "Rest_ep2d_task_bold",
    "SeriesNumber": 31,
    "SliceThickness": 3,
    "SliceTiming": [
      0.0012275,
      0.0012275,
      0.0012275,
      0.0012275,
      0.0012275,
      0.0012275,
      0.0012275,
      0.0012275,
      0.0012275,
      0.0012275,
      0.0012275,
      0.0012275,
      0.0012275,
      0.0012275,
      0.0012275,
      0.0012275,
      0.0012275,
      0.0012275,
      0.0012275,
      0.0012275,
      0.0012275,
      0.0012275,
      0.0012275,
      0.0012275,
      0.0012275,
      0.0012275,
      0.0012275,
      0.0012275,
      0.0012275,
      0.0012275,
      0.0012275,
      0.0012275,
      0.0012275,
      0.0012275,
      0.0012275,
      0.0012275,
      0.0012275,
      0.0012275,
      0.0012275,
      0.0012275,
      0.0012275,
      0.0012275,
      0.0012275,
      0.0012275
    ],
    "SoftwareVersions": "syngo_MR_B20P",
    "SpacingBetweenSlices": 3,
    "StationName": "MRC51066",
    "TaskName": "rest",
    "TotalReadoutTime": 0.0173251,
    "dataset": "ds003382",
    "modality": "bold",
    "run_id": 2,
    "subject_id": "08",
    "task_id": "rest"
  },
  "dummy_trs": 0,
  "dvars_nstd": 44.366422716416686,
  "dvars_std": 1.2203877358333337,
  "dvars_vstd": 0.9929319131666666,
  "efc": 0.563656183351371,
  "fber": 698.9168701171875,
  "fd_mean": 0.13645632848862158,
  "fd_num": 18,
  "fd_perc": 14.87603305785124,
  "fwhm_avg": 1.6206640350877193,
  "fwhm_x": 1.5208117894736843,
  "fwhm_y": 1.743390315789474,
  "fwhm_z": 1.59779,
  "gcor": 0.00756773,
  "gsr_x": -0.01229867897927761,
  "gsr_y": 0.043090321123600006,
  "provenance": {
    "md5sum": "25bd51665a335715a3af98d4f8b02c1a",
    "settings": {
      "fd_thres": 0.2,
      "testing": false
    },
    "software": "mriqc",
    "version": "23.0.1",
    "webapi_port": null,
    "webapi_url": "https://mriqc.nimh.nih.gov/api/v1"
  },
  "size_t": 121,
  "size_x": 64,
  "size_y": 64,
  "size_z": 44,
  "snr": 6.108807486147383,
  "spacing_tr": 2.450000047683716,
  "spacing_x": 2.96875,
  "spacing_y": 2.96875,
  "spacing_z": 3.0,
  "summary_bg_k": 72.38453242022752,
  "summary_bg_mad": 11.493229743395988,
  "summary_bg_mean": 39.550113677978516,
  "summary_bg_median": 24.446279525756836,
  "summary_bg_n": 103056.0,
  "summary_bg_p05": 12.867768287658691,
  "summary_bg_p95": 108.55577850341797,
  "summary_bg_stdv": 59.049564361572266,
  "summary_fg_k": 2.1115479668513535,
  "summary_fg_mad": 95.43790278253691,
  "summary_fg_mean": 664.3876342773438,
  "summary_fg_median": 654.6942138671875,
  "summary_fg_n": 39033.0,
  "summary_fg_p05": 515.5090698242187,
  "summary_fg_p95": 844.3322021484378,
  "summary_fg_stdv": 107.17080688476562,
  "tsnr": 38.658441037056036
}