{
  "aor": 0.0007562809917355372,
  "aqi": 0.019311257438016528,
  "bids_meta": {
    "AcquisitionMatrixPE": 64,
    "AcquisitionNumber": 1,
    "AcquisitionTime": "11:47:9.077500",
    "BandwidthPerPixelPhaseEncode": 56.818,
    "CogAtlasID": "https://cognitiveatlas.org/task/id/trm_4c898f8f297ac/",
    "CoilString": "NN",
    "ConversionSoftware": "dcm2niix",
    "ConversionSoftwareVersion": "v1.0.20190410  GCC6.3.0",
    "DerivedVendorReportedEchoSpacing": 0.000550002,
    "DeviceSerialNumber": "51066",
    "EchoTime": 0.03,
    "EffectiveEchoSpacing": 0.000275001,
    "FlipAngle": 90,
    "ImageOrientationPatientDICOM": [
      0.998667,
      0.0193966,
      -0.0478296,
      -0.0261511,
      0.989099,
      -0.144911
    ],
    "ImageType": [
      "ORIGINAL",
      "PRIMARY",
      "M",
      "ND",
      "NORM",
      "MOSAIC"
    ],
    "ImagingFrequency": 123.24,
    "InPlanePhaseEncodingDirectionDICOM": "COL",
    "InstitutionAddress": "Blackburn_Road_770_Clayton_Victoria_AU_3168",
    "InstitutionName": "Monash_Biomedical_Imaging",
    "MRAcquisitionType": "2D",
    "MagneticFieldStrength": 3,
    "Manufacturer": "Siemens",
    "ManufacturersModelName": "Biograph_mMR",
    "Modality": "MR",
    "ParallelReductionFactorInPlane": 2,
    "PatientPosition": "HFS",
    "PercentPhaseFOV": 100,
    "PhaseEncodingDirection": "j-",
    "PixelBandwidth": 2367,
    "ProcedureStepDescription": "MR-PET_Scan",
    "ProtocolName": "Full_checker_ep2d_task_bold",
    "ReceiveCoilActiveElements": "T:HEA;HEP;NEP",
    "ReconMatrixPE": 64,
    "RepetitionTime": 2.45,
    "ScanOptions": "FS",
    "ScanningSequence": "EP",
    "SequenceVariant": "SK",
    "SeriesDescription": "Full_checker_ep2d_task_bold",
    "SeriesNumber": 34,
    "SliceThickness": 3,
    "SliceTiming": [
      0.00123,
      0.00123,
      0.00123,
      0.00123,
      0.00123,
      0.00123,
      0.00123,
      0.00123,
      0.00123,
      0.00123,
      0.00123,
      0.00123,
      0.00123,
      0.00123,
      0.00123,
      0.00123,
      0.00123,
      0.00123,
      0.00123,
      0.00123,
      0.00123,
      0.00123,
      0.00123,
      0.00123,
      0.00123,
      0.00123,
      0.00123,
      0.00123,
      0.00123,
      0.00123,
      0.00123,
      0.00123,
      0.00123,
      0.00123,
      0.00123,
      0.00123,
      0.00123,
      0.00123,
      0.00123,
      0.00123,
      0.00123,
      0.00123,
      0.00123,
      0.00123
    ],
    "SoftwareVersions": "syngo_MR_B20P",
    "SpacingBetweenSlices": 3,
    "StationName": "MRC51066",
    "TaskName": "fullchecker",
    "TotalReadoutTime": 0.0173251,
    "dataset": "ds003382",
    "modality": "bold",
    "run_id": 2,
    "subject_id": "08",
    "task_id": "fullchecker"
  },
  "dummy_trs": 0,
  "dvars_nstd": 42.15454953120332,
  "dvars_std": 1.1812670884647307,
  "dvars_vstd": 0.9914877868879675,
  "efc": 0.563403946177658,
  "fber": 702.9744262695312,
  "fd_mean": 0.11279051606451393,
  "fd_num": 14,
  "fd_perc": 5.785123966942149,
  "fwhm_avg": 1.621916561403509,
  "fwhm_x": 1.5263831578947369,
  "fwhm_y": 1.7407865263157893,
  "fwhm_z": 1.5985800000000001,
  "gcor": 0.0083682,
  "gsr_x": -0.009517391212284565,
  "gsr_y": 0.03526636213064194,
  "provenance": {
    "md5sum": "f8a2111ba33bdc093b781fbd1e058a2a",
    "settings": {
      "fd_thres": 0.2,
      "testing": false
    },
    "software": "mriqc",
    "version": "23.0.1",
    "webapi_port": null,
    "webapi_url": "https://mriqc.nimh.nih.gov/api/v1"
  },
  "size_t": 242,
  "size_x": 64,
  "size_y": 64,
  "size_z": 44,
  "snr": 6.160797258101116,
  "spacing_tr": 2.450000047683716,
  "spacing_x": 2.96875,
  "spacing_y": 2.96875,
  "spacing_z": 3.0,
  "summary_bg_k": 59.39349271404283,
  "summary_bg_mad": 12.136506630651951,
  "summary_bg_mean": 38.440269470214844,
  "summary_bg_median": 24.446279525756836,
  "summary_bg_n": 103156.0,
  "summary_bg_p05": 12.380165100097656,
  "summary_bg_p95": 108.2252025604248,
  "summary_bg_stdv": 50.48701858520508,
  "summary_fg_k": 2.070471224025103,
  "summary_fg_mad": 95.13159122799337,
  "summary_fg_mean": 664.6636962890625,
  "summary_fg_median": 655.1425170898438,
  "summary_fg_n": 39050.0,
  "summary_fg_p05": 516.2423065185546,
  "summary_fg_p95": 844.6367340087891,
  "summary_fg_stdv": 106.33917999267578,
  "tsnr": 36.84810492559336
}