{
  "aor": 0.0006132692307692307,
  "aqi": 0.021212978571428575,
  "bids_meta": {
    "AcquisitionMatrixPE": 64,
    "AcquisitionNumber": 1,
    "AcquisitionTime": "10:53:32.465000",
    "BandwidthPerPixelPhaseEncode": 56.818,
    "CogAtlasID": "https://cognitiveatlas.org/task/id/trm_54e69c642d89b/",
    "CoilString": "NN",
    "ConversionSoftware": "dcm2niix",
    "ConversionSoftwareVersion": "v1.0.20190410  GCC6.3.0",
    "DerivedVendorReportedEchoSpacing": 0.000550002,
    "DeviceSerialNumber": "51066",
    "EchoTime": 0.03,
    "EffectiveEchoSpacing": 0.000275001,
    "FlipAngle": 90,
    "ImageOrientationPatientDICOM": [
      0.998667,
      0.0193966,
      -0.0478296,
      -0.0261511,
      0.989099,
      -0.144911
    ],
    "ImageType": [
      "ORIGINAL",
      "PRIMARY",
      "M",
      "ND",
      "NORM",
      "MOSAIC"
    ],
    "ImagingFrequency": 123.24,
    "InPlanePhaseEncodingDirectionDICOM": "COL",
    "InstitutionAddress": "Blackburn_Road_770_Clayton_Victoria_AU_3168",
    "InstitutionName": "Monash_Biomedical_Imaging",
    "MRAcquisitionType": "2D",
    "MagneticFieldStrength": 3,
    "Manufacturer": "Siemens",
    "ManufacturersModelName": "Biograph_mMR",
    "Modality": "MR",
    "ParallelReductionFactorInPlane": 2,
    "PatientPosition": "HFS",
    "PercentPhaseFOV": 100,
    "PhaseEncodingDirection": "j-",
    "PixelBandwidth": 2367,
    "ProcedureStepDescription": "MR-PET_Scan",
    "ProtocolName": "Rest_ep2d_task_bold",
    "ReceiveCoilActiveElements": "T:HEA;HEP;NEP",
    "ReconMatrixPE": 64,
    "RepetitionTime": 2.45,
    "ScanOptions": "FS",
    "ScanningSequence": "EP",
    "SequenceVariant": "SK",
    "SeriesDescription": "Rest_ep2d_task_bold",
    "SeriesNumber": 29,
    "SliceThickness": 3,
    "SliceTiming": [
      0.00123,
      0.00123,
      0.00123,
      0.00123,
      0.00123,
      0.00123,
      0.00123,
      0.00123,
      0.00123,
      0.00123,
      0.00123,
      0.00123,
      0.00123,
      0.00123,
      0.00123,
      0.00123,
      0.00123,
      0.00123,
      0.00123,
      0.00123,
      0.00123,
      0.00123,
      0.00123,
      0.00123,
      0.00123,
      0.00123,
      0.00123,
      0.00123,
      0.00123,
      0.00123,
      0.00123,
      0.00123,
      0.00123,
      0.00123,
      0.00123,
      0.00123,
      0.00123,
      0.00123,
      0.00123,
      0.00123,
      0.00123,
      0.00123,
      0.00123,
      0.00123
    ],
    "SoftwareVersions": "syngo_MR_B20P",
    "SpacingBetweenSlices": 3,
    "StationName": "MRC51066",
    "TaskName": "rest",
    "TotalReadoutTime": 0.0173251,
    "dataset": "ds003382",
    "modality": "bold",
    "run_id": 1,
    "subject_id": "08",
    "task_id": "rest"
  },
  "dummy_trs": 0,
  "dvars_nstd": 44.610055949752066,
  "dvars_std": 1.180689986887052,
  "dvars_vstd": 0.9730559403030311,
  "efc": 0.5642316053439279,
  "fber": 705.5689697265625,
  "fd_mean": 0.14385413386390422,
  "fd_num": 58,
  "fd_perc": 15.934065934065934,
  "fwhm_avg": 1.6158972982456141,
  "fwhm_x": 1.516453052631579,
  "fwhm_y": 1.744208842105263,
  "fwhm_z": 1.5870300000000002,
  "gcor": 0.0257123,
  "gsr_x": -0.012257413938641548,
  "gsr_y": 0.04328382387757301,
  "provenance": {
    "md5sum": "29c0f96f46a96d99b209a703f42c1519",
    "settings": {
      "fd_thres": 0.2,
      "testing": false
    },
    "software": "mriqc",
    "version": "23.0.1",
    "webapi_port": null,
    "webapi_url": "https://mriqc.nimh.nih.gov/api/v1"
  },
  "size_t": 364,
  "size_x": 64,
  "size_y": 64,
  "size_z": 44,
  "snr": 6.1197206486057745,
  "spacing_tr": 2.450000047683716,
  "spacing_x": 2.96875,
  "spacing_y": 2.96875,
  "spacing_z": 3.0,
  "summary_bg_k": 70.3023036245344,
  "summary_bg_mad": 11.779356180912837,
  "summary_bg_mean": 40.190086364746094,
  "summary_bg_median": 24.601648330688477,
  "summary_bg_n": 103100.0,
  "summary_bg_p05": 12.741758346557617,
  "summary_bg_p95": 111.68804969787568,
  "summary_bg_stdv": 60.176822662353516,
  "summary_fg_k": 2.0696793757189047,
  "summary_fg_mad": 96.16345848248673,
  "summary_fg_mean": 668.2835083007812,
  "summary_fg_median": 658.8159790039062,
  "summary_fg_n": 39066.0,
  "summary_fg_p05": 518.9251556396484,
  "summary_fg_p95": 849.4038696289062,
  "summary_fg_stdv": 107.65320587158203,
  "tsnr": 35.14161086012609
}