{
  "aor": 0.0010516528925619832,
  "aqi": 0.015069263223140497,
  "bids_meta": {
    "AcquisitionMatrixPE": 64,
    "AcquisitionNumber": 1,
    "AcquisitionTime": "10:42:9.207500",
    "BandwidthPerPixelPhaseEncode": 56.818,
    "CogAtlasID": "https://cognitiveatlas.org/task/id/trm_4c898f8f297ac/",
    "CoilString": "NN",
    "ConversionSoftware": "dcm2niix",
    "ConversionSoftwareVersion": "v1.0.20190410  GCC6.3.0",
    "DerivedVendorReportedEchoSpacing": 0.000550002,
    "DeviceSerialNumber": "51066",
    "EchoTime": 0.03,
    "EffectiveEchoSpacing": 0.000275001,
    "FlipAngle": 90,
    "ImageOrientationPatientDICOM": [
      0.998667,
      0.0193966,
      -0.0478296,
      -0.0261511,
      0.989099,
      -0.144911
    ],
    "ImageType": [
      "ORIGINAL",
      "PRIMARY",
      "M",
      "ND",
      "NORM",
      "MOSAIC"
    ],
    "ImagingFrequency": 123.24,
    "InPlanePhaseEncodingDirectionDICOM": "COL",
    "InstitutionAddress": "Blackburn_Road_770_Clayton_Victoria_AU_3168",
    "InstitutionName": "Monash_Biomedical_Imaging",
    "MRAcquisitionType": "2D",
    "MagneticFieldStrength": 3,
    "Manufacturer": "Siemens",
    "ManufacturersModelName": "Biograph_mMR",
    "Modality": "MR",
    "ParallelReductionFactorInPlane": 2,
    "PatientPosition": "HFS",
    "PercentPhaseFOV": 100,
    "PhaseEncodingDirection": "j-",
    "PixelBandwidth": 2367,
    "ProcedureStepDescription": "MR-PET_Scan",
    "ProtocolName": "Head_Full_checker_ep2d_task_bold",
    "ReceiveCoilActiveElements": "T:HEA;HEP;NEP",
    "ReconMatrixPE": 64,
    "RepetitionTime": 2.45,
    "ScanOptions": "FS",
    "ScanningSequence": "EP",
    "SequenceVariant": "SK",
    "SeriesDescription": "Head_Full_checker_ep2d_task_bold",
    "SeriesNumber": 28,
    "SliceThickness": 3,
    "SliceTiming": [
      0.00123,
      0.00123,
      0.00123,
      0.00123,
      0.00123,
      0.00123,
      0.00123,
      0.00123,
      0.00123,
      0.00123,
      0.00123,
      0.00123,
      0.00123,
      0.00123,
      0.00123,
      0.00123,
      0.00123,
      0.00123,
      0.00123,
      0.00123,
      0.00123,
      0.00123,
      0.00123,
      0.00123,
      0.00123,
      0.00123,
      0.00123,
      0.00123,
      0.00123,
      0.00123,
      0.00123,
      0.00123,
      0.00123,
      0.00123,
      0.00123,
      0.00123,
      0.00123,
      0.00123,
      0.00123,
      0.00123,
      0.00123,
      0.00123,
      0.00123,
      0.00123
    ],
    "SoftwareVersions": "syngo_MR_B20P",
    "SpacingBetweenSlices": 3,
    "StationName": "MRC51066",
    "TaskName": "fullchecker",
    "TotalReadoutTime": 0.0173251,
    "dataset": "ds003382",
    "modality": "bold",
    "run_id": 1,
    "subject_id": "08",
    "task_id": "fullchecker"
  },
  "dummy_trs": 0,
  "dvars_nstd": 44.61228349265563,
  "dvars_std": 1.2356914814107893,
  "dvars_vstd": 1.0157607484232367,
  "efc": 0.5640892348517568,
  "fber": 713.3260498046875,
  "fd_mean": 0.15576711905510934,
  "fd_num": 63,
  "fd_perc": 26.03305785123967,
  "fwhm_avg": 1.599017707602339,
  "fwhm_x": 1.4971183157894736,
  "fwhm_y": 1.7271814736842106,
  "fwhm_z": 1.5727533333333332,
  "gcor": 0.0185766,
  "gsr_x": -0.012676517479121685,
  "gsr_y": 0.04302840679883957,
  "provenance": {
    "md5sum": "662a58d6c223d4b2e7fe5c26c7e7d210",
    "settings": {
      "fd_thres": 0.2,
      "testing": false
    },
    "software": "mriqc",
    "version": "23.0.1",
    "webapi_port": null,
    "webapi_url": "https://mriqc.nimh.nih.gov/api/v1"
  },
  "size_t": 242,
  "size_x": 64,
  "size_y": 64,
  "size_z": 44,
  "snr": 6.106387470170188,
  "spacing_tr": 2.450000047683716,
  "spacing_x": 2.96875,
  "spacing_y": 2.96875,
  "spacing_z": 3.0,
  "summary_bg_k": 68.6830525176289,
  "summary_bg_mad": 11.683150259595203,
  "summary_bg_mean": 40.10462951660156,
  "summary_bg_median": 24.458677291870117,
  "summary_bg_n": 103108.0,
  "summary_bg_p05": 12.706610679626465,
  "summary_bg_p95": 112.67478904724116,
  "summary_bg_stdv": 59.7464714050293,
  "summary_fg_k": 2.057564346733143,
  "summary_fg_mad": 95.59110380523771,
  "summary_fg_mean": 666.5328369140625,
  "summary_fg_median": 657.8140258789062,
  "summary_fg_n": 39017.0,
  "summary_fg_p05": 515.7363525390625,
  "summary_fg_p95": 846.1917114257812,
  "summary_fg_stdv": 107.72418212890625,
  "tsnr": 40.13495913497172
}