{
  "aor": 0.000506198347107438,
  "aqi": 0.016267031404958675,
  "bids_meta": {
    "AcquisitionMatrixPE": 64,
    "AcquisitionNumber": 1,
    "AcquisitionTime": "13:59:9.325000",
    "BandwidthPerPixelPhaseEncode": 60.096,
    "BodyPartExamined": "BRAIN",
    "CogAtlasID": "https://cognitiveatlas.org/task/id/trm_4c898f8f297ac/",
    "CoilString": "HeadNeck_MRPET",
    "ConversionSoftware": "dcm2niix",
    "ConversionSoftwareVersion": "v1.0.20190410  GCC6.3.0",
    "DerivedVendorReportedEchoSpacing": 0.000520001,
    "DeviceSerialNumber": "51066",
    "EchoTime": 0.03,
    "EchoTrainLength": 31,
    "EffectiveEchoSpacing": 0.000260001,
    "FlipAngle": 90,
    "ImageOrientationPatientDICOM": [
      0.999452,
      0.00167618,
      0.0330703,
      8.75866e-09,
      0.998718,
      -0.0506207
    ],
    "ImageType": [
      "ORIGINAL",
      "PRIMARY",
      "M",
      "ND",
      "NORM",
      "MOSAIC"
    ],
    "ImagingFrequency": 123.24,
    "InPlanePhaseEncodingDirectionDICOM": "COL",
    "InstitutionAddress": "Blackburn_Road_770_Clayton_Victoria_AU_3168",
    "InstitutionName": "MONASH_BIOMEDICAL_IMAGING",
    "MRAcquisitionType": "2D",
    "MagneticFieldStrength": 3,
    "Manufacturer": "Siemens",
    "ManufacturersModelName": "Biograph_mMR",
    "Modality": "MR",
    "ParallelReductionFactorInPlane": 2,
    "PartialFourier": 0.96875,
    "PatientPosition": "HFS",
    "PercentPhaseFOV": 100,
    "PhaseEncodingDirection": "j-",
    "PixelBandwidth": 2300,
    "ProcedureStepDescription": "MR-PET_Scan",
    "ProtocolName": "Head_Full_checker_ep2D_task_bold",
    "ReceiveCoilActiveElements": "HEA;HEP",
    "ReconMatrixPE": 64,
    "RepetitionTime": 2.45,
    "ScanOptions": "FS",
    "ScanningSequence": "EP",
    "SequenceVariant": "SK",
    "SeriesDescription": "Head_Full_checker_ep2D_task_bold",
    "SeriesNumber": 26,
    "SliceThickness": 3,
    "SliceTiming": [
      0.001215,
      0.001215,
      0.001215,
      0.001215,
      0.001215,
      0.001215,
      0.001215,
      0.001215,
      0.001215,
      0.001215,
      0.001215,
      0.001215,
      0.001215,
      0.001215,
      0.001215,
      0.001215,
      0.001215,
      0.001215,
      0.001215,
      0.001215,
      0.001215,
      0.001215,
      0.001215,
      0.001215,
      0.001215,
      0.001215,
      0.001215,
      0.001215,
      0.001215,
      0.001215,
      0.001215,
      0.001215,
      0.001215,
      0.001215,
      0.001215,
      0.001215,
      0.001215,
      0.001215,
      0.001215,
      0.001215,
      0.001215,
      0.001215,
      0.001215,
      0.001215
    ],
    "SoftwareVersions": "syngo_MR_E11",
    "SpacingBetweenSlices": 3,
    "StationName": "MRC51066",
    "TaskName": "fullchecker",
    "TotalReadoutTime": 0.01638,
    "dataset": "ds003382",
    "modality": "bold",
    "run_id": 2,
    "subject_id": "10",
    "task_id": "fullchecker"
  },
  "dummy_trs": 0,
  "dvars_nstd": 35.61689401373446,
  "dvars_std": 1.1439252472199173,
  "dvars_vstd": 1.0098011979668051,
  "efc": 0.6019874425204289,
  "fber": 798.0878295898438,
  "fd_mean": 0.07764407214490011,
  "fd_num": 10,
  "fd_perc": 4.132231404958677,
  "fwhm_avg": 1.6924401520467836,
  "fwhm_x": 1.5532597894736841,
  "fwhm_y": 1.885184,
  "fwhm_z": 1.6388766666666665,
  "gcor": 0.0146234,
  "gsr_x": 0.008359065279364586,
  "gsr_y": 0.03716445341706276,
  "provenance": {
    "md5sum": "027ec66b32255d0fe2a9b1698b67e554",
    "settings": {
      "fd_thres": 0.2,
      "testing": false
    },
    "software": "mriqc",
    "version": "23.0.1",
    "webapi_port": null,
    "webapi_url": "https://mriqc.nimh.nih.gov/api/v1"
  },
  "size_t": 242,
  "size_x": 64,
  "size_y": 64,
  "size_z": 44,
  "snr": 6.7818965323439775,
  "spacing_tr": 2.450000047683716,
  "spacing_x": 2.96875,
  "spacing_y": 2.96875,
  "spacing_z": 3.0,
  "summary_bg_k": 25.801843575166238,
  "summary_bg_mad": 13.018716145105548,
  "summary_bg_mean": 41.513893127441406,
  "summary_bg_median": 22.818180084228516,
  "summary_bg_n": 93597.0,
  "summary_bg_p05": 11.338842391967773,
  "summary_bg_p95": 139.97023925781247,
  "summary_bg_stdv": 53.4091796875,
  "summary_fg_k": 3.166660086535602,
  "summary_fg_mad": 82.57236503741765,
  "summary_fg_mean": 667.0349731445312,
  "summary_fg_median": 657.4172973632812,
  "summary_fg_n": 46737.0,
  "summary_fg_p05": 538.607421875,
  "summary_fg_p95": 823.87763671875,
  "summary_fg_stdv": 96.93605041503906,
  "tsnr": 44.489626214432064
}