{
  "aor": 0.003021483050847458,
  "aqi": 0.031102477542372883,
  "bids_meta": {
    "AcquisitionMatrixPE": 64,
    "AcquisitionNumber": 1,
    "AcquisitionTime": "11:09:34.715000",
    "BandwidthPerPixelPhaseEncode": 60.096,
    "BodyPartExamined": "BRAIN",
    "CogAtlasID": "https://cognitiveatlas.org/task/id/trm_54e69c642d89b/",
    "CoilString": "HeadNeck_MRPET",
    "ConversionSoftware": "dcm2niix",
    "ConversionSoftwareVersion": "v1.0.20190410  GCC6.3.0",
    "DerivedVendorReportedEchoSpacing": 0.000520001,
    "DeviceSerialNumber": "51066",
    "EchoTime": 0.03,
    "EchoTrainLength": 31,
    "EffectiveEchoSpacing": 0.000260001,
    "FlipAngle": 90,
    "ImageOrientationPatientDICOM": [
      0.999846,
      0.00398166,
      0.0171008,
      9.46327e-09,
      0.973948,
      -0.22677
    ],
    "ImageType": [
      "ORIGINAL",
      "PRIMARY",
      "M",
      "ND",
      "MOSAIC"
    ],
    "ImagingFrequency": 123.24,
    "InPlanePhaseEncodingDirectionDICOM": "COL",
    "InstitutionAddress": "Blackburn_Road_770_Clayton_Victoria_AU_3168",
    "InstitutionName": "MONASH_BIOMEDICAL_IMAGING",
    "MRAcquisitionType": "2D",
    "MagneticFieldStrength": 3,
    "Manufacturer": "Siemens",
    "ManufacturersModelName": "Biograph_mMR",
    "Modality": "MR",
    "ParallelReductionFactorInPlane": 2,
    "PartialFourier": 0.96875,
    "PatientPosition": "HFS",
    "PercentPhaseFOV": 100,
    "PhaseEncodingDirection": "j-",
    "PixelBandwidth": 2300,
    "ProcedureStepDescription": "MR-PET_Scan",
    "ProtocolName": "Head_Resting_3_ep2D_task_bold",
    "ReceiveCoilActiveElements": "HEA;HEP;NEP",
    "ReconMatrixPE": 64,
    "RepetitionTime": 2.45,
    "ScanOptions": "FS",
    "ScanningSequence": "EP",
    "SequenceVariant": "SK",
    "SeriesDescription": "Head_Resting_3_ep2D_task_bold",
    "SeriesNumber": 23,
    "SliceThickness": 3,
    "SliceTiming": [
      0.001215,
      0.001215,
      0.001215,
      0.001215,
      0.001215,
      0.001215,
      0.001215,
      0.001215,
      0.001215,
      0.001215,
      0.001215,
      0.001215,
      0.001215,
      0.001215,
      0.001215,
      0.001215,
      0.001215,
      0.001215,
      0.001215,
      0.001215,
      0.001215,
      0.001215,
      0.001215,
      0.001215,
      0.001215,
      0.001215,
      0.001215,
      0.001215,
      0.001215,
      0.001215,
      0.001215,
      0.001215,
      0.001215,
      0.001215,
      0.001215,
      0.001215,
      0.001215,
      0.001215,
      0.001215,
      0.001215,
      0.001215,
      0.001215,
      0.001215,
      0.001215
    ],
    "SoftwareVersions": "syngo_MR_E11",
    "SpacingBetweenSlices": 3,
    "StationName": "MRC51066",
    "TaskName": "rest",
    "TotalReadoutTime": 0.01638,
    "dataset": "ds003382",
    "modality": "bold",
    "run_id": 3,
    "subject_id": "12",
    "task_id": "rest"
  },
  "dummy_trs": 0,
  "dvars_nstd": 46.9409131902123,
  "dvars_std": 1.0393018443736732,
  "dvars_vstd": 1.009420252484077,
  "efc": 0.5788080912852,
  "fber": 424.2337341308594,
  "fd_mean": 0.4308510272378562,
  "fd_num": 311,
  "fd_perc": 65.88983050847457,
  "fwhm_avg": 2.111353894736842,
  "fwhm_x": 2.0129616842105262,
  "fwhm_y": 2.17376,
  "fwhm_z": 2.1473400000000002,
  "gcor": 0.0399934,
  "gsr_x": 0.003768141847103834,
  "gsr_y": 0.031746119260787964,
  "provenance": {
    "md5sum": "a17f923597b1ce2f8495aa99d6d90869",
    "settings": {
      "fd_thres": 0.2,
      "testing": false
    },
    "software": "mriqc",
    "version": "23.0.1",
    "webapi_port": null,
    "webapi_url": "https://mriqc.nimh.nih.gov/api/v1"
  },
  "size_t": 472,
  "size_x": 64,
  "size_y": 64,
  "size_z": 44,
  "snr": 5.782945643161806,
  "spacing_tr": 2.450000047683716,
  "spacing_x": 2.96875,
  "spacing_y": 2.96875,
  "spacing_z": 3.0,
  "summary_bg_k": 46.410080843752496,
  "summary_bg_mad": 7.117745078346789,
  "summary_bg_mean": 44.3700065612793,
  "summary_bg_median": 29.514829635620117,
  "summary_bg_n": 103518.0,
  "summary_bg_p05": 22.917373657226562,
  "summary_bg_p95": 112.94915084838843,
  "summary_bg_stdv": 48.75074005126953,
  "summary_fg_k": 1.2792163991344454,
  "summary_fg_mad": 92.66105506658401,
  "summary_fg_mean": 619.4453125,
  "summary_fg_median": 611.2701416015625,
  "summary_fg_n": 39310.0,
  "summary_fg_p05": 462.4104888916016,
  "summary_fg_p95": 805.9611145019529,
  "summary_fg_stdv": 105.70086669921875,
  "tsnr": 26.44791181589244
}