{
  "aor": 0.0038988429752066112,
  "aqi": 0.029370644628099168,
  "bids_meta": {
    "AcquisitionMatrixPE": 64,
    "AcquisitionNumber": 1,
    "AcquisitionTime": "10:53:27.265000",
    "BandwidthPerPixelPhaseEncode": 60.096,
    "BodyPartExamined": "BRAIN",
    "CogAtlasID": "https://cognitiveatlas.org/task/id/trm_4c898f8f297ac/",
    "CoilString": "HeadNeck_MRPET",
    "ConversionSoftware": "dcm2niix",
    "ConversionSoftwareVersion": "v1.0.20190410  GCC6.3.0",
    "DerivedVendorReportedEchoSpacing": 0.000520001,
    "DeviceSerialNumber": "51066",
    "EchoTime": 0.03,
    "EchoTrainLength": 31,
    "EffectiveEchoSpacing": 0.000260001,
    "FlipAngle": 90,
    "ImageOrientationPatientDICOM": [
      0.999846,
      0.00398166,
      0.0171008,
      9.46327e-09,
      0.973948,
      -0.22677
    ],
    "ImageType": [
      "ORIGINAL",
      "PRIMARY",
      "M",
      "ND",
      "MOSAIC"
    ],
    "ImagingFrequency": 123.24,
    "InPlanePhaseEncodingDirectionDICOM": "COL",
    "InstitutionAddress": "Blackburn_Road_770_Clayton_Victoria_AU_3168",
    "InstitutionName": "MONASH_BIOMEDICAL_IMAGING",
    "MRAcquisitionType": "2D",
    "MagneticFieldStrength": 3,
    "Manufacturer": "Siemens",
    "ManufacturersModelName": "Biograph_mMR",
    "Modality": "MR",
    "ParallelReductionFactorInPlane": 2,
    "PartialFourier": 0.96875,
    "PatientPosition": "HFS",
    "PercentPhaseFOV": 100,
    "PhaseEncodingDirection": "j-",
    "PixelBandwidth": 2300,
    "ProcedureStepDescription": "MR-PET_Scan",
    "ProtocolName": "Head_Half_checker_board_2_ep2D_task_bold",
    "ReceiveCoilActiveElements": "HEA;HEP;NEP",
    "ReconMatrixPE": 64,
    "RepetitionTime": 2.45,
    "ScanOptions": "FS",
    "ScanningSequence": "EP",
    "SequenceVariant": "SK",
    "SeriesDescription": "Head_Half_checker_board_2_ep2D_task_bold",
    "SeriesNumber": 17,
    "SliceThickness": 3,
    "SliceTiming": [
      0.001215,
      0.001215,
      0.001215,
      0.001215,
      0.001215,
      0.001215,
      0.001215,
      0.001215,
      0.001215,
      0.001215,
      0.001215,
      0.001215,
      0.001215,
      0.001215,
      0.001215,
      0.001215,
      0.001215,
      0.001215,
      0.001215,
      0.001215,
      0.001215,
      0.001215,
      0.001215,
      0.001215,
      0.001215,
      0.001215,
      0.001215,
      0.001215,
      0.001215,
      0.001215,
      0.001215,
      0.001215,
      0.001215,
      0.001215,
      0.001215,
      0.001215,
      0.001215,
      0.001215,
      0.001215,
      0.001215,
      0.001215,
      0.001215,
      0.001215,
      0.001215
    ],
    "SoftwareVersions": "syngo_MR_E11",
    "SpacingBetweenSlices": 3,
    "StationName": "MRC51066",
    "TaskName": "halfchecker",
    "TotalReadoutTime": 0.01638,
    "dataset": "ds003382",
    "modality": "bold",
    "run_id": 1,
    "subject_id": "12",
    "task_id": "halfchecker"
  },
  "dummy_trs": 0,
  "dvars_nstd": 48.13040180166666,
  "dvars_std": 1.0106771176666671,
  "dvars_vstd": 0.9945598593333327,
  "efc": 0.5793992424609707,
  "fber": 429.9327697753906,
  "fd_mean": 0.5460713830167777,
  "fd_num": 85,
  "fd_perc": 70.24793388429752,
  "fwhm_avg": 2.169155029239766,
  "fwhm_x": 2.0471208421052633,
  "fwhm_y": 2.2381675789473685,
  "fwhm_z": 2.2221766666666665,
  "gcor": 0.0311712,
  "gsr_x": 0.0031001355964690447,
  "gsr_y": 0.03015383519232273,
  "provenance": {
    "md5sum": "9290e7195f98384bdcb89cd0cfb0918c",
    "settings": {
      "fd_thres": 0.2,
      "testing": false
    },
    "software": "mriqc",
    "version": "23.0.1",
    "webapi_port": null,
    "webapi_url": "https://mriqc.nimh.nih.gov/api/v1"
  },
  "size_t": 121,
  "size_x": 64,
  "size_y": 64,
  "size_z": 44,
  "snr": 5.681031720552343,
  "spacing_tr": 2.450000047683716,
  "spacing_x": 2.96875,
  "spacing_y": 2.96875,
  "spacing_z": 3.0,
  "summary_bg_k": 42.039895751786766,
  "summary_bg_mad": 6.518548550324807,
  "summary_bg_mean": 43.817020416259766,
  "summary_bg_median": 29.280990600585938,
  "summary_bg_n": 103534.0,
  "summary_bg_p05": 23.404956817626953,
  "summary_bg_p95": 110.56238937377908,
  "summary_bg_stdv": 47.32833480834961,
  "summary_fg_k": 1.2210264123229742,
  "summary_fg_mad": 94.53127487560285,
  "summary_fg_mean": 619.5996704101562,
  "summary_fg_median": 611.6693725585938,
  "summary_fg_n": 39306.0,
  "summary_fg_p05": 459.65699768066406,
  "summary_fg_p95": 811.5392150878906,
  "summary_fg_stdv": 107.66734313964844,
  "tsnr": 26.986801316728815
}