{
  "aor": 0.0023871487603305784,
  "aqi": 0.024393395454545455,
  "bids_meta": {
    "AcquisitionMatrixPE": 64,
    "AcquisitionNumber": 1,
    "AcquisitionTime": "10:27:37.552500",
    "BandwidthPerPixelPhaseEncode": 60.096,
    "BodyPartExamined": "BRAIN",
    "CogAtlasID": "https://cognitiveatlas.org/task/id/trm_4c898f8f297ac/",
    "CoilString": "HeadNeck_MRPET",
    "ConversionSoftware": "dcm2niix",
    "ConversionSoftwareVersion": "v1.0.20190410  GCC6.3.0",
    "DerivedVendorReportedEchoSpacing": 0.000520001,
    "DeviceSerialNumber": "51066",
    "EchoTime": 0.03,
    "EchoTrainLength": 31,
    "EffectiveEchoSpacing": 0.000260001,
    "FlipAngle": 90,
    "ImageOrientationPatientDICOM": [
      0.999846,
      0.00398166,
      0.0171008,
      9.46327e-09,
      0.973948,
      -0.22677
    ],
    "ImageType": [
      "ORIGINAL",
      "PRIMARY",
      "M",
      "ND",
      "MOSAIC"
    ],
    "ImagingFrequency": 123.24,
    "InPlanePhaseEncodingDirectionDICOM": "COL",
    "InstitutionAddress": "Blackburn_Road_770_Clayton_Victoria_AU_3168",
    "InstitutionName": "MONASH_BIOMEDICAL_IMAGING",
    "MRAcquisitionType": "2D",
    "MagneticFieldStrength": 3,
    "Manufacturer": "Siemens",
    "ManufacturersModelName": "Biograph_mMR",
    "Modality": "MR",
    "ParallelReductionFactorInPlane": 2,
    "PartialFourier": 0.96875,
    "PatientPosition": "HFS",
    "PercentPhaseFOV": 100,
    "PhaseEncodingDirection": "j-",
    "PixelBandwidth": 2300,
    "ProcedureStepDescription": "MR-PET_Scan",
    "ProtocolName": "Head_Full_checker_ep2D_task_bold",
    "ReceiveCoilActiveElements": "HEA;HEP",
    "ReconMatrixPE": 64,
    "RepetitionTime": 2.45,
    "ScanOptions": "FS",
    "ScanningSequence": "EP",
    "SequenceVariant": "SK",
    "SeriesDescription": "Head_Full_checker_ep2D_task_bold",
    "SeriesNumber": 13,
    "SliceThickness": 3,
    "SliceTiming": [
      0.001215,
      0.001215,
      0.001215,
      0.001215,
      0.001215,
      0.001215,
      0.001215,
      0.001215,
      0.001215,
      0.001215,
      0.001215,
      0.001215,
      0.001215,
      0.001215,
      0.001215,
      0.001215,
      0.001215,
      0.001215,
      0.001215,
      0.001215,
      0.001215,
      0.001215,
      0.001215,
      0.001215,
      0.001215,
      0.001215,
      0.001215,
      0.001215,
      0.001215,
      0.001215,
      0.001215,
      0.001215,
      0.001215,
      0.001215,
      0.001215,
      0.001215,
      0.001215,
      0.001215,
      0.001215,
      0.001215,
      0.001215,
      0.001215,
      0.001215,
      0.001215
    ],
    "SoftwareVersions": "syngo_MR_E11",
    "SpacingBetweenSlices": 3,
    "StationName": "MRC51066",
    "TaskName": "fullchecker",
    "TotalReadoutTime": 0.01638,
    "dataset": "ds003382",
    "modality": "bold",
    "run_id": 1,
    "subject_id": "12",
    "task_id": "fullchecker"
  },
  "dummy_trs": 0,
  "dvars_nstd": 47.000783073319504,
  "dvars_std": 0.998753301493776,
  "dvars_vstd": 0.9814227958506233,
  "efc": 0.57415054232703,
  "fber": 478.1051330566406,
  "fd_mean": 0.5233504630017451,
  "fd_num": 165,
  "fd_perc": 68.18181818181819,
  "fwhm_avg": 2.4968507368421053,
  "fwhm_x": 2.3434913684210525,
  "fwhm_y": 2.618000842105263,
  "fwhm_z": 2.52906,
  "gcor": 0.0413362,
  "gsr_x": 0.003662599017843604,
  "gsr_y": 0.028522610664367676,
  "provenance": {
    "md5sum": "c90a57c62987500aef039ea2aa32695f",
    "settings": {
      "fd_thres": 0.2,
      "testing": false
    },
    "software": "mriqc",
    "version": "23.0.1",
    "webapi_port": null,
    "webapi_url": "https://mriqc.nimh.nih.gov/api/v1"
  },
  "size_t": 242,
  "size_x": 64,
  "size_y": 64,
  "size_z": 44,
  "snr": 5.059790845033779,
  "spacing_tr": 2.450000047683716,
  "spacing_x": 2.96875,
  "spacing_y": 2.96875,
  "spacing_z": 3.0,
  "summary_bg_k": 40.50343896597842,
  "summary_bg_mad": 7.0638040434232465,
  "summary_bg_mean": 41.24981689453125,
  "summary_bg_median": 27.227272033691406,
  "summary_bg_n": 103061.0,
  "summary_bg_p05": 21.049585342407227,
  "summary_bg_p95": 107.71487426757812,
  "summary_bg_stdv": 45.30720520019531,
  "summary_fg_k": 0.6055332270447655,
  "summary_fg_mad": 105.1974323154988,
  "summary_fg_mean": 601.5701293945312,
  "summary_fg_median": 599.8635864257812,
  "summary_fg_n": 39419.0,
  "summary_fg_p05": 402.4285064697266,
  "summary_fg_p95": 805.707843017578,
  "summary_fg_stdv": 118.55351257324219,
  "tsnr": 24.85088497606921
}