{
  "aor": 0.0003748459958932239,
  "aqi": 0.022082080287474336,
  "bids_meta": {
    "AcquisitionMatrixPE": 64,
    "AcquisitionNumber": 1,
    "AcquisitionTime": "13:38:26.400000",
    "BandwidthPerPixelPhaseEncode": 60.096,
    "BodyPartExamined": "BRAIN",
    "CogAtlasID": "https://cognitiveatlas.org/task/id/trm_54e69c642d89b/",
    "CoilString": "HeadNeck_MRPET",
    "ConversionSoftware": "dcm2niix",
    "ConversionSoftwareVersion": "v1.0.20190410  GCC6.3.0",
    "DerivedVendorReportedEchoSpacing": 0.000520001,
    "DeviceSerialNumber": "51066",
    "EchoTime": 0.03,
    "EchoTrainLength": 31,
    "EffectiveEchoSpacing": 0.000260001,
    "FlipAngle": 90,
    "ImageOrientationPatientDICOM": [
      0.999452,
      0.00167618,
      0.0330703,
      8.75866e-09,
      0.998718,
      -0.0506207
    ],
    "ImageType": [
      "ORIGINAL",
      "PRIMARY",
      "M",
      "ND",
      "NORM",
      "MOSAIC"
    ],
    "ImagingFrequency": 123.24,
    "InPlanePhaseEncodingDirectionDICOM": "COL",
    "InstitutionAddress": "Blackburn_Road_770_Clayton_Victoria_AU_3168",
    "InstitutionName": "MONASH_BIOMEDICAL_IMAGING",
    "MRAcquisitionType": "2D",
    "MagneticFieldStrength": 3,
    "Manufacturer": "Siemens",
    "ManufacturersModelName": "Biograph_mMR",
    "Modality": "MR",
    "ParallelReductionFactorInPlane": 2,
    "PartialFourier": 0.96875,
    "PatientPosition": "HFS",
    "PercentPhaseFOV": 100,
    "PhaseEncodingDirection": "j-",
    "PixelBandwidth": 2300,
    "ProcedureStepDescription": "MR-PET_Scan",
    "ProtocolName": "Head_Resting_3_ep2D_task_bold",
    "ReceiveCoilActiveElements": "HEA;HEP",
    "ReconMatrixPE": 64,
    "RepetitionTime": 2.45,
    "ScanOptions": "FS",
    "ScanningSequence": "EP",
    "SequenceVariant": "SK",
    "SeriesDescription": "Head_Resting_3_ep2D_task_bold",
    "SeriesNumber": 24,
    "SliceThickness": 3,
    "SliceTiming": [
      0.001215,
      0.001215,
      0.001215,
      0.001215,
      0.001215,
      0.001215,
      0.001215,
      0.001215,
      0.001215,
      0.001215,
      0.001215,
      0.001215,
      0.001215,
      0.001215,
      0.001215,
      0.001215,
      0.001215,
      0.001215,
      0.001215,
      0.001215,
      0.001215,
      0.001215,
      0.001215,
      0.001215,
      0.001215,
      0.001215,
      0.001215,
      0.001215,
      0.001215,
      0.001215,
      0.001215,
      0.001215,
      0.001215,
      0.001215,
      0.001215,
      0.001215,
      0.001215,
      0.001215,
      0.001215,
      0.001215,
      0.001215,
      0.001215,
      0.001215,
      0.001215
    ],
    "SoftwareVersions": "syngo_MR_E11",
    "SpacingBetweenSlices": 3,
    "StationName": "MRC51066",
    "TaskName": "rest",
    "TotalReadoutTime": 0.01638,
    "dataset": "ds003382",
    "modality": "bold",
    "run_id": 3,
    "subject_id": "10",
    "task_id": "rest"
  },
  "dummy_trs": 0,
  "dvars_nstd": 35.339887038106994,
  "dvars_std": 1.1177532914403292,
  "dvars_vstd": 0.9910616280658437,
  "efc": 0.6023429885893289,
  "fber": 815.73779296875,
  "fd_mean": 0.0884228363535918,
  "fd_num": 30,
  "fd_perc": 6.160164271047228,
  "fwhm_avg": 1.701418023391813,
  "fwhm_x": 1.5706913684210526,
  "fwhm_y": 1.8901793684210526,
  "fwhm_z": 1.6433833333333334,
  "gcor": 0.0106886,
  "gsr_x": 0.006456868257373571,
  "gsr_y": 0.041171614080667496,
  "provenance": {
    "md5sum": "13394dcc80e0ac674e053903e9afa942",
    "settings": {
      "fd_thres": 0.2,
      "testing": false
    },
    "software": "mriqc",
    "version": "23.0.1",
    "webapi_port": null,
    "webapi_url": "https://mriqc.nimh.nih.gov/api/v1"
  },
  "size_t": 487,
  "size_x": 64,
  "size_y": 64,
  "size_z": 44,
  "snr": 6.824896847182397,
  "spacing_tr": 2.450000047683716,
  "spacing_x": 2.96875,
  "spacing_y": 2.96875,
  "spacing_z": 3.0,
  "summary_bg_k": 30.395151052485865,
  "summary_bg_mad": 12.93243169802274,
  "summary_bg_mean": 41.8511962890625,
  "summary_bg_median": 22.527721405029297,
  "summary_bg_n": 93635.0,
  "summary_bg_p05": 11.250514030456543,
  "summary_bg_p95": 141.21479492187518,
  "summary_bg_stdv": 55.7886962890625,
  "summary_fg_k": 3.136124805716854,
  "summary_fg_mad": 81.92368132139242,
  "summary_fg_mean": 666.928466796875,
  "summary_fg_median": 657.0123291015625,
  "summary_fg_n": 46760.0,
  "summary_fg_p05": 539.2909729003907,
  "summary_fg_p95": 824.3655395507812,
  "summary_fg_stdv": 96.2659683227539,
  "tsnr": 41.0606070808135
}