{
  "aor": 0.001304793388429752,
  "aqi": 0.019689664462809918,
  "bids_meta": {
    "AcquisitionMatrixPE": 64,
    "AcquisitionNumber": 1,
    "AcquisitionTime": "13:32:44.365000",
    "BandwidthPerPixelPhaseEncode": 60.096,
    "BodyPartExamined": "BRAIN",
    "CogAtlasID": "https://cognitiveatlas.org/task/id/trm_4c898f8f297ac/",
    "CoilString": "HeadNeck_MRPET",
    "ConversionSoftware": "dcm2niix",
    "ConversionSoftwareVersion": "v1.0.20190410  GCC6.3.0",
    "DerivedVendorReportedEchoSpacing": 0.000520001,
    "DeviceSerialNumber": "51066",
    "EchoTime": 0.03,
    "EchoTrainLength": 31,
    "EffectiveEchoSpacing": 0.000260001,
    "FlipAngle": 90,
    "ImageOrientationPatientDICOM": [
      0.999452,
      0.00167618,
      0.0330703,
      8.75866e-09,
      0.998718,
      -0.0506207
    ],
    "ImageType": [
      "ORIGINAL",
      "PRIMARY",
      "M",
      "ND",
      "NORM",
      "MOSAIC"
    ],
    "ImagingFrequency": 123.24,
    "InPlanePhaseEncodingDirectionDICOM": "COL",
    "InstitutionAddress": "Blackburn_Road_770_Clayton_Victoria_AU_3168",
    "InstitutionName": "MONASH_BIOMEDICAL_IMAGING",
    "MRAcquisitionType": "2D",
    "MagneticFieldStrength": 3,
    "Manufacturer": "Siemens",
    "ManufacturersModelName": "Biograph_mMR",
    "Modality": "MR",
    "ParallelReductionFactorInPlane": 2,
    "PartialFourier": 0.96875,
    "PatientPosition": "HFS",
    "PercentPhaseFOV": 100,
    "PhaseEncodingDirection": "j-",
    "PixelBandwidth": 2300,
    "ProcedureStepDescription": "MR-PET_Scan",
    "ProtocolName": "Head_Half_checker_board_2_ep2D_task_bold",
    "ReceiveCoilActiveElements": "HEA;HEP",
    "ReconMatrixPE": 64,
    "RepetitionTime": 2.45,
    "ScanOptions": "FS",
    "ScanningSequence": "EP",
    "SequenceVariant": "SK",
    "SeriesDescription": "Head_Half_checker_board_2_ep2D_task_bold",
    "SeriesNumber": 22,
    "SliceThickness": 3,
    "SliceTiming": [
      0.001215,
      0.001215,
      0.001215,
      0.001215,
      0.001215,
      0.001215,
      0.001215,
      0.001215,
      0.001215,
      0.001215,
      0.001215,
      0.001215,
      0.001215,
      0.001215,
      0.001215,
      0.001215,
      0.001215,
      0.001215,
      0.001215,
      0.001215,
      0.001215,
      0.001215,
      0.001215,
      0.001215,
      0.001215,
      0.001215,
      0.001215,
      0.001215,
      0.001215,
      0.001215,
      0.001215,
      0.001215,
      0.001215,
      0.001215,
      0.001215,
      0.001215,
      0.001215,
      0.001215,
      0.001215,
      0.001215,
      0.001215,
      0.001215,
      0.001215,
      0.001215
    ],
    "SoftwareVersions": "syngo_MR_E11",
    "SpacingBetweenSlices": 3,
    "StationName": "MRC51066",
    "TaskName": "halfchecker",
    "TotalReadoutTime": 0.01638,
    "dataset": "ds003382",
    "modality": "bold",
    "run_id": 2,
    "subject_id": "10",
    "task_id": "halfchecker"
  },
  "dummy_trs": 0,
  "dvars_nstd": 34.74851969083333,
  "dvars_std": 1.1058373133333332,
  "dvars_vstd": 1.0105654489166664,
  "efc": 0.6005521426721188,
  "fber": 836.4641723632812,
  "fd_mean": 0.1166387618639166,
  "fd_num": 9,
  "fd_perc": 7.43801652892562,
  "fwhm_avg": 1.6984913684210525,
  "fwhm_x": 1.5711023157894737,
  "fwhm_y": 1.881131789473684,
  "fwhm_z": 1.6432399999999998,
  "gcor": 0.0123235,
  "gsr_x": 0.008346461690962315,
  "gsr_y": 0.03914842754602432,
  "provenance": {
    "md5sum": "8410146493294a22d23c921991a69aaa",
    "settings": {
      "fd_thres": 0.2,
      "testing": false
    },
    "software": "mriqc",
    "version": "23.0.1",
    "webapi_port": null,
    "webapi_url": "https://mriqc.nimh.nih.gov/api/v1"
  },
  "size_t": 121,
  "size_x": 64,
  "size_y": 64,
  "size_z": 44,
  "snr": 6.814033357557685,
  "spacing_tr": 2.450000047683716,
  "spacing_x": 2.96875,
  "spacing_y": 2.96875,
  "spacing_z": 3.0,
  "summary_bg_k": 24.470919134272126,
  "summary_bg_mad": 12.399945313348795,
  "summary_bg_mean": 40.65736770629883,
  "summary_bg_median": 22.18181800842285,
  "summary_bg_n": 93816.0,
  "summary_bg_p05": 11.2644624710083,
  "summary_bg_p95": 135.47520065307617,
  "summary_bg_stdv": 52.47357940673828,
  "summary_fg_k": 3.1834218829331045,
  "summary_fg_mad": 81.15102512982075,
  "summary_fg_mean": 665.88232421875,
  "summary_fg_median": 656.3718872070312,
  "summary_fg_n": 46713.0,
  "summary_fg_p05": 537.847900390625,
  "summary_fg_p95": 822.08095703125,
  "summary_fg_stdv": 96.32545471191406,
  "tsnr": 41.86064151744358
}