{
  "aor": 0.0020876859504132235,
  "aqi": 0.02100542561983471,
  "bids_meta": {
    "AcquisitionMatrixPE": 64,
    "AcquisitionNumber": 1,
    "AcquisitionTime": "13:21:15.240000",
    "BandwidthPerPixelPhaseEncode": 60.096,
    "BodyPartExamined": "BRAIN",
    "CogAtlasID": "https://cognitiveatlas.org/task/id/trm_4c898f8f297ac/",
    "CoilString": "HeadNeck_MRPET",
    "ConversionSoftware": "dcm2niix",
    "ConversionSoftwareVersion": "v1.0.20190410  GCC6.3.0",
    "DerivedVendorReportedEchoSpacing": 0.000520001,
    "DeviceSerialNumber": "51066",
    "EchoTime": 0.03,
    "EchoTrainLength": 31,
    "EffectiveEchoSpacing": 0.000260001,
    "FlipAngle": 90,
    "ImageOrientationPatientDICOM": [
      0.999452,
      0.00167618,
      0.0330703,
      8.75866e-09,
      0.998718,
      -0.0506207
    ],
    "ImageType": [
      "ORIGINAL",
      "PRIMARY",
      "M",
      "ND",
      "NORM",
      "MOSAIC"
    ],
    "ImagingFrequency": 123.24,
    "InPlanePhaseEncodingDirectionDICOM": "COL",
    "InstitutionAddress": "Blackburn_Road_770_Clayton_Victoria_AU_3168",
    "InstitutionName": "MONASH_BIOMEDICAL_IMAGING",
    "MRAcquisitionType": "2D",
    "MagneticFieldStrength": 3,
    "Manufacturer": "Siemens",
    "ManufacturersModelName": "Biograph_mMR",
    "Modality": "MR",
    "ParallelReductionFactorInPlane": 2,
    "PartialFourier": 0.96875,
    "PatientPosition": "HFS",
    "PercentPhaseFOV": 100,
    "PhaseEncodingDirection": "j-",
    "PixelBandwidth": 2300,
    "ProcedureStepDescription": "MR-PET_Scan",
    "ProtocolName": "Head_Half_checker_board_2_ep2D_task_bold",
    "ReceiveCoilActiveElements": "HEA;HEP",
    "ReconMatrixPE": 64,
    "RepetitionTime": 2.45,
    "ScanOptions": "FS",
    "ScanningSequence": "EP",
    "SequenceVariant": "SK",
    "SeriesDescription": "Head_Half_checker_board_2_ep2D_task_bold",
    "SeriesNumber": 18,
    "SliceThickness": 3,
    "SliceTiming": [
      0.001215,
      0.001215,
      0.001215,
      0.001215,
      0.001215,
      0.001215,
      0.001215,
      0.001215,
      0.001215,
      0.001215,
      0.001215,
      0.001215,
      0.001215,
      0.001215,
      0.001215,
      0.001215,
      0.001215,
      0.001215,
      0.001215,
      0.001215,
      0.001215,
      0.001215,
      0.001215,
      0.001215,
      0.001215,
      0.001215,
      0.001215,
      0.001215,
      0.001215,
      0.001215,
      0.001215,
      0.001215,
      0.001215,
      0.001215,
      0.001215,
      0.001215,
      0.001215,
      0.001215,
      0.001215,
      0.001215,
      0.001215,
      0.001215,
      0.001215,
      0.001215
    ],
    "SoftwareVersions": "syngo_MR_E11",
    "SpacingBetweenSlices": 3,
    "StationName": "MRC51066",
    "TaskName": "halfchecker",
    "TotalReadoutTime": 0.01638,
    "dataset": "ds003382",
    "modality": "bold",
    "run_id": 1,
    "subject_id": "10",
    "task_id": "halfchecker"
  },
  "dummy_trs": 0,
  "dvars_nstd": 37.39806497899999,
  "dvars_std": 1.1500884587499995,
  "dvars_vstd": 1.0125561888333336,
  "efc": 0.6003883405738164,
  "fber": 842.4769897460938,
  "fd_mean": 0.13262728394999965,
  "fd_num": 17,
  "fd_perc": 14.049586776859504,
  "fwhm_avg": 1.707199076023392,
  "fwhm_x": 1.5824303157894737,
  "fwhm_y": 1.8985835789473684,
  "fwhm_z": 1.6405833333333335,
  "gcor": 0.0115246,
  "gsr_x": 0.008740519173443317,
  "gsr_y": 0.03898432105779648,
  "provenance": {
    "md5sum": "3708f4ba022c087808ea159fd87d2adf",
    "settings": {
      "fd_thres": 0.2,
      "testing": false
    },
    "software": "mriqc",
    "version": "23.0.1",
    "webapi_port": null,
    "webapi_url": "https://mriqc.nimh.nih.gov/api/v1"
  },
  "size_t": 121,
  "size_x": 64,
  "size_y": 64,
  "size_z": 44,
  "snr": 6.819355506773773,
  "spacing_tr": 2.450000047683716,
  "spacing_x": 2.96875,
  "spacing_y": 2.96875,
  "spacing_z": 3.0,
  "summary_bg_k": 23.374974560846237,
  "summary_bg_mad": 12.7062681792496,
  "summary_bg_mean": 41.0505485534668,
  "summary_bg_median": 22.132230758666992,
  "summary_bg_n": 93907.0,
  "summary_bg_p05": 11.024792671203613,
  "summary_bg_p95": 137.5875930786132,
  "summary_bg_stdv": 53.55904006958008,
  "summary_fg_k": 3.14549106775363,
  "summary_fg_mad": 81.32259579670837,
  "summary_fg_mean": 666.2271728515625,
  "summary_fg_median": 656.5206298828125,
  "summary_fg_n": 46611.0,
  "summary_fg_p05": 539.3346862792969,
  "summary_fg_p95": 823.3883972167969,
  "summary_fg_stdv": 96.27208709716797,
  "tsnr": 40.76850500237197
}