{
  "aor": 0.0004645454545454545,
  "aqi": 0.027500060743801655,
  "bids_meta": {
    "AcquisitionMatrixPE": 64,
    "AcquisitionNumber": 1,
    "AcquisitionTime": "12:55:13.287500",
    "BandwidthPerPixelPhaseEncode": 60.096,
    "BodyPartExamined": "BRAIN",
    "CogAtlasID": "https://cognitiveatlas.org/task/id/trm_4c898f8f297ac/",
    "CoilString": "HeadNeck_MRPET",
    "ConversionSoftware": "dcm2niix",
    "ConversionSoftwareVersion": "v1.0.20190410  GCC6.3.0",
    "DerivedVendorReportedEchoSpacing": 0.000520001,
    "DeviceSerialNumber": "51066",
    "EchoTime": 0.03,
    "EchoTrainLength": 31,
    "EffectiveEchoSpacing": 0.000260001,
    "FlipAngle": 90,
    "ImageOrientationPatientDICOM": [
      0.999452,
      0.00167618,
      0.0330703,
      8.75866e-09,
      0.998718,
      -0.0506207
    ],
    "ImageType": [
      "ORIGINAL",
      "PRIMARY",
      "M",
      "ND",
      "NORM",
      "MOSAIC"
    ],
    "ImagingFrequency": 123.239,
    "InPlanePhaseEncodingDirectionDICOM": "COL",
    "InstitutionAddress": "Blackburn_Road_770_Clayton_Victoria_AU_3168",
    "InstitutionName": "MONASH_BIOMEDICAL_IMAGING",
    "MRAcquisitionType": "2D",
    "MagneticFieldStrength": 3,
    "Manufacturer": "Siemens",
    "ManufacturersModelName": "Biograph_mMR",
    "Modality": "MR",
    "ParallelReductionFactorInPlane": 2,
    "PartialFourier": 0.96875,
    "PatientPosition": "HFS",
    "PercentPhaseFOV": 100,
    "PhaseEncodingDirection": "j-",
    "PixelBandwidth": 2300,
    "ProcedureStepDescription": "MR-PET_Scan",
    "ProtocolName": "Head_A-P_Full_checker_ep2D_task_bold",
    "ReceiveCoilActiveElements": "HEA;HEP",
    "ReconMatrixPE": 64,
    "RepetitionTime": 2.45,
    "ScanOptions": "FS",
    "ScanningSequence": "EP",
    "SequenceVariant": "SK",
    "SeriesDescription": "Head_A-P_Full_checker_ep2D_task_bold",
    "SeriesNumber": 14,
    "SliceThickness": 3,
    "SliceTiming": [
      0.001215,
      0.001215,
      0.001215,
      0.001215,
      0.001215,
      0.001215,
      0.001215,
      0.001215,
      0.001215,
      0.001215,
      0.001215,
      0.001215,
      0.001215,
      0.001215,
      0.001215,
      0.001215,
      0.001215,
      0.001215,
      0.001215,
      0.001215,
      0.001215,
      0.001215,
      0.001215,
      0.001215,
      0.001215,
      0.001215,
      0.001215,
      0.001215,
      0.001215,
      0.001215,
      0.001215,
      0.001215,
      0.001215,
      0.001215,
      0.001215,
      0.001215,
      0.001215,
      0.001215,
      0.001215,
      0.001215,
      0.001215,
      0.001215,
      0.001215,
      0.001215
    ],
    "SoftwareVersions": "syngo_MR_E11",
    "SpacingBetweenSlices": 3,
    "StationName": "MRC51066",
    "TaskName": "fullchecker",
    "TotalReadoutTime": 0.01638,
    "dataset": "ds003382",
    "modality": "bold",
    "run_id": 1,
    "subject_id": "10",
    "task_id": "fullchecker"
  },
  "dummy_trs": 0,
  "dvars_nstd": 34.94848483236512,
  "dvars_std": 1.072664791991702,
  "dvars_vstd": 0.9798825764730282,
  "efc": 0.6015567195094011,
  "fber": 818.6466064453125,
  "fd_mean": 0.12102302138904505,
  "fd_num": 33,
  "fd_perc": 13.636363636363637,
  "fwhm_avg": 1.6951908538011695,
  "fwhm_x": 1.5527376842105263,
  "fwhm_y": 1.8929482105263158,
  "fwhm_z": 1.6398866666666667,
  "gcor": 0.011428,
  "gsr_x": 0.007075296249240637,
  "gsr_y": 0.03667759150266647,
  "provenance": {
    "md5sum": "01197506b427f6b1323f1cc0adb536e2",
    "settings": {
      "fd_thres": 0.2,
      "testing": false
    },
    "software": "mriqc",
    "version": "23.0.1",
    "webapi_port": null,
    "webapi_url": "https://mriqc.nimh.nih.gov/api/v1"
  },
  "size_t": 242,
  "size_x": 64,
  "size_y": 64,
  "size_z": 44,
  "snr": 6.856632016503781,
  "spacing_tr": 2.450000047683716,
  "spacing_x": 2.96875,
  "spacing_y": 2.96875,
  "spacing_z": 3.0,
  "summary_bg_k": 31.154076347305526,
  "summary_bg_mad": 12.816542601156728,
  "summary_bg_mean": 40.78461456298828,
  "summary_bg_median": 22.47520637512207,
  "summary_bg_n": 93360.0,
  "summary_bg_p05": 11.214875221252441,
  "summary_bg_p95": 135.30990600585938,
  "summary_bg_stdv": 52.44136047363281,
  "summary_fg_k": 3.113341878237182,
  "summary_fg_mad": 81.51859899527301,
  "summary_fg_mean": 666.8734130859375,
  "summary_fg_median": 656.9503784179688,
  "summary_fg_n": 46837.0,
  "summary_fg_p05": 539.779296875,
  "summary_fg_p95": 821.7148315429687,
  "summary_fg_stdv": 95.8113784790039,
  "tsnr": 37.8981716040289
}