{
  "aor": 0.0005270054945054945,
  "aqi": 0.03740176593406593,
  "bids_meta": {
    "AcquisitionMatrixPE": 64,
    "AcquisitionNumber": 1,
    "AcquisitionTime": "12:57:3.405000",
    "BandwidthPerPixelPhaseEncode": 56.818,
    "CogAtlasID": "https://cognitiveatlas.org/task/id/trm_54e69c642d89b/",
    "CoilString": "NN",
    "ConversionSoftware": "dcm2niix",
    "ConversionSoftwareVersion": "v1.0.20190410  GCC6.3.0",
    "DerivedVendorReportedEchoSpacing": 0.000550002,
    "DeviceSerialNumber": "51066",
    "EchoTime": 0.03,
    "EffectiveEchoSpacing": 0.000275001,
    "FlipAngle": 90,
    "ImageOrientationPatientDICOM": [
      0.999601,
      0.00221349,
      0.0281555,
      9.22371e-09,
      0.996924,
      -0.0783752
    ],
    "ImageType": [
      "ORIGINAL",
      "PRIMARY",
      "M",
      "ND",
      "NORM",
      "MOSAIC"
    ],
    "ImagingFrequency": 123.24,
    "InPlanePhaseEncodingDirectionDICOM": "COL",
    "InstitutionAddress": "Blackburn_Road_770_Clayton_Victoria_AU_3168",
    "InstitutionName": "Monash_Biomedical_Imaging",
    "MRAcquisitionType": "2D",
    "MagneticFieldStrength": 3,
    "Manufacturer": "Siemens",
    "ManufacturersModelName": "Biograph_mMR",
    "Modality": "MR",
    "ParallelReductionFactorInPlane": 2,
    "PatientPosition": "HFS",
    "PercentPhaseFOV": 100,
    "PhaseEncodingDirection": "j-",
    "PixelBandwidth": 2367,
    "ProcedureStepDescription": "MR-PET_Scan",
    "ProtocolName": "Head_Rest_ep2d_task_bold",
    "ReceiveCoilActiveElements": "T:HEA;HEP;NEP",
    "ReconMatrixPE": 64,
    "RepetitionTime": 2.45,
    "ScanOptions": "FS",
    "ScanningSequence": "EP",
    "SequenceVariant": "SK",
    "SeriesDescription": "Head_Rest_ep2d_task_bold",
    "SeriesNumber": 16,
    "SliceThickness": 3,
    "SliceTiming": [
      0.00123,
      0.00123,
      0.00123,
      0.00123,
      0.00123,
      0.00123,
      0.00123,
      0.00123,
      0.00123,
      0.00123,
      0.00123,
      0.00123,
      0.00123,
      0.00123,
      0.00123,
      0.00123,
      0.00123,
      0.00123,
      0.00123,
      0.00123,
      0.00123,
      0.00123,
      0.00123,
      0.00123,
      0.00123,
      0.00123,
      0.00123,
      0.00123,
      0.00123,
      0.00123,
      0.00123,
      0.00123,
      0.00123,
      0.00123,
      0.00123,
      0.00123,
      0.00123,
      0.00123,
      0.00123,
      0.00123,
      0.00123,
      0.00123,
      0.00123,
      0.00123
    ],
    "SoftwareVersions": "syngo_MR_B20P",
    "SpacingBetweenSlices": 3,
    "StationName": "MRC51066",
    "TaskName": "rest",
    "TotalReadoutTime": 0.0173251,
    "dataset": "ds003382",
    "modality": "bold",
    "run_id": 1,
    "subject_id": "07",
    "task_id": "rest"
  },
  "dummy_trs": 0,
  "dvars_nstd": 48.651602479972475,
  "dvars_std": 1.0719715408539943,
  "dvars_vstd": 0.970559220413223,
  "efc": 0.5492367991614733,
  "fber": 694.0764770507812,
  "fd_mean": 0.4448594058962189,
  "fd_num": 302,
  "fd_perc": 82.96703296703296,
  "fwhm_avg": 1.6985069473684211,
  "fwhm_x": 1.5676463157894738,
  "fwhm_y": 1.8593145263157895,
  "fwhm_z": 1.66856,
  "gcor": 0.0140716,
  "gsr_x": -0.009844609536230564,
  "gsr_y": 0.03407374024391174,
  "provenance": {
    "md5sum": "929d8c802b871915d7dfee46ad50e0d2",
    "settings": {
      "fd_thres": 0.2,
      "testing": false
    },
    "software": "mriqc",
    "version": "23.0.1",
    "webapi_port": null,
    "webapi_url": "https://mriqc.nimh.nih.gov/api/v1"
  },
  "size_t": 364,
  "size_x": 64,
  "size_y": 64,
  "size_z": 44,
  "snr": 6.589306795860077,
  "spacing_tr": 2.450000047683716,
  "spacing_x": 2.96875,
  "spacing_y": 2.96875,
  "spacing_z": 3.0,
  "summary_bg_k": 58.38085586247334,
  "summary_bg_mad": 14.459446546881772,
  "summary_bg_mean": 44.398868560791016,
  "summary_bg_median": 27.32967185974121,
  "summary_bg_n": 107706.0,
  "summary_bg_p05": 13.543956756591797,
  "summary_bg_p95": 139.7445068359375,
  "summary_bg_stdv": 60.11496353149414,
  "summary_fg_k": 1.3601417993131273,
  "summary_fg_mad": 107.23813690110849,
  "summary_fg_mean": 724.7332153320312,
  "summary_fg_median": 716.8255615234375,
  "summary_fg_n": 35102.0,
  "summary_fg_p05": 568.6680145263672,
  "summary_fg_p95": 901.0440063476562,
  "summary_fg_stdv": 108.78463745117188,
  "tsnr": 27.119548599875998
}