{
  "aor": 0.0012059342915811087,
  "aqi": 0.04535115071868583,
  "bids_meta": {
    "AcquisitionMatrixPE": 64,
    "AcquisitionNumber": 1,
    "AcquisitionTime": "13:29:15.400000",
    "BandwidthPerPixelPhaseEncode": 56.818,
    "CogAtlasID": "https://cognitiveatlas.org/task/id/trm_54e69c642d89b/",
    "CoilString": "NN",
    "ConversionSoftware": "dcm2niix",
    "ConversionSoftwareVersion": "v1.0.20190410  GCC6.3.0",
    "DerivedVendorReportedEchoSpacing": 0.000550002,
    "DeviceSerialNumber": "51066",
    "EchoTime": 0.03,
    "EffectiveEchoSpacing": 0.000275001,
    "FlipAngle": 90,
    "ImageOrientationPatientDICOM": [
      0.999601,
      0.00221349,
      0.0281555,
      9.22371e-09,
      0.996924,
      -0.0783752
    ],
    "ImageType": [
      "ORIGINAL",
      "PRIMARY",
      "M",
      "ND",
      "NORM",
      "MOSAIC"
    ],
    "ImagingFrequency": 123.24,
    "InPlanePhaseEncodingDirectionDICOM": "COL",
    "InstitutionAddress": "Blackburn_Road_770_Clayton_Victoria_AU_3168",
    "InstitutionName": "Monash_Biomedical_Imaging",
    "MRAcquisitionType": "2D",
    "MagneticFieldStrength": 3,
    "Manufacturer": "Siemens",
    "ManufacturersModelName": "Biograph_mMR",
    "Modality": "MR",
    "ParallelReductionFactorInPlane": 2,
    "PatientPosition": "HFS",
    "PercentPhaseFOV": 100,
    "PhaseEncodingDirection": "j-",
    "PixelBandwidth": 2367,
    "ProcedureStepDescription": "MR-PET_Scan",
    "ProtocolName": "Head_Rest_ep2d_task_bold",
    "ReceiveCoilActiveElements": "T:HEA;HEP;NEP",
    "ReconMatrixPE": 64,
    "RepetitionTime": 2.45,
    "ScanOptions": "FS",
    "ScanningSequence": "EP",
    "SequenceVariant": "SK",
    "SeriesDescription": "Head_Rest_ep2d_task_bold",
    "SeriesNumber": 20,
    "SliceThickness": 3,
    "SliceTiming": [
      0.00123,
      0.00123,
      0.00123,
      0.00123,
      0.00123,
      0.00123,
      0.00123,
      0.00123,
      0.00123,
      0.00123,
      0.00123,
      0.00123,
      0.00123,
      0.00123,
      0.00123,
      0.00123,
      0.00123,
      0.00123,
      0.00123,
      0.00123,
      0.00123,
      0.00123,
      0.00123,
      0.00123,
      0.00123,
      0.00123,
      0.00123,
      0.00123,
      0.00123,
      0.00123,
      0.00123,
      0.00123,
      0.00123,
      0.00123,
      0.00123,
      0.00123,
      0.00123,
      0.00123,
      0.00123,
      0.00123,
      0.00123,
      0.00123,
      0.00123,
      0.00123
    ],
    "SoftwareVersions": "syngo_MR_B20P",
    "SpacingBetweenSlices": 3,
    "StationName": "MRC51066",
    "TaskName": "rest",
    "TotalReadoutTime": 0.0173251,
    "dataset": "ds003382",
    "modality": "bold",
    "run_id": 3,
    "subject_id": "07",
    "task_id": "rest"
  },
  "dummy_trs": 0,
  "dvars_nstd": 53.44773597069955,
  "dvars_std": 1.0781472526543205,
  "dvars_vstd": 0.9656958513168722,
  "efc": 0.5506825534517986,
  "fber": 673.7033081054688,
  "fd_mean": 0.46514415762589084,
  "fd_num": 398,
  "fd_perc": 81.72484599589322,
  "fwhm_avg": 1.7098976842105262,
  "fwhm_x": 1.5739385263157895,
  "fwhm_y": 1.8634745263157895,
  "fwhm_z": 1.69228,
  "gcor": 0.016676,
  "gsr_x": -0.01078205555677414,
  "gsr_y": 0.03322222828865051,
  "provenance": {
    "md5sum": "4b00db12e87855d2ccfc565e4115e4dc",
    "settings": {
      "fd_thres": 0.2,
      "testing": false
    },
    "software": "mriqc",
    "version": "23.0.1",
    "webapi_port": null,
    "webapi_url": "https://mriqc.nimh.nih.gov/api/v1"
  },
  "size_t": 487,
  "size_x": 64,
  "size_y": 64,
  "size_z": 44,
  "snr": 6.6665536894978,
  "spacing_tr": 2.450000047683716,
  "spacing_x": 2.96875,
  "spacing_y": 2.96875,
  "spacing_z": 3.0,
  "summary_bg_k": 55.865804065892846,
  "summary_bg_mad": 14.643363560216367,
  "summary_bg_mean": 45.24883270263672,
  "summary_bg_median": 27.616018295288086,
  "summary_bg_n": 107895.0,
  "summary_bg_p05": 13.788501739501953,
  "summary_bg_p95": 145.27351989746083,
  "summary_bg_stdv": 61.33910369873047,
  "summary_fg_k": 1.3163045864671572,
  "summary_fg_mad": 105.1947175897569,
  "summary_fg_mean": 722.3134765625,
  "summary_fg_median": 714.4107055664062,
  "summary_fg_n": 34935.0,
  "summary_fg_p05": 568.7324829101562,
  "summary_fg_p95": 897.5027099609374,
  "summary_fg_stdv": 107.1618881225586,
  "tsnr": 24.8208545386442
}