{
  "aor": 0.0008624267782426778,
  "aqi": 0.029892235146443517,
  "bids_meta": {
    "AcquisitionMatrixPE": 64,
    "AcquisitionNumber": 1,
    "AcquisitionTime": "13:49:57.982500",
    "BandwidthPerPixelPhaseEncode": 56.818,
    "CogAtlasID": "https://cognitiveatlas.org/task/id/trm_4c898f8f297ac/",
    "CoilString": "NN",
    "ConversionSoftware": "dcm2niix",
    "ConversionSoftwareVersion": "v1.0.20190410  GCC6.3.0",
    "DerivedVendorReportedEchoSpacing": 0.000550002,
    "DeviceSerialNumber": "51066",
    "EchoTime": 0.03,
    "EffectiveEchoSpacing": 0.000275001,
    "FlipAngle": 90,
    "ImageOrientationPatientDICOM": [
      0.999601,
      0.00221349,
      0.0281555,
      9.22371e-09,
      0.996924,
      -0.0783752
    ],
    "ImageType": [
      "ORIGINAL",
      "PRIMARY",
      "M",
      "ND",
      "NORM",
      "MOSAIC"
    ],
    "ImagingFrequency": 123.24,
    "InPlanePhaseEncodingDirectionDICOM": "COL",
    "InstitutionAddress": "Blackburn_Road_770_Clayton_Victoria_AU_3168",
    "InstitutionName": "Monash_Biomedical_Imaging",
    "MRAcquisitionType": "2D",
    "MagneticFieldStrength": 3,
    "Manufacturer": "Siemens",
    "ManufacturersModelName": "Biograph_mMR",
    "Modality": "MR",
    "ParallelReductionFactorInPlane": 2,
    "PatientPosition": "HFS",
    "PercentPhaseFOV": 100,
    "PhaseEncodingDirection": "j-",
    "PixelBandwidth": 2367,
    "ProcedureStepDescription": "MR-PET_Scan",
    "ProtocolName": "Head_Full_checker_ep2d_task_bold",
    "ReceiveCoilActiveElements": "T:HEA;HEP;NEP",
    "ReconMatrixPE": 64,
    "RepetitionTime": 2.45,
    "ScanOptions": "FS",
    "ScanningSequence": "EP",
    "SequenceVariant": "SK",
    "SeriesDescription": "Head_Full_checker_ep2d_task_bold",
    "SeriesNumber": 21,
    "SliceThickness": 3,
    "SliceTiming": [
      0.00123,
      0.00123,
      0.00123,
      0.00123,
      0.00123,
      0.00123,
      0.00123,
      0.00123,
      0.00123,
      0.00123,
      0.00123,
      0.00123,
      0.00123,
      0.00123,
      0.00123,
      0.00123,
      0.00123,
      0.00123,
      0.00123,
      0.00123,
      0.00123,
      0.00123,
      0.00123,
      0.00123,
      0.00123,
      0.00123,
      0.00123,
      0.00123,
      0.00123,
      0.00123,
      0.00123,
      0.00123,
      0.00123,
      0.00123,
      0.00123,
      0.00123,
      0.00123,
      0.00123,
      0.00123,
      0.00123,
      0.00123,
      0.00123,
      0.00123,
      0.00123
    ],
    "SoftwareVersions": "syngo_MR_B20P",
    "SpacingBetweenSlices": 3,
    "StationName": "MRC51066",
    "TaskName": "fullchecker",
    "TotalReadoutTime": 0.0173251,
    "dataset": "ds003382",
    "modality": "bold",
    "run_id": 2,
    "subject_id": "07",
    "task_id": "fullchecker"
  },
  "dummy_trs": 3,
  "dvars_nstd": 41.7464169094958,
  "dvars_std": 1.1140947972268902,
  "dvars_vstd": 0.9662634968067226,
  "efc": 0.5512946135115998,
  "fber": 668.4070434570312,
  "fd_mean": 0.19831109961312357,
  "fd_num": 72,
  "fd_perc": 30.1255230125523,
  "fwhm_avg": 1.6974127836257311,
  "fwhm_x": 1.5791124210526317,
  "fwhm_y": 1.8485692631578947,
  "fwhm_z": 1.6645566666666667,
  "gcor": 0.00696676,
  "gsr_x": -0.012007017619907856,
  "gsr_y": 0.027251090854406357,
  "provenance": {
    "md5sum": "b3c98270e0be274a9789cbd0a82b04c2",
    "settings": {
      "fd_thres": 0.2,
      "testing": false
    },
    "software": "mriqc",
    "version": "23.0.1",
    "webapi_port": null,
    "webapi_url": "https://mriqc.nimh.nih.gov/api/v1"
  },
  "size_t": 239,
  "size_x": 64,
  "size_y": 64,
  "size_z": 44,
  "snr": 6.551112483609984,
  "spacing_tr": 2.450000047683716,
  "spacing_x": 2.96875,
  "spacing_y": 2.96875,
  "spacing_z": 3.0,
  "summary_bg_k": 35.50369106415272,
  "summary_bg_mad": 14.714359294045487,
  "summary_bg_mean": 45.53960037231445,
  "summary_bg_median": 27.581588745117188,
  "summary_bg_n": 108082.0,
  "summary_bg_p05": 13.778242111206055,
  "summary_bg_p95": 150.29245910644528,
  "summary_bg_stdv": 58.987850189208984,
  "summary_fg_k": 1.4015638504594836,
  "summary_fg_mad": 106.31001741538445,
  "summary_fg_mean": 720.6602783203125,
  "summary_fg_median": 712.7928466796875,
  "summary_fg_n": 34782.0,
  "summary_fg_p05": 563.6914154052735,
  "summary_fg_p95": 898.6250549316405,
  "summary_fg_stdv": 108.80329132080078,
  "tsnr": 30.870284597738646
}