{
  "aor": 0.00253702479338843,
  "aqi": 0.03506431487603306,
  "bids_meta": {
    "AcquisitionMatrixPE": 64,
    "AcquisitionNumber": 1,
    "AcquisitionTime": "13:12:33.615000",
    "BandwidthPerPixelPhaseEncode": 56.818,
    "CogAtlasID": "https://cognitiveatlas.org/task/id/trm_4c898f8f297ac/",
    "CoilString": "NN",
    "ConversionSoftware": "dcm2niix",
    "ConversionSoftwareVersion": "v1.0.20190410  GCC6.3.0",
    "DerivedVendorReportedEchoSpacing": 0.000550002,
    "DeviceSerialNumber": "51066",
    "EchoTime": 0.03,
    "EffectiveEchoSpacing": 0.000275001,
    "FlipAngle": 90,
    "ImageOrientationPatientDICOM": [
      0.999601,
      0.00221349,
      0.0281555,
      9.22371e-09,
      0.996924,
      -0.0783752
    ],
    "ImageType": [
      "ORIGINAL",
      "PRIMARY",
      "M",
      "ND",
      "NORM",
      "MOSAIC"
    ],
    "ImagingFrequency": 123.24,
    "InPlanePhaseEncodingDirectionDICOM": "COL",
    "InstitutionAddress": "Blackburn_Road_770_Clayton_Victoria_AU_3168",
    "InstitutionName": "Monash_Biomedical_Imaging",
    "MRAcquisitionType": "2D",
    "MagneticFieldStrength": 3,
    "Manufacturer": "Siemens",
    "ManufacturersModelName": "Biograph_mMR",
    "Modality": "MR",
    "ParallelReductionFactorInPlane": 2,
    "PatientPosition": "HFS",
    "PercentPhaseFOV": 100,
    "PhaseEncodingDirection": "j-",
    "PixelBandwidth": 2367,
    "ProcedureStepDescription": "MR-PET_Scan",
    "ProtocolName": "Head_Half_checker_ep2d_task_bold",
    "ReceiveCoilActiveElements": "T:HEA;HEP;NEP",
    "ReconMatrixPE": 64,
    "RepetitionTime": 2.45,
    "ScanOptions": "FS",
    "ScanningSequence": "EP",
    "SequenceVariant": "SK",
    "SeriesDescription": "Head_Half_checker_ep2d_task_bold",
    "SeriesNumber": 17,
    "SliceThickness": 3,
    "SliceTiming": [
      0.00123,
      0.00123,
      0.00123,
      0.00123,
      0.00123,
      0.00123,
      0.00123,
      0.00123,
      0.00123,
      0.00123,
      0.00123,
      0.00123,
      0.00123,
      0.00123,
      0.00123,
      0.00123,
      0.00123,
      0.00123,
      0.00123,
      0.00123,
      0.00123,
      0.00123,
      0.00123,
      0.00123,
      0.00123,
      0.00123,
      0.00123,
      0.00123,
      0.00123,
      0.00123,
      0.00123,
      0.00123,
      0.00123,
      0.00123,
      0.00123,
      0.00123,
      0.00123,
      0.00123,
      0.00123,
      0.00123,
      0.00123,
      0.00123,
      0.00123,
      0.00123
    ],
    "SoftwareVersions": "syngo_MR_B20P",
    "SpacingBetweenSlices": 3,
    "StationName": "MRC51066",
    "TaskName": "halfchecker",
    "TotalReadoutTime": 0.0173251,
    "dataset": "ds003382",
    "modality": "bold",
    "run_id": 1,
    "subject_id": "07",
    "task_id": "halfchecker"
  },
  "dummy_trs": 0,
  "dvars_nstd": 41.43245954491665,
  "dvars_std": 1.0702540234166669,
  "dvars_vstd": 0.97302804275,
  "efc": 0.5502025044825353,
  "fber": 684.2125854492188,
  "fd_mean": 0.23491838117498334,
  "fd_num": 64,
  "fd_perc": 52.892561983471076,
  "fwhm_avg": 1.7068065614035088,
  "fwhm_x": 1.583248842105263,
  "fwhm_y": 1.8733608421052632,
  "fwhm_z": 1.66381,
  "gcor": 0.010127,
  "gsr_x": -0.010769989341497421,
  "gsr_y": 0.034964993596076965,
  "provenance": {
    "md5sum": "d88f72b24544d124aa065de99c8c2d59",
    "settings": {
      "fd_thres": 0.2,
      "testing": false
    },
    "software": "mriqc",
    "version": "23.0.1",
    "webapi_port": null,
    "webapi_url": "https://mriqc.nimh.nih.gov/api/v1"
  },
  "size_t": 121,
  "size_x": 64,
  "size_y": 64,
  "size_z": 44,
  "snr": 6.58843094213318,
  "spacing_tr": 2.450000047683716,
  "spacing_x": 2.96875,
  "spacing_y": 2.96875,
  "spacing_z": 3.0,
  "summary_bg_k": 43.14524832952784,
  "summary_bg_mad": 14.703491907559972,
  "summary_bg_mean": 44.145816802978516,
  "summary_bg_median": 27.14049530029297,
  "summary_bg_n": 107636.0,
  "summary_bg_p05": 13.214875221252441,
  "summary_bg_p95": 135.5909080505371,
  "summary_bg_stdv": 56.43043899536133,
  "summary_fg_k": 1.31925164346677,
  "summary_fg_mad": 105.96316595642864,
  "summary_fg_mean": 720.5261840820312,
  "summary_fg_median": 712.7520141601562,
  "summary_fg_n": 35027.0,
  "summary_fg_p05": 564.4876098632812,
  "summary_fg_p95": 897.5735290527343,
  "summary_fg_stdv": 108.18081665039062,
  "tsnr": 28.859894253197126
}