{
  "aor": 0.0009412396694214876,
  "aqi": 0.02429747190082645,
  "bids_meta": {
    "AcquisitionMatrixPE": 64,
    "AcquisitionNumber": 1,
    "AcquisitionTime": "13:18:10.057500",
    "BandwidthPerPixelPhaseEncode": 56.818,
    "CogAtlasID": "https://cognitiveatlas.org/task/id/trm_54e69c642d89b/",
    "CoilString": "NN",
    "ConversionSoftware": "dcm2niix",
    "ConversionSoftwareVersion": "v1.0.20190410  GCC6.3.0",
    "DerivedVendorReportedEchoSpacing": 0.000550002,
    "DeviceSerialNumber": "51066",
    "EchoTime": 0.03,
    "EffectiveEchoSpacing": 0.000275001,
    "FlipAngle": 90,
    "ImageOrientationPatientDICOM": [
      0.999601,
      0.00221349,
      0.0281555,
      9.22371e-09,
      0.996924,
      -0.0783752
    ],
    "ImageType": [
      "ORIGINAL",
      "PRIMARY",
      "M",
      "ND",
      "NORM",
      "MOSAIC"
    ],
    "ImagingFrequency": 123.24,
    "InPlanePhaseEncodingDirectionDICOM": "COL",
    "InstitutionAddress": "Blackburn_Road_770_Clayton_Victoria_AU_3168",
    "InstitutionName": "Monash_Biomedical_Imaging",
    "MRAcquisitionType": "2D",
    "MagneticFieldStrength": 3,
    "Manufacturer": "Siemens",
    "ManufacturersModelName": "Biograph_mMR",
    "Modality": "MR",
    "ParallelReductionFactorInPlane": 2,
    "PatientPosition": "HFS",
    "PercentPhaseFOV": 100,
    "PhaseEncodingDirection": "j-",
    "PixelBandwidth": 2367,
    "ProcedureStepDescription": "MR-PET_Scan",
    "ProtocolName": "Head_Rest_ep2d_task_bold",
    "ReceiveCoilActiveElements": "T:HEA;HEP;NEP",
    "ReconMatrixPE": 64,
    "RepetitionTime": 2.45,
    "ScanOptions": "FS",
    "ScanningSequence": "EP",
    "SequenceVariant": "SK",
    "SeriesDescription": "Head_Rest_ep2d_task_bold",
    "SeriesNumber": 18,
    "SliceThickness": 3,
    "SliceTiming": [
      0.0012275,
      0.0012275,
      0.0012275,
      0.0012275,
      0.0012275,
      0.0012275,
      0.0012275,
      0.0012275,
      0.0012275,
      0.0012275,
      0.0012275,
      0.0012275,
      0.0012275,
      0.0012275,
      0.0012275,
      0.0012275,
      0.0012275,
      0.0012275,
      0.0012275,
      0.0012275,
      0.0012275,
      0.0012275,
      0.0012275,
      0.0012275,
      0.0012275,
      0.0012275,
      0.0012275,
      0.0012275,
      0.0012275,
      0.0012275,
      0.0012275,
      0.0012275,
      0.0012275,
      0.0012275,
      0.0012275,
      0.0012275,
      0.0012275,
      0.0012275,
      0.0012275,
      0.0012275,
      0.0012275,
      0.0012275,
      0.0012275,
      0.0012275
    ],
    "SoftwareVersions": "syngo_MR_B20P",
    "SpacingBetweenSlices": 3,
    "StationName": "MRC51066",
    "TaskName": "rest",
    "TotalReadoutTime": 0.0173251,
    "dataset": "ds003382",
    "modality": "bold",
    "run_id": 2,
    "subject_id": "07",
    "task_id": "rest"
  },
  "dummy_trs": 0,
  "dvars_nstd": 42.876739756416654,
  "dvars_std": 1.09857425075,
  "dvars_vstd": 0.9781800953333332,
  "efc": 0.549733385157197,
  "fber": 689.2890625,
  "fd_mean": 0.2705312153725886,
  "fd_num": 71,
  "fd_perc": 58.67768595041322,
  "fwhm_avg": 1.6865212865497077,
  "fwhm_x": 1.5499654736842106,
  "fwhm_y": 1.855845052631579,
  "fwhm_z": 1.6537533333333334,
  "gcor": 0.00601483,
  "gsr_x": -0.010858747176826,
  "gsr_y": 0.02994948998093605,
  "provenance": {
    "md5sum": "0b33c5976fba760710e0d4bf0b836355",
    "settings": {
      "fd_thres": 0.2,
      "testing": false
    },
    "software": "mriqc",
    "version": "23.0.1",
    "webapi_port": null,
    "webapi_url": "https://mriqc.nimh.nih.gov/api/v1"
  },
  "size_t": 121,
  "size_x": 64,
  "size_y": 64,
  "size_z": 44,
  "snr": 6.501599685212912,
  "spacing_tr": 2.450000047683716,
  "spacing_x": 2.96875,
  "spacing_y": 2.96875,
  "spacing_z": 3.0,
  "summary_bg_k": 59.16359703114031,
  "summary_bg_mad": 13.318913911051208,
  "summary_bg_mean": 44.063377380371094,
  "summary_bg_median": 26.97520637512207,
  "summary_bg_n": 107744.0,
  "summary_bg_p05": 14.00826358795166,
  "summary_bg_p95": 140.1487579345703,
  "summary_bg_stdv": 60.202274322509766,
  "summary_fg_k": 1.5278433533927966,
  "summary_fg_mad": 106.33073982188088,
  "summary_fg_mean": 719.9834594726562,
  "summary_fg_median": 712.38427734375,
  "summary_fg_n": 35084.0,
  "summary_fg_p05": 563.1251983642578,
  "summary_fg_p95": 897.6751922607422,
  "summary_fg_stdv": 109.56905364990234,
  "tsnr": 34.53966053982731
}