{
  "aor": 0.0015206611570247933,
  "aqi": 0.024251795867768596,
  "bids_meta": {
    "AcquisitionMatrixPE": 64,
    "AcquisitionNumber": 1,
    "AcquisitionTime": "13:23:43.590000",
    "BandwidthPerPixelPhaseEncode": 56.818,
    "CogAtlasID": "https://cognitiveatlas.org/task/id/trm_4c898f8f297ac/",
    "CoilString": "NN",
    "ConversionSoftware": "dcm2niix",
    "ConversionSoftwareVersion": "v1.0.20190410  GCC6.3.0",
    "DerivedVendorReportedEchoSpacing": 0.000550002,
    "DeviceSerialNumber": "51066",
    "EchoTime": 0.03,
    "EffectiveEchoSpacing": 0.000275001,
    "FlipAngle": 90,
    "ImageOrientationPatientDICOM": [
      0.999601,
      0.00221349,
      0.0281555,
      9.22371e-09,
      0.996924,
      -0.0783752
    ],
    "ImageType": [
      "ORIGINAL",
      "PRIMARY",
      "M",
      "ND",
      "NORM",
      "MOSAIC"
    ],
    "ImagingFrequency": 123.24,
    "InPlanePhaseEncodingDirectionDICOM": "COL",
    "InstitutionAddress": "Blackburn_Road_770_Clayton_Victoria_AU_3168",
    "InstitutionName": "Monash_Biomedical_Imaging",
    "MRAcquisitionType": "2D",
    "MagneticFieldStrength": 3,
    "Manufacturer": "Siemens",
    "ManufacturersModelName": "Biograph_mMR",
    "Modality": "MR",
    "ParallelReductionFactorInPlane": 2,
    "PatientPosition": "HFS",
    "PercentPhaseFOV": 100,
    "PhaseEncodingDirection": "j-",
    "PixelBandwidth": 2367,
    "ProcedureStepDescription": "MR-PET_Scan",
    "ProtocolName": "Head_Half_checker_ep2d_task_bold",
    "ReceiveCoilActiveElements": "T:HEA;HEP;NEP",
    "ReconMatrixPE": 64,
    "RepetitionTime": 2.45,
    "ScanOptions": "FS",
    "ScanningSequence": "EP",
    "SequenceVariant": "SK",
    "SeriesDescription": "Head_Half_checker_ep2d_task_bold",
    "SeriesNumber": 19,
    "SliceThickness": 3,
    "SliceTiming": [
      0.00123,
      0.00123,
      0.00123,
      0.00123,
      0.00123,
      0.00123,
      0.00123,
      0.00123,
      0.00123,
      0.00123,
      0.00123,
      0.00123,
      0.00123,
      0.00123,
      0.00123,
      0.00123,
      0.00123,
      0.00123,
      0.00123,
      0.00123,
      0.00123,
      0.00123,
      0.00123,
      0.00123,
      0.00123,
      0.00123,
      0.00123,
      0.00123,
      0.00123,
      0.00123,
      0.00123,
      0.00123,
      0.00123,
      0.00123,
      0.00123,
      0.00123,
      0.00123,
      0.00123,
      0.00123,
      0.00123,
      0.00123,
      0.00123,
      0.00123,
      0.00123
    ],
    "SoftwareVersions": "syngo_MR_B20P",
    "SpacingBetweenSlices": 3,
    "StationName": "MRC51066",
    "TaskName": "halfchecker",
    "TotalReadoutTime": 0.0173251,
    "dataset": "ds003382",
    "modality": "bold",
    "run_id": 2,
    "subject_id": "07",
    "task_id": "halfchecker"
  },
  "dummy_trs": 0,
  "dvars_nstd": 41.44023574216668,
  "dvars_std": 1.1346380175,
  "dvars_vstd": 0.9935593568333333,
  "efc": 0.5502420412814293,
  "fber": 686.9645385742188,
  "fd_mean": 0.2131553849973578,
  "fd_num": 42,
  "fd_perc": 34.710743801652896,
  "fwhm_avg": 1.6897320116959067,
  "fwhm_x": 1.5683705263157897,
  "fwhm_y": 1.8453288421052632,
  "fwhm_z": 1.6554966666666668,
  "gcor": 0.00372752,
  "gsr_x": -0.009874661453068256,
  "gsr_y": 0.029459062963724136,
  "provenance": {
    "md5sum": "fa9e1ead17ae4e7eed45a8d525b62876",
    "settings": {
      "fd_thres": 0.2,
      "testing": false
    },
    "software": "mriqc",
    "version": "23.0.1",
    "webapi_port": null,
    "webapi_url": "https://mriqc.nimh.nih.gov/api/v1"
  },
  "size_t": 121,
  "size_x": 64,
  "size_y": 64,
  "size_z": 44,
  "snr": 6.474946549286084,
  "spacing_tr": 2.450000047683716,
  "spacing_x": 2.96875,
  "spacing_y": 2.96875,
  "spacing_z": 3.0,
  "summary_bg_k": 41.139815666784614,
  "summary_bg_mad": 13.858041476355188,
  "summary_bg_mean": 44.27840805053711,
  "summary_bg_median": 27.148759841918945,
  "summary_bg_n": 107660.0,
  "summary_bg_p05": 13.925619125366211,
  "summary_bg_p95": 141.61321029663048,
  "summary_bg_stdv": 57.43496322631836,
  "summary_fg_k": 1.2410060552339637,
  "summary_fg_mad": 108.39533399401924,
  "summary_fg_mean": 722.03955078125,
  "summary_fg_median": 713.8098754882812,
  "summary_fg_n": 35158.0,
  "summary_fg_p05": 564.6338714599609,
  "summary_fg_p95": 902.8809387207032,
  "summary_fg_stdv": 110.24024963378906,
  "tsnr": 33.93084912956692
}