{
  "aor": 0.0034233471074380166,
  "aqi": 0.02553376363636364,
  "bids_meta": {
    "AcquisitionMatrixPE": 64,
    "AcquisitionNumber": 1,
    "AcquisitionTime": "12:46:29.127500",
    "BandwidthPerPixelPhaseEncode": 56.818,
    "CogAtlasID": "https://cognitiveatlas.org/task/id/trm_4c898f8f297ac/",
    "CoilString": "NN",
    "ConversionSoftware": "dcm2niix",
    "ConversionSoftwareVersion": "v1.0.20190410  GCC6.3.0",
    "DerivedVendorReportedEchoSpacing": 0.000550002,
    "DeviceSerialNumber": "51066",
    "EchoTime": 0.03,
    "EffectiveEchoSpacing": 0.000275001,
    "FlipAngle": 90,
    "ImageOrientationPatientDICOM": [
      0.999601,
      0.00221349,
      0.0281555,
      9.22371e-09,
      0.996924,
      -0.0783752
    ],
    "ImageType": [
      "ORIGINAL",
      "PRIMARY",
      "M",
      "ND",
      "NORM",
      "MOSAIC"
    ],
    "ImagingFrequency": 123.24,
    "InPlanePhaseEncodingDirectionDICOM": "COL",
    "InstitutionAddress": "Blackburn_Road_770_Clayton_Victoria_AU_3168",
    "InstitutionName": "Monash_Biomedical_Imaging",
    "MRAcquisitionType": "2D",
    "MagneticFieldStrength": 3,
    "Manufacturer": "Siemens",
    "ManufacturersModelName": "Biograph_mMR",
    "Modality": "MR",
    "ParallelReductionFactorInPlane": 2,
    "PatientPosition": "HFS",
    "PercentPhaseFOV": 100,
    "PhaseEncodingDirection": "j-",
    "PixelBandwidth": 2367,
    "ProcedureStepDescription": "MR-PET_Scan",
    "ProtocolName": "Head_Full_checker_ep2d_task_bold",
    "ReceiveCoilActiveElements": "T:HEA;HEP;NEP",
    "ReconMatrixPE": 64,
    "RepetitionTime": 2.45,
    "ScanOptions": "FS",
    "ScanningSequence": "EP",
    "SequenceVariant": "SK",
    "SeriesDescription": "Head_Full_checker_ep2d_task_bold",
    "SeriesNumber": 15,
    "SliceThickness": 3,
    "SliceTiming": [
      0.0012275,
      0.0012275,
      0.0012275,
      0.0012275,
      0.0012275,
      0.0012275,
      0.0012275,
      0.0012275,
      0.0012275,
      0.0012275,
      0.0012275,
      0.0012275,
      0.0012275,
      0.0012275,
      0.0012275,
      0.0012275,
      0.0012275,
      0.0012275,
      0.0012275,
      0.0012275,
      0.0012275,
      0.0012275,
      0.0012275,
      0.0012275,
      0.0012275,
      0.0012275,
      0.0012275,
      0.0012275,
      0.0012275,
      0.0012275,
      0.0012275,
      0.0012275,
      0.0012275,
      0.0012275,
      0.0012275,
      0.0012275,
      0.0012275,
      0.0012275,
      0.0012275,
      0.0012275,
      0.0012275,
      0.0012275,
      0.0012275,
      0.0012275
    ],
    "SoftwareVersions": "syngo_MR_B20P",
    "SpacingBetweenSlices": 3,
    "StationName": "MRC51066",
    "TaskName": "fullchecker",
    "TotalReadoutTime": 0.0173251,
    "dataset": "ds003382",
    "modality": "bold",
    "run_id": 1,
    "subject_id": "07",
    "task_id": "fullchecker"
  },
  "dummy_trs": 0,
  "dvars_nstd": 41.449392548257265,
  "dvars_std": 1.1449771556846478,
  "dvars_vstd": 1.0137871993360987,
  "efc": 0.5493548393158635,
  "fber": 704.2772216796875,
  "fd_mean": 0.17065239876058613,
  "fd_num": 44,
  "fd_perc": 18.181818181818183,
  "fwhm_avg": 1.6967581286549709,
  "fwhm_x": 1.5778458947368421,
  "fwhm_y": 1.846575157894737,
  "fwhm_z": 1.6658533333333334,
  "gcor": 0.00963047,
  "gsr_x": -0.00922232773154974,
  "gsr_y": 0.027071896940469742,
  "provenance": {
    "md5sum": "df8b3f95f8f27f412e574d86d809eba4",
    "settings": {
      "fd_thres": 0.2,
      "testing": false
    },
    "software": "mriqc",
    "version": "23.0.1",
    "webapi_port": null,
    "webapi_url": "https://mriqc.nimh.nih.gov/api/v1"
  },
  "size_t": 242,
  "size_x": 64,
  "size_y": 64,
  "size_z": 44,
  "snr": 6.519105910977198,
  "spacing_tr": 2.450000047683716,
  "spacing_x": 2.96875,
  "spacing_y": 2.96875,
  "spacing_z": 3.0,
  "summary_bg_k": 41.28107620304114,
  "summary_bg_mad": 13.649740004611907,
  "summary_bg_mean": 43.422752380371094,
  "summary_bg_median": 26.78512191772461,
  "summary_bg_n": 107697.0,
  "summary_bg_p05": 13.623966217041016,
  "summary_bg_p95": 139.4148742675781,
  "summary_bg_stdv": 56.341495513916016,
  "summary_fg_k": 1.3893443359597528,
  "summary_fg_mad": 108.19014597336118,
  "summary_fg_mean": 722.9762573242188,
  "summary_fg_median": 715.2024536132812,
  "summary_fg_n": 35058.0,
  "summary_fg_p05": 564.9987548828125,
  "summary_fg_p95": 900.0939758300782,
  "summary_fg_stdv": 109.70710754394531,
  "tsnr": 32.42596710042562
}