{
  "aor": 0.006004793388429752,
  "aqi": 0.028358455371900827,
  "bids_meta": {
    "AcquisitionMatrixPE": 64,
    "AcquisitionNumber": 1,
    "AcquisitionTime": "11:04:10.720000",
    "BandwidthPerPixelPhaseEncode": 60.096,
    "BodyPartExamined": "BRAIN",
    "CogAtlasID": "https://cognitiveatlas.org/task/id/trm_4c898f8f297ac/",
    "CoilString": "HeadNeck_MRPET",
    "ConversionSoftware": "dcm2niix",
    "ConversionSoftwareVersion": "v1.0.20190410  GCC6.3.0",
    "DerivedVendorReportedEchoSpacing": 0.000520001,
    "DeviceSerialNumber": "51066",
    "EchoTime": 0.03,
    "EchoTrainLength": 31,
    "EffectiveEchoSpacing": 0.000260001,
    "FlipAngle": 90,
    "ImageOrientationPatientDICOM": [
      0.999846,
      0.00398166,
      0.0171008,
      9.46327e-09,
      0.973948,
      -0.22677
    ],
    "ImageType": [
      "ORIGINAL",
      "PRIMARY",
      "M",
      "ND",
      "MOSAIC"
    ],
    "ImagingFrequency": 123.24,
    "InPlanePhaseEncodingDirectionDICOM": "COL",
    "InstitutionAddress": "Blackburn_Road_770_Clayton_Victoria_AU_3168",
    "InstitutionName": "MONASH_BIOMEDICAL_IMAGING",
    "MRAcquisitionType": "2D",
    "MagneticFieldStrength": 3,
    "Manufacturer": "Siemens",
    "ManufacturersModelName": "Biograph_mMR",
    "Modality": "MR",
    "ParallelReductionFactorInPlane": 2,
    "PartialFourier": 0.96875,
    "PatientPosition": "HFS",
    "PercentPhaseFOV": 100,
    "PhaseEncodingDirection": "j-",
    "PixelBandwidth": 2300,
    "ProcedureStepDescription": "MR-PET_Scan",
    "ProtocolName": "Head_Half_checker_board_2_ep2D_task_bold",
    "ReceiveCoilActiveElements": "HEA;HEP;NEP",
    "ReconMatrixPE": 64,
    "RepetitionTime": 2.45,
    "ScanOptions": "FS",
    "ScanningSequence": "EP",
    "SequenceVariant": "SK",
    "SeriesDescription": "Head_Half_checker_board_2_ep2D_task_bold",
    "SeriesNumber": 21,
    "SliceThickness": 3,
    "SliceTiming": [
      0.001215,
      0.001215,
      0.001215,
      0.001215,
      0.001215,
      0.001215,
      0.001215,
      0.001215,
      0.001215,
      0.001215,
      0.001215,
      0.001215,
      0.001215,
      0.001215,
      0.001215,
      0.001215,
      0.001215,
      0.001215,
      0.001215,
      0.001215,
      0.001215,
      0.001215,
      0.001215,
      0.001215,
      0.001215,
      0.001215,
      0.001215,
      0.001215,
      0.001215,
      0.001215,
      0.001215,
      0.001215,
      0.001215,
      0.001215,
      0.001215,
      0.001215,
      0.001215,
      0.001215,
      0.001215,
      0.001215,
      0.001215,
      0.001215,
      0.001215,
      0.001215
    ],
    "SoftwareVersions": "syngo_MR_E11",
    "SpacingBetweenSlices": 3,
    "StationName": "MRC51066",
    "TaskName": "halfchecker",
    "TotalReadoutTime": 0.01638,
    "dataset": "ds003382",
    "modality": "bold",
    "run_id": 2,
    "subject_id": "12",
    "task_id": "halfchecker"
  },
  "dummy_trs": 0,
  "dvars_nstd": 47.69718023908331,
  "dvars_std": 1.0449624560833337,
  "dvars_vstd": 1.02616034275,
  "efc": 0.5799192559108468,
  "fber": 420.2672119140625,
  "fd_mean": 0.5080827626172773,
  "fd_num": 68,
  "fd_perc": 56.19834710743802,
  "fwhm_avg": 2.151332432748538,
  "fwhm_x": 2.037632,
  "fwhm_y": 2.2225886315789474,
  "fwhm_z": 2.193776666666667,
  "gcor": 0.0536408,
  "gsr_x": 0.003660613903775811,
  "gsr_y": 0.029920661821961403,
  "provenance": {
    "md5sum": "e5a0eeecedbdf53cce8f25ed3efe4efb",
    "settings": {
      "fd_thres": 0.2,
      "testing": false
    },
    "software": "mriqc",
    "version": "23.0.1",
    "webapi_port": null,
    "webapi_url": "https://mriqc.nimh.nih.gov/api/v1"
  },
  "size_t": 121,
  "size_x": 64,
  "size_y": 64,
  "size_z": 44,
  "snr": 5.677027240441042,
  "spacing_tr": 2.450000047683716,
  "spacing_x": 2.96875,
  "spacing_y": 2.96875,
  "spacing_z": 3.0,
  "summary_bg_k": 39.14161779548805,
  "summary_bg_mad": 7.229218504123253,
  "summary_bg_mean": 43.99174880981445,
  "summary_bg_median": 29.55371856689453,
  "summary_bg_n": 103417.0,
  "summary_bg_p05": 22.842973709106445,
  "summary_bg_p95": 113.1950378417968,
  "summary_bg_stdv": 47.024417877197266,
  "summary_fg_k": 1.208026304636392,
  "summary_fg_mad": 94.97843545072159,
  "summary_fg_mean": 619.690185546875,
  "summary_fg_median": 611.6817626953125,
  "summary_fg_n": 39404.0,
  "summary_fg_p05": 460.0508010864258,
  "summary_fg_p95": 810.9524200439453,
  "summary_fg_stdv": 107.74547576904297,
  "tsnr": 26.90278028952889
}