{
  "aor": 0.006897768595041322,
  "aqi": 0.025912370247933882,
  "bids_meta": {
    "AcquisitionMatrixPE": 64,
    "AcquisitionNumber": 1,
    "AcquisitionTime": "10:58:49.152500",
    "BandwidthPerPixelPhaseEncode": 60.096,
    "BodyPartExamined": "BRAIN",
    "CogAtlasID": "https://cognitiveatlas.org/task/id/trm_54e69c642d89b/",
    "CoilString": "HeadNeck_MRPET",
    "ConversionSoftware": "dcm2niix",
    "ConversionSoftwareVersion": "v1.0.20190410  GCC6.3.0",
    "DerivedVendorReportedEchoSpacing": 0.000520001,
    "DeviceSerialNumber": "51066",
    "EchoTime": 0.03,
    "EchoTrainLength": 31,
    "EffectiveEchoSpacing": 0.000260001,
    "FlipAngle": 90,
    "ImageOrientationPatientDICOM": [
      0.999846,
      0.00398166,
      0.0171008,
      9.46327e-09,
      0.973948,
      -0.22677
    ],
    "ImageType": [
      "ORIGINAL",
      "PRIMARY",
      "M",
      "ND",
      "MOSAIC"
    ],
    "ImagingFrequency": 123.24,
    "InPlanePhaseEncodingDirectionDICOM": "COL",
    "InstitutionAddress": "Blackburn_Road_770_Clayton_Victoria_AU_3168",
    "InstitutionName": "MONASH_BIOMEDICAL_IMAGING",
    "MRAcquisitionType": "2D",
    "MagneticFieldStrength": 3,
    "Manufacturer": "Siemens",
    "ManufacturersModelName": "Biograph_mMR",
    "Modality": "MR",
    "ParallelReductionFactorInPlane": 2,
    "PartialFourier": 0.96875,
    "PatientPosition": "HFS",
    "PercentPhaseFOV": 100,
    "PhaseEncodingDirection": "j-",
    "PixelBandwidth": 2300,
    "ProcedureStepDescription": "MR-PET_Scan",
    "ProtocolName": "Head_Resting_2_ep2D_task_bold",
    "ReceiveCoilActiveElements": "HEA;HEP;NEP",
    "ReconMatrixPE": 64,
    "RepetitionTime": 2.45,
    "ScanOptions": "FS",
    "ScanningSequence": "EP",
    "SequenceVariant": "SK",
    "SeriesDescription": "Head_Resting_2_ep2D_task_bold",
    "SeriesNumber": 19,
    "SliceThickness": 3,
    "SliceTiming": [
      0.001215,
      0.001215,
      0.001215,
      0.001215,
      0.001215,
      0.001215,
      0.001215,
      0.001215,
      0.001215,
      0.001215,
      0.001215,
      0.001215,
      0.001215,
      0.001215,
      0.001215,
      0.001215,
      0.001215,
      0.001215,
      0.001215,
      0.001215,
      0.001215,
      0.001215,
      0.001215,
      0.001215,
      0.001215,
      0.001215,
      0.001215,
      0.001215,
      0.001215,
      0.001215,
      0.001215,
      0.001215,
      0.001215,
      0.001215,
      0.001215,
      0.001215,
      0.001215,
      0.001215,
      0.001215,
      0.001215,
      0.001215,
      0.001215,
      0.001215,
      0.001215
    ],
    "SoftwareVersions": "syngo_MR_E11",
    "SpacingBetweenSlices": 3,
    "StationName": "MRC51066",
    "TaskName": "rest",
    "TotalReadoutTime": 0.01638,
    "dataset": "ds003382",
    "modality": "bold",
    "run_id": 2,
    "subject_id": "12",
    "task_id": "rest"
  },
  "dummy_trs": 0,
  "dvars_nstd": 49.843378479999984,
  "dvars_std": 1.0880590032499995,
  "dvars_vstd": 1.0451940939166668,
  "efc": 0.5809130456647771,
  "fber": 426.4629821777344,
  "fd_mean": 0.5559785635479295,
  "fd_num": 74,
  "fd_perc": 61.15702479338843,
  "fwhm_avg": 2.1421752280701756,
  "fwhm_x": 2.029834105263158,
  "fwhm_y": 2.2270315789473685,
  "fwhm_z": 2.16966,
  "gcor": 0.0619222,
  "gsr_x": 0.0022392412647604942,
  "gsr_y": 0.032169755548238754,
  "provenance": {
    "md5sum": "f8344cddff67b578ce2ac4410922fb76",
    "settings": {
      "fd_thres": 0.2,
      "testing": false
    },
    "software": "mriqc",
    "version": "23.0.1",
    "webapi_port": null,
    "webapi_url": "https://mriqc.nimh.nih.gov/api/v1"
  },
  "size_t": 121,
  "size_x": 64,
  "size_y": 64,
  "size_z": 44,
  "snr": 5.681127104397471,
  "spacing_tr": 2.450000047683716,
  "spacing_x": 2.96875,
  "spacing_y": 2.96875,
  "spacing_z": 3.0,
  "summary_bg_k": 47.377808003695705,
  "summary_bg_mad": 6.5062955225752015,
  "summary_bg_mean": 44.92802047729492,
  "summary_bg_median": 29.55371856689453,
  "summary_bg_n": 103309.0,
  "summary_bg_p05": 23.735536575317383,
  "summary_bg_p95": 116.39338531494134,
  "summary_bg_stdv": 51.372291564941406,
  "summary_fg_k": 1.2890008319548398,
  "summary_fg_mad": 94.739494340006,
  "summary_fg_mean": 623.0662231445312,
  "summary_fg_median": 615.0,
  "summary_fg_n": 39397.0,
  "summary_fg_p05": 462.0165100097656,
  "summary_fg_p95": 814.6710449218749,
  "summary_fg_stdv": 108.25179290771484,
  "tsnr": 27.999250123742968
}