{
  "aor": 0.0028884710743801653,
  "aqi": 0.03210013016528926,
  "bids_meta": {
    "AcquisitionMatrixPE": 64,
    "AcquisitionNumber": 1,
    "AcquisitionTime": "11:30:0.952500",
    "BandwidthPerPixelPhaseEncode": 60.096,
    "BodyPartExamined": "BRAIN",
    "CogAtlasID": "https://cognitiveatlas.org/task/id/trm_4c898f8f297ac/",
    "CoilString": "HeadNeck_MRPET",
    "ConversionSoftware": "dcm2niix",
    "ConversionSoftwareVersion": "v1.0.20190410  GCC6.3.0",
    "DerivedVendorReportedEchoSpacing": 0.000520001,
    "DeviceSerialNumber": "51066",
    "EchoTime": 0.03,
    "EchoTrainLength": 31,
    "EffectiveEchoSpacing": 0.000260001,
    "FlipAngle": 90,
    "ImageOrientationPatientDICOM": [
      0.999846,
      0.00398166,
      0.0171008,
      9.46327e-09,
      0.973948,
      -0.22677
    ],
    "ImageType": [
      "ORIGINAL",
      "PRIMARY",
      "M",
      "ND",
      "MOSAIC"
    ],
    "ImagingFrequency": 123.24,
    "InPlanePhaseEncodingDirectionDICOM": "COL",
    "InstitutionAddress": "Blackburn_Road_770_Clayton_Victoria_AU_3168",
    "InstitutionName": "MONASH_BIOMEDICAL_IMAGING",
    "MRAcquisitionType": "2D",
    "MagneticFieldStrength": 3,
    "Manufacturer": "Siemens",
    "ManufacturersModelName": "Biograph_mMR",
    "Modality": "MR",
    "ParallelReductionFactorInPlane": 2,
    "PartialFourier": 0.96875,
    "PatientPosition": "HFS",
    "PercentPhaseFOV": 100,
    "PhaseEncodingDirection": "j-",
    "PixelBandwidth": 2300,
    "ProcedureStepDescription": "MR-PET_Scan",
    "ProtocolName": "Head_Full_checker_ep2D_task_bold",
    "ReceiveCoilActiveElements": "HEA;HEP;NEP",
    "ReconMatrixPE": 64,
    "RepetitionTime": 2.45,
    "ScanOptions": "FS",
    "ScanningSequence": "EP",
    "SequenceVariant": "SK",
    "SeriesDescription": "Head_Full_checker_ep2D_task_bold",
    "SeriesNumber": 25,
    "SliceThickness": 3,
    "SliceTiming": [
      0.001215,
      0.001215,
      0.001215,
      0.001215,
      0.001215,
      0.001215,
      0.001215,
      0.001215,
      0.001215,
      0.001215,
      0.001215,
      0.001215,
      0.001215,
      0.001215,
      0.001215,
      0.001215,
      0.001215,
      0.001215,
      0.001215,
      0.001215,
      0.001215,
      0.001215,
      0.001215,
      0.001215,
      0.001215,
      0.001215,
      0.001215,
      0.001215,
      0.001215,
      0.001215,
      0.001215,
      0.001215,
      0.001215,
      0.001215,
      0.001215,
      0.001215,
      0.001215,
      0.001215,
      0.001215,
      0.001215,
      0.001215,
      0.001215,
      0.001215,
      0.001215
    ],
    "SoftwareVersions": "syngo_MR_E11",
    "SpacingBetweenSlices": 3,
    "StationName": "MRC51066",
    "TaskName": "fullchecker",
    "TotalReadoutTime": 0.01638,
    "dataset": "ds003382",
    "modality": "bold",
    "run_id": 2,
    "subject_id": "12",
    "task_id": "fullchecker"
  },
  "dummy_trs": 0,
  "dvars_nstd": 50.83416708477182,
  "dvars_std": 1.027543209502075,
  "dvars_vstd": 0.9955128376348544,
  "efc": 0.5778223799637361,
  "fber": 428.4747619628906,
  "fd_mean": 0.6222458715672338,
  "fd_num": 174,
  "fd_perc": 71.90082644628099,
  "fwhm_avg": 2.1687039883040935,
  "fwhm_x": 2.0400235789473684,
  "fwhm_y": 2.231525052631579,
  "fwhm_z": 2.2345633333333335,
  "gcor": 0.0572071,
  "gsr_x": 0.004919692408293486,
  "gsr_y": 0.029910454526543617,
  "provenance": {
    "md5sum": "74fe0c3bcfa2616d0b801c2acc03059f",
    "settings": {
      "fd_thres": 0.2,
      "testing": false
    },
    "software": "mriqc",
    "version": "23.0.1",
    "webapi_port": null,
    "webapi_url": "https://mriqc.nimh.nih.gov/api/v1"
  },
  "size_t": 242,
  "size_x": 64,
  "size_y": 64,
  "size_z": 44,
  "snr": 5.688318004599031,
  "spacing_tr": 2.450000047683716,
  "spacing_x": 2.96875,
  "spacing_y": 2.96875,
  "spacing_z": 3.0,
  "summary_bg_k": 39.759869794066525,
  "summary_bg_mad": 6.824871416225611,
  "summary_bg_mean": 44.15300369262695,
  "summary_bg_median": 29.54132080078125,
  "summary_bg_n": 103232.0,
  "summary_bg_p05": 23.549585342407227,
  "summary_bg_p95": 113.02127799987784,
  "summary_bg_stdv": 46.69922637939453,
  "summary_fg_k": 1.2735261059575258,
  "summary_fg_mad": 93.63677274364925,
  "summary_fg_mean": 618.9066162109375,
  "summary_fg_median": 610.5908813476562,
  "summary_fg_n": 39129.0,
  "summary_fg_p05": 460.76527099609376,
  "summary_fg_p95": 810.2892456054688,
  "summary_fg_stdv": 107.33982849121094,
  "tsnr": 25.689633386442438
}