{
  "aor": 0.0009090909090909091,
  "aqi": 0.016053985123966944,
  "bids_meta": {
    "AcquisitionMatrixPE": 64,
    "AcquisitionNumber": 1,
    "AcquisitionTime": "11:04:29.282500",
    "BandwidthPerPixelPhaseEncode": 56.818,
    "CogAtlasID": "https://cognitiveatlas.org/task/id/trm_4c898f8f297ac/",
    "CoilString": "NN",
    "ConversionSoftware": "dcm2niix",
    "ConversionSoftwareVersion": "v1.0.20190410  GCC6.3.0",
    "DerivedVendorReportedEchoSpacing": 0.000550002,
    "DeviceSerialNumber": "51066",
    "EchoTime": 0.03,
    "EffectiveEchoSpacing": 0.000275001,
    "FlipAngle": 90,
    "ImageOrientationPatientDICOM": [
      0.999657,
      0,
      0.0261769,
      0,
      1,
      0
    ],
    "ImageType": [
      "ORIGINAL",
      "PRIMARY",
      "M",
      "ND",
      "NORM",
      "MOSAIC"
    ],
    "ImagingFrequency": 123.24,
    "InPlanePhaseEncodingDirectionDICOM": "COL",
    "InstitutionAddress": "Blackburn_Road_770_Clayton_Victoria_AU_3168",
    "InstitutionName": "Monash_Biomedical_Imaging",
    "MRAcquisitionType": "2D",
    "MagneticFieldStrength": 3,
    "Manufacturer": "Siemens",
    "ManufacturersModelName": "Biograph_mMR",
    "Modality": "MR",
    "ParallelReductionFactorInPlane": 2,
    "PatientPosition": "HFS",
    "PercentPhaseFOV": 100,
    "PhaseEncodingDirection": "j-",
    "PixelBandwidth": 2367,
    "ProcedureStepDescription": "MR-PET_Scan",
    "ProtocolName": "Half_checker_ep2d_task_bold",
    "ReceiveCoilActiveElements": "T:HEA;HEP",
    "ReconMatrixPE": 64,
    "RepetitionTime": 2.45,
    "ScanOptions": "FS",
    "ScanningSequence": "EP",
    "SequenceVariant": "SK",
    "SeriesDescription": "Half_checker_ep2d_task_bold",
    "SeriesNumber": 25,
    "SliceThickness": 3,
    "SliceTiming": [
      0.00123,
      0.00123,
      0.00123,
      0.00123,
      0.00123,
      0.00123,
      0.00123,
      0.00123,
      0.00123,
      0.00123,
      0.00123,
      0.00123,
      0.00123,
      0.00123,
      0.00123,
      0.00123,
      0.00123,
      0.00123,
      0.00123,
      0.00123,
      0.00123,
      0.00123,
      0.00123,
      0.00123,
      0.00123,
      0.00123,
      0.00123,
      0.00123,
      0.00123,
      0.00123,
      0.00123,
      0.00123,
      0.00123,
      0.00123,
      0.00123,
      0.00123,
      0.00123,
      0.00123,
      0.00123,
      0.00123,
      0.00123,
      0.00123,
      0.00123,
      0.00123
    ],
    "SoftwareVersions": "syngo_MR_B20P",
    "SpacingBetweenSlices": 3,
    "StationName": "MRC51066",
    "TaskName": "halfchecker",
    "TotalReadoutTime": 0.0173251,
    "dataset": "ds003382",
    "modality": "bold",
    "run_id": 1,
    "subject_id": "05",
    "task_id": "halfchecker"
  },
  "dummy_trs": 0,
  "dvars_nstd": 34.42221608150002,
  "dvars_std": 1.1286201176666668,
  "dvars_vstd": 0.9973212960833333,
  "efc": 0.564865667252152,
  "fber": 1057.389404296875,
  "fd_mean": 0.10131911241475204,
  "fd_num": 7,
  "fd_perc": 5.785123966942149,
  "fwhm_avg": 1.6710971461988304,
  "fwhm_x": 1.5409246315789475,
  "fwhm_y": 1.8150534736842105,
  "fwhm_z": 1.6573133333333334,
  "gcor": 0.0136998,
  "gsr_x": 0.00041378088644705713,
  "gsr_y": 0.022445695474743843,
  "provenance": {
    "md5sum": "9caf2200f06b0a52ee24214e92c37113",
    "settings": {
      "fd_thres": 0.2,
      "testing": false
    },
    "software": "mriqc",
    "version": "23.0.1",
    "webapi_port": null,
    "webapi_url": "https://mriqc.nimh.nih.gov/api/v1"
  },
  "size_t": 121,
  "size_x": 64,
  "size_y": 64,
  "size_z": 44,
  "snr": 6.697643720524522,
  "spacing_tr": 2.450000047683716,
  "spacing_x": 2.96875,
  "spacing_y": 2.96875,
  "spacing_z": 3.0,
  "summary_bg_k": 24.322477141912138,
  "summary_bg_mad": 11.150147794246369,
  "summary_bg_mean": 38.68886184692383,
  "summary_bg_median": 22.27272605895996,
  "summary_bg_n": 100562.0,
  "summary_bg_p05": 11.446280479431152,
  "summary_bg_p95": 120.61858787536615,
  "summary_bg_stdv": 52.966495513916016,
  "summary_fg_k": 1.4182450150663568,
  "summary_fg_mad": 106.91277702094266,
  "summary_fg_mean": 735.8934326171875,
  "summary_fg_median": 726.8388061523438,
  "summary_fg_n": 41084.0,
  "summary_fg_p05": 584.3380004882813,
  "summary_fg_p95": 914.6668914794922,
  "summary_fg_stdv": 108.52024841308594,
  "tsnr": 43.95609995117411
}