{
  "aor": 0.00026322381930184803,
  "aqi": 0.01659292094455852,
  "bids_meta": {
    "AcquisitionMatrixPE": 64,
    "AcquisitionNumber": 1,
    "AcquisitionTime": "11:21:9.545000",
    "BandwidthPerPixelPhaseEncode": 56.818,
    "CogAtlasID": "https://cognitiveatlas.org/task/id/trm_54e69c642d89b/",
    "CoilString": "NN",
    "ConversionSoftware": "dcm2niix",
    "ConversionSoftwareVersion": "v1.0.20190410  GCC6.3.0",
    "DerivedVendorReportedEchoSpacing": 0.000550002,
    "DeviceSerialNumber": "51066",
    "EchoTime": 0.03,
    "EffectiveEchoSpacing": 0.000275001,
    "FlipAngle": 90,
    "ImageOrientationPatientDICOM": [
      0.999657,
      0,
      0.0261769,
      0,
      1,
      0
    ],
    "ImageType": [
      "ORIGINAL",
      "PRIMARY",
      "M",
      "ND",
      "NORM",
      "MOSAIC"
    ],
    "ImagingFrequency": 123.24,
    "InPlanePhaseEncodingDirectionDICOM": "COL",
    "InstitutionAddress": "Blackburn_Road_770_Clayton_Victoria_AU_3168",
    "InstitutionName": "Monash_Biomedical_Imaging",
    "MRAcquisitionType": "2D",
    "MagneticFieldStrength": 3,
    "Manufacturer": "Siemens",
    "ManufacturersModelName": "Biograph_mMR",
    "Modality": "MR",
    "ParallelReductionFactorInPlane": 2,
    "PatientPosition": "HFS",
    "PercentPhaseFOV": 100,
    "PhaseEncodingDirection": "j-",
    "PixelBandwidth": 2367,
    "ProcedureStepDescription": "MR-PET_Scan",
    "ProtocolName": "Rest_ep2d_task_bold",
    "ReceiveCoilActiveElements": "T:HEA;HEP",
    "ReconMatrixPE": 64,
    "RepetitionTime": 2.45,
    "ScanOptions": "FS",
    "ScanningSequence": "EP",
    "SequenceVariant": "SK",
    "SeriesDescription": "Rest_ep2d_task_bold",
    "SeriesNumber": 28,
    "SliceThickness": 3,
    "SliceTiming": [
      0.00123,
      0.00123,
      0.00123,
      0.00123,
      0.00123,
      0.00123,
      0.00123,
      0.00123,
      0.00123,
      0.00123,
      0.00123,
      0.00123,
      0.00123,
      0.00123,
      0.00123,
      0.00123,
      0.00123,
      0.00123,
      0.00123,
      0.00123,
      0.00123,
      0.00123,
      0.00123,
      0.00123,
      0.00123,
      0.00123,
      0.00123,
      0.00123,
      0.00123,
      0.00123,
      0.00123,
      0.00123,
      0.00123,
      0.00123,
      0.00123,
      0.00123,
      0.00123,
      0.00123,
      0.00123,
      0.00123,
      0.00123,
      0.00123,
      0.00123,
      0.00123
    ],
    "SoftwareVersions": "syngo_MR_B20P",
    "SpacingBetweenSlices": 3,
    "StationName": "MRC51066",
    "TaskName": "rest",
    "TotalReadoutTime": 0.0173251,
    "dataset": "ds003382",
    "modality": "bold",
    "run_id": 3,
    "subject_id": "05",
    "task_id": "rest"
  },
  "dummy_trs": 0,
  "dvars_nstd": 34.884979868271614,
  "dvars_std": 1.1160995976954728,
  "dvars_vstd": 0.9892782884567907,
  "efc": 0.5641408892993502,
  "fber": 1064.3646240234375,
  "fd_mean": 0.1281914478042304,
  "fd_num": 53,
  "fd_perc": 10.882956878850102,
  "fwhm_avg": 1.6707041286549709,
  "fwhm_x": 1.5500261052631579,
  "fwhm_y": 1.8054029473684212,
  "fwhm_z": 1.6566833333333333,
  "gcor": 0.0232773,
  "gsr_x": 2.3800883354851976e-05,
  "gsr_y": 0.029371211305260658,
  "provenance": {
    "md5sum": "bf663cfdcbd1c5cf2f556b8fbc05725c",
    "settings": {
      "fd_thres": 0.2,
      "testing": false
    },
    "software": "mriqc",
    "version": "23.0.1",
    "webapi_port": null,
    "webapi_url": "https://mriqc.nimh.nih.gov/api/v1"
  },
  "size_t": 487,
  "size_x": 64,
  "size_y": 64,
  "size_z": 44,
  "snr": 6.714610601379435,
  "spacing_tr": 2.450000047683716,
  "spacing_x": 2.96875,
  "spacing_y": 2.96875,
  "spacing_z": 3.0,
  "summary_bg_k": 49.09381640603461,
  "summary_bg_mad": 11.011440861951888,
  "summary_bg_mean": 38.767234802246094,
  "summary_bg_median": 22.15195083618164,
  "summary_bg_n": 100528.0,
  "summary_bg_p05": 11.524332904815674,
  "summary_bg_p95": 117.99651107788084,
  "summary_bg_stdv": 57.10295104980469,
  "summary_fg_k": 1.2563434268974722,
  "summary_fg_mad": 107.35468912629374,
  "summary_fg_mean": 740.141357421875,
  "summary_fg_median": 730.545166015625,
  "summary_fg_n": 41122.0,
  "summary_fg_p05": 588.7088470458984,
  "summary_fg_p95": 922.1359527587889,
  "summary_fg_stdv": 108.79801177978516,
  "tsnr": 43.189306480810046
}