{
  "aor": 0.00046367768595041324,
  "aqi": 0.017863128512396693,
  "bids_meta": {
    "AcquisitionMatrixPE": 64,
    "AcquisitionNumber": 1,
    "AcquisitionTime": "10:38:14.220000",
    "BandwidthPerPixelPhaseEncode": 56.818,
    "CogAtlasID": "https://cognitiveatlas.org/task/id/trm_4c898f8f297ac/",
    "CoilString": "NN",
    "ConversionSoftware": "dcm2niix",
    "ConversionSoftwareVersion": "v1.0.20190410  GCC6.3.0",
    "DerivedVendorReportedEchoSpacing": 0.000550002,
    "DeviceSerialNumber": "51066",
    "EchoTime": 0.03,
    "EffectiveEchoSpacing": 0.000275001,
    "FlipAngle": 90,
    "ImageOrientationPatientDICOM": [
      0.999657,
      -2.05103e-10,
      0.0261769,
      2.05033e-10,
      1,
      5.369e-12
    ],
    "ImageType": [
      "ORIGINAL",
      "PRIMARY",
      "M",
      "ND",
      "NORM",
      "MOSAIC"
    ],
    "ImagingFrequency": 123.24,
    "InPlanePhaseEncodingDirectionDICOM": "ROW",
    "InstitutionAddress": "Blackburn_Road_770_Clayton_Victoria_AU_3168",
    "InstitutionName": "Monash_Biomedical_Imaging",
    "MRAcquisitionType": "2D",
    "MagneticFieldStrength": 3,
    "Manufacturer": "Siemens",
    "ManufacturersModelName": "Biograph_mMR",
    "Modality": "MR",
    "ParallelReductionFactorInPlane": 2,
    "PatientPosition": "HFS",
    "PercentPhaseFOV": 100,
    "PhaseEncodingDirection": "i",
    "PixelBandwidth": 2367,
    "ProcedureStepDescription": "MR-PET_Scan",
    "ProtocolName": "Full_checker_ep2d_task_bold",
    "ReceiveCoilActiveElements": "T:HEA;HEP",
    "ReconMatrixPE": 64,
    "RepetitionTime": 2.45,
    "ScanOptions": "FS",
    "ScanningSequence": "EP",
    "SequenceVariant": "SK",
    "SeriesDescription": "Full_checker_ep2d_task_bold",
    "SeriesNumber": 23,
    "SliceThickness": 3,
    "SliceTiming": [
      0.00123,
      0.00123,
      0.00123,
      0.00123,
      0.00123,
      0.00123,
      0.00123,
      0.00123,
      0.00123,
      0.00123,
      0.00123,
      0.00123,
      0.00123,
      0.00123,
      0.00123,
      0.00123,
      0.00123,
      0.00123,
      0.00123,
      0.00123,
      0.00123,
      0.00123,
      0.00123,
      0.00123,
      0.00123,
      0.00123,
      0.00123,
      0.00123,
      0.00123,
      0.00123,
      0.00123,
      0.00123,
      0.00123,
      0.00123,
      0.00123,
      0.00123,
      0.00123,
      0.00123,
      0.00123,
      0.00123,
      0.00123,
      0.00123,
      0.00123,
      0.00123
    ],
    "SoftwareVersions": "syngo_MR_B20P",
    "SpacingBetweenSlices": 3,
    "StationName": "MRC51066",
    "TaskName": "fullchecker",
    "TotalReadoutTime": 0.0173251,
    "dataset": "ds003382",
    "modality": "bold",
    "run_id": 1,
    "subject_id": "05",
    "task_id": "fullchecker"
  },
  "dummy_trs": 0,
  "dvars_nstd": 35.69767102751039,
  "dvars_std": 1.0988531735684652,
  "dvars_vstd": 0.9934675059336101,
  "efc": 0.5687016396284974,
  "fber": 921.5945434570312,
  "fd_mean": 0.09902676114666253,
  "fd_num": 10,
  "fd_perc": 4.132231404958677,
  "fwhm_avg": 1.6685015204678362,
  "fwhm_x": 1.6115132631578948,
  "fwhm_y": 1.7438046315789473,
  "fwhm_z": 1.6501866666666667,
  "gcor": 0.0385294,
  "gsr_x": 0.008859063498675823,
  "gsr_y": 0.016600510105490685,
  "provenance": {
    "md5sum": "4560cc6372fd8a1520c360b251746b8e",
    "settings": {
      "fd_thres": 0.2,
      "testing": false
    },
    "software": "mriqc",
    "version": "23.0.1",
    "webapi_port": null,
    "webapi_url": "https://mriqc.nimh.nih.gov/api/v1"
  },
  "size_t": 242,
  "size_x": 64,
  "size_y": 64,
  "size_z": 44,
  "snr": 6.821789708699491,
  "spacing_tr": 2.450000047683716,
  "spacing_x": 2.96875,
  "spacing_y": 2.96875,
  "spacing_z": 3.0,
  "summary_bg_k": 24.695761877656224,
  "summary_bg_mad": 13.159625964226004,
  "summary_bg_mean": 39.687442779541016,
  "summary_bg_median": 24.185949325561523,
  "summary_bg_n": 100015.0,
  "summary_bg_p05": 12.061983108520508,
  "summary_bg_p95": 116.01610946655259,
  "summary_bg_stdv": 49.960697174072266,
  "summary_fg_k": 1.2044299689066236,
  "summary_fg_mad": 105.05653804949458,
  "summary_fg_mean": 735.391845703125,
  "summary_fg_median": 728.4586181640625,
  "summary_fg_n": 41539.0,
  "summary_fg_p05": 581.2549255371093,
  "summary_fg_p95": 910.5296997070312,
  "summary_fg_stdv": 106.78280639648438,
  "tsnr": 40.334163010062184
}