{
  "aor": 0.00109801652892562,
  "aqi": 0.01199169256198347,
  "bids_meta": {
    "AcquisitionMatrixPE": 64,
    "AcquisitionNumber": 1,
    "AcquisitionTime": "11:15:34.020000",
    "BandwidthPerPixelPhaseEncode": 56.818,
    "CogAtlasID": "https://cognitiveatlas.org/task/id/trm_4c898f8f297ac/",
    "CoilString": "NN",
    "ConversionSoftware": "dcm2niix",
    "ConversionSoftwareVersion": "v1.0.20190410  GCC6.3.0",
    "DerivedVendorReportedEchoSpacing": 0.000550002,
    "DeviceSerialNumber": "51066",
    "EchoTime": 0.03,
    "EffectiveEchoSpacing": 0.000275001,
    "FlipAngle": 90,
    "ImageOrientationPatientDICOM": [
      0.999657,
      0,
      0.0261769,
      0,
      1,
      0
    ],
    "ImageType": [
      "ORIGINAL",
      "PRIMARY",
      "M",
      "ND",
      "NORM",
      "MOSAIC"
    ],
    "ImagingFrequency": 123.24,
    "InPlanePhaseEncodingDirectionDICOM": "COL",
    "InstitutionAddress": "Blackburn_Road_770_Clayton_Victoria_AU_3168",
    "InstitutionName": "Monash_Biomedical_Imaging",
    "MRAcquisitionType": "2D",
    "MagneticFieldStrength": 3,
    "Manufacturer": "Siemens",
    "ManufacturersModelName": "Biograph_mMR",
    "Modality": "MR",
    "ParallelReductionFactorInPlane": 2,
    "PatientPosition": "HFS",
    "PercentPhaseFOV": 100,
    "PhaseEncodingDirection": "j-",
    "PixelBandwidth": 2367,
    "ProcedureStepDescription": "MR-PET_Scan",
    "ProtocolName": "Half_checker_ep2d_task_bold",
    "ReceiveCoilActiveElements": "T:HEA;HEP",
    "ReconMatrixPE": 64,
    "RepetitionTime": 2.45,
    "ScanOptions": "FS",
    "ScanningSequence": "EP",
    "SequenceVariant": "SK",
    "SeriesDescription": "Half_checker_ep2d_task_bold",
    "SeriesNumber": 27,
    "SliceThickness": 3,
    "SliceTiming": [
      0.00123,
      0.00123,
      0.00123,
      0.00123,
      0.00123,
      0.00123,
      0.00123,
      0.00123,
      0.00123,
      0.00123,
      0.00123,
      0.00123,
      0.00123,
      0.00123,
      0.00123,
      0.00123,
      0.00123,
      0.00123,
      0.00123,
      0.00123,
      0.00123,
      0.00123,
      0.00123,
      0.00123,
      0.00123,
      0.00123,
      0.00123,
      0.00123,
      0.00123,
      0.00123,
      0.00123,
      0.00123,
      0.00123,
      0.00123,
      0.00123,
      0.00123,
      0.00123,
      0.00123,
      0.00123,
      0.00123,
      0.00123,
      0.00123,
      0.00123,
      0.00123
    ],
    "SoftwareVersions": "syngo_MR_B20P",
    "SpacingBetweenSlices": 3,
    "StationName": "MRC51066",
    "TaskName": "halfchecker",
    "TotalReadoutTime": 0.0173251,
    "dataset": "ds003382",
    "modality": "bold",
    "run_id": 2,
    "subject_id": "05",
    "task_id": "halfchecker"
  },
  "dummy_trs": 0,
  "dvars_nstd": 34.705796019166684,
  "dvars_std": 1.15582079075,
  "dvars_vstd": 1.0156519753333335,
  "efc": 0.5640852906759055,
  "fber": 1051.67578125,
  "fd_mean": 0.09078612032105278,
  "fd_num": 5,
  "fd_perc": 4.132231404958677,
  "fwhm_avg": 1.667891426900585,
  "fwhm_x": 1.5387654736842105,
  "fwhm_y": 1.7995654736842106,
  "fwhm_z": 1.6653433333333334,
  "gcor": 0.0138437,
  "gsr_x": 0.0012150785187259316,
  "gsr_y": 0.023949971422553062,
  "provenance": {
    "md5sum": "5565a12e7e176a159a4b28130961a66c",
    "settings": {
      "fd_thres": 0.2,
      "testing": false
    },
    "software": "mriqc",
    "version": "23.0.1",
    "webapi_port": null,
    "webapi_url": "https://mriqc.nimh.nih.gov/api/v1"
  },
  "size_t": 121,
  "size_x": 64,
  "size_y": 64,
  "size_z": 44,
  "snr": 6.6951799046812575,
  "spacing_tr": 2.450000047683716,
  "spacing_x": 2.96875,
  "spacing_y": 2.96875,
  "spacing_z": 3.0,
  "summary_bg_k": 25.04465020850541,
  "summary_bg_mad": 10.966353791921955,
  "summary_bg_mean": 38.24653244018555,
  "summary_bg_median": 22.256196975708008,
  "summary_bg_n": 100689.0,
  "summary_bg_p05": 11.694214820861816,
  "summary_bg_p95": 118.68263854980462,
  "summary_bg_stdv": 52.220367431640625,
  "summary_fg_k": 1.430946819223223,
  "summary_fg_mad": 107.48250746330785,
  "summary_fg_mean": 737.5103149414062,
  "summary_fg_median": 728.5826416015625,
  "summary_fg_n": 41044.0,
  "summary_fg_p05": 586.0012359619141,
  "summary_fg_p95": 917.1722778320312,
  "summary_fg_stdv": 108.82064056396484,
  "tsnr": 47.73599219752941
}