{
  "aor": 0.000587016806722689,
  "aqi": 0.012491927647058823,
  "bids_meta": {
    "AcquisitionMatrixPE": 64,
    "AcquisitionNumber": 1,
    "AcquisitionTime": "11:41:42.037500",
    "BandwidthPerPixelPhaseEncode": 56.818,
    "CogAtlasID": "https://cognitiveatlas.org/task/id/trm_4c898f8f297ac/",
    "CoilString": "NN",
    "ConversionSoftware": "dcm2niix",
    "ConversionSoftwareVersion": "v1.0.20190410  GCC6.3.0",
    "DerivedVendorReportedEchoSpacing": 0.000550002,
    "DeviceSerialNumber": "51066",
    "EchoTime": 0.03,
    "EffectiveEchoSpacing": 0.000275001,
    "FlipAngle": 90,
    "ImageOrientationPatientDICOM": [
      0.999657,
      0,
      0.0261769,
      0,
      1,
      0
    ],
    "ImageType": [
      "ORIGINAL",
      "PRIMARY",
      "M",
      "ND",
      "NORM",
      "MOSAIC"
    ],
    "ImagingFrequency": 123.24,
    "InPlanePhaseEncodingDirectionDICOM": "COL",
    "InstitutionAddress": "Blackburn_Road_770_Clayton_Victoria_AU_3168",
    "InstitutionName": "Monash_Biomedical_Imaging",
    "MRAcquisitionType": "2D",
    "MagneticFieldStrength": 3,
    "Manufacturer": "Siemens",
    "ManufacturersModelName": "Biograph_mMR",
    "Modality": "MR",
    "ParallelReductionFactorInPlane": 2,
    "PatientPosition": "HFS",
    "PercentPhaseFOV": 100,
    "PhaseEncodingDirection": "j-",
    "PixelBandwidth": 2367,
    "ProcedureStepDescription": "MR-PET_Scan",
    "ProtocolName": "Full_checker_ep2d_task_bold",
    "ReceiveCoilActiveElements": "T:HEA;HEP",
    "ReconMatrixPE": 64,
    "RepetitionTime": 2.45,
    "ScanOptions": "FS",
    "ScanningSequence": "EP",
    "SequenceVariant": "SK",
    "SeriesDescription": "Full_checker_ep2d_task_bold",
    "SeriesNumber": 29,
    "SliceThickness": 3,
    "SliceTiming": [
      0.00123,
      0.00123,
      0.00123,
      0.00123,
      0.00123,
      0.00123,
      0.00123,
      0.00123,
      0.00123,
      0.00123,
      0.00123,
      0.00123,
      0.00123,
      0.00123,
      0.00123,
      0.00123,
      0.00123,
      0.00123,
      0.00123,
      0.00123,
      0.00123,
      0.00123,
      0.00123,
      0.00123,
      0.00123,
      0.00123,
      0.00123,
      0.00123,
      0.00123,
      0.00123,
      0.00123,
      0.00123,
      0.00123,
      0.00123,
      0.00123,
      0.00123,
      0.00123,
      0.00123,
      0.00123,
      0.00123,
      0.00123,
      0.00123,
      0.00123,
      0.00123
    ],
    "SoftwareVersions": "syngo_MR_B20P",
    "SpacingBetweenSlices": 3,
    "StationName": "MRC51066",
    "TaskName": "fullchecker",
    "TotalReadoutTime": 0.0173251,
    "dataset": "ds003382",
    "modality": "bold",
    "run_id": 2,
    "subject_id": "05",
    "task_id": "fullchecker"
  },
  "dummy_trs": 0,
  "dvars_nstd": 34.68241113734179,
  "dvars_std": 1.144871739873417,
  "dvars_vstd": 1.014047120253165,
  "efc": 0.5633645519393369,
  "fber": 1064.3411865234375,
  "fd_mean": 0.12566432003406136,
  "fd_num": 30,
  "fd_perc": 12.605042016806722,
  "fwhm_avg": 1.668934245614035,
  "fwhm_x": 1.5394223157894735,
  "fwhm_y": 1.7971604210526317,
  "fwhm_z": 1.6702199999999998,
  "gcor": 0.0223641,
  "gsr_x": 0.0008847098215483129,
  "gsr_y": 0.024485910311341286,
  "provenance": {
    "md5sum": "c9cdabc3007790074320cfc15223ca47",
    "settings": {
      "fd_thres": 0.2,
      "testing": false
    },
    "software": "mriqc",
    "version": "23.0.1",
    "webapi_port": null,
    "webapi_url": "https://mriqc.nimh.nih.gov/api/v1"
  },
  "size_t": 238,
  "size_x": 64,
  "size_y": 64,
  "size_z": 44,
  "snr": 6.67993771120754,
  "spacing_tr": 2.450000047683716,
  "spacing_x": 2.96875,
  "spacing_y": 2.96875,
  "spacing_z": 3.0,
  "summary_bg_k": 25.36643407684366,
  "summary_bg_mad": 10.895257669797171,
  "summary_bg_mean": 37.68001174926758,
  "summary_bg_median": 22.100841522216797,
  "summary_bg_n": 100683.0,
  "summary_bg_p05": 11.575631141662598,
  "summary_bg_p95": 116.756311035156,
  "summary_bg_stdv": 50.438377380371094,
  "summary_fg_k": 1.3721528368842826,
  "summary_fg_mad": 108.16146037135519,
  "summary_fg_mean": 736.9500732421875,
  "summary_fg_median": 727.836181640625,
  "summary_fg_n": 40989.0,
  "summary_fg_p05": 585.2227172851562,
  "summary_fg_p95": 916.9504638671873,
  "summary_fg_stdv": 108.95719909667969,
  "tsnr": 47.103722556494176
}